NUGET
  remote: https://www.nuget.org/api/v2
  specs:
    FAKE (4.23.6)
    FSharp.Charting (0.90.5) - framework: >= net45
    FSharp.Compiler.Service (3.0) - framework: >= net451
    FSharp.Core.Microsoft.Signed (3.1.1.1) - framework: >= net45
    NetMQ (3.3.0.11)
    Newtonsoft.Json (5.0.8) - framework: >= net45
    xunit (2.1) - framework: >= net451
      xunit.assert (2.1)
      xunit.core (2.1)
    xunit.abstractions (2.0) - framework: >= net451
    xunit.assert (2.1) - framework: >= net451
    xunit.core (2.1) - framework: >= net451
      xunit.extensibility.core (2.1) - framework: >= net45, dnx451, dnxcore50, monoandroid, monotouch, portable-net45+win80+wp80+wpa81, xamarinios, winv4.5, wpv8.0, wpav8.1
      xunit.extensibility.execution (2.1) - framework: >= net45, dnx451, dnxcore50, monoandroid, monotouch, portable-net45+win80+wp80+wpa81, xamarinios, winv4.5, wpv8.0, wpav8.1
    xunit.extensibility.core (2.1) - framework: >= net451
      xunit.abstractions (2.0)
    xunit.extensibility.execution (2.1) - framework: >= net451
      xunit.extensibility.core (2.1) - framework: >= net45, dnx451, dnxcore50, monoandroid, monotouch, xamarinios, winv4.5, wpv8.0, wpav8.1
    xunit.runner.console (2.1) - framework: >= net451
