RESTRICTION: || (== net472) (== netcoreapp2.1) (== netcoreapp2.2) (== netstandard1.3) (== netstandard2.0)
NUGET
  remote: https://api.nuget.org/v3/index.json
    Angara.Chart (0.3.1)
      Angara.Serialization (>= 0.3 < 0.4)
    Angara.Chart.CSharp (0.3.1)
      Angara.Chart (>= 0.3.1)
    Angara.Serialization (0.3)
    Angara.Serialization.Json (0.3)
      Angara.Serialization (>= 0.3)
      Newtonsoft.Json (>= 10.0.1)
    Angara.Statistics (0.1.4)
      Angara.Serialization
    AsyncIO (0.1.26)
      NETStandard.Library (>= 1.6) - restriction: || (&& (== net472) (< net35)) (== netcoreapp2.1) (== netcoreapp2.2) (== netstandard1.3) (== netstandard2.0)
      System.Net.NameResolution (>= 4.0) - restriction: || (&& (== net472) (< net35)) (== netcoreapp2.1) (== netcoreapp2.2) (== netstandard1.3) (== netstandard2.0)
    Chessie (0.6) - restriction: || (== net472) (== netcoreapp2.1) (== netcoreapp2.2) (&& (== netstandard1.3) (>= net45)) (&& (== netstandard1.3) (>= netstandard2.0)) (== netstandard2.0)
      FSharp.Core (>= 4.0.1.7-alpha) - restriction: || (== net472) (== netcoreapp2.1) (== netcoreapp2.2) (&& (== netstandard1.3) (>= netstandard1.6)) (== netstandard2.0)
      NETStandard.Library (>= 1.6) - restriction: || (== net472) (== netcoreapp2.1) (== netcoreapp2.2) (&& (== netstandard1.3) (>= netstandard1.6)) (== netstandard2.0)
    DotNetZip (1.13.3)
      System.Security.Permissions (>= 4.5 < 5.0) - restriction: || (== net472) (== netcoreapp2.1) (== netcoreapp2.2) (&& (== netstandard1.3) (>= netstandard2.0)) (== netstandard2.0)
      System.Text.Encoding.CodePages (>= 4.5 < 5.0) - restriction: || (== net472) (== netcoreapp2.1) (== netcoreapp2.2) (&& (== netstandard1.3) (>= netstandard2.0)) (== netstandard2.0)
      System.Text.Encoding.Extensions (>= 4.3 < 5.0) - restriction: || (== net472) (== netcoreapp2.1) (== netcoreapp2.2) (&& (== netstandard1.3) (>= netstandard2.0)) (== netstandard2.0)
    FAKE (5.8.4)
    FSharp.Compiler.Service (26.0.1)
      FSharp.Core (>= 4.5.2) - restriction: || (== net472) (== netcoreapp2.1) (== netcoreapp2.2) (&& (== netstandard1.3) (>= net45)) (&& (== netstandard1.3) (>= netstandard2.0)) (== netstandard2.0)
      System.Collections.Immutable (>= 1.5) - restriction: || (== net472) (== netcoreapp2.1) (== netcoreapp2.2) (&& (== netstandard1.3) (>= net45)) (&& (== netstandard1.3) (>= netstandard2.0)) (== netstandard2.0)
      System.Data.SqlClient (>= 4.3) - restriction: || (&& (== net472) (== netstandard1.3)) (&& (== net472) (< net45)) (== netcoreapp2.1) (== netcoreapp2.2) (&& (== netstandard1.3) (>= netstandard2.0)) (== netstandard2.0)
      System.Diagnostics.Process (>= 4.1) - restriction: || (&& (== net472) (== netstandard1.3)) (&& (== net472) (< net45)) (== netcoreapp2.1) (== netcoreapp2.2) (&& (== netstandard1.3) (>= netstandard2.0)) (== netstandard2.0)
      System.Diagnostics.TraceSource (>= 4.0) - restriction: || (&& (== net472) (== netstandard1.3)) (&& (== net472) (< net45)) (== netcoreapp2.1) (== netcoreapp2.2) (&& (== netstandard1.3) (>= netstandard2.0)) (== netstandard2.0)
      System.Reflection.Emit (>= 4.3) - restriction: || (&& (== net472) (== netstandard1.3)) (&& (== net472) (< net45)) (== netcoreapp2.1) (== netcoreapp2.2) (&& (== netstandard1.3) (>= netstandard2.0)) (== netstandard2.0)
      System.Reflection.Metadata (>= 1.6) - restriction: || (== net472) (== netcoreapp2.1) (== netcoreapp2.2) (&& (== netstandard1.3) (>= net45)) (&& (== netstandard1.3) (>= netstandard2.0)) (== netstandard2.0)
      System.Reflection.TypeExtensions (>= 4.3) - restriction: || (&& (== net472) (== netstandard1.3)) (&& (== net472) (< net45)) (== netcoreapp2.1) (== netcoreapp2.2) (&& (== netstandard1.3) (>= netstandard2.0)) (== netstandard2.0)
      System.Runtime.Loader (>= 4.0) - restriction: || (&& (== net472) (== netstandard1.3)) (&& (== net472) (< net45)) (== netcoreapp2.1) (== netcoreapp2.2) (&& (== netstandard1.3) (>= netstandard2.0)) (== netstandard2.0)
      System.Security.Cryptography.Algorithms (>= 4.3) - restriction: || (&& (== net472) (== netstandard1.3)) (&& (== net472) (< net45)) (== netcoreapp2.1) (== netcoreapp2.2) (&& (== netstandard1.3) (>= netstandard2.0)) (== netstandard2.0)
      System.ValueTuple (>= 4.4) - restriction: || (== net472) (&& (== netcoreapp2.1) (>= net45)) (&& (== netcoreapp2.2) (>= net45)) (&& (== netstandard1.3) (>= net45)) (&& (== netstandard2.0) (>= net45))
    FSharp.Compiler.Tools (10.2.1)
    FSharp.Core (4.6.2)
    Itis.Angara.Base (0.3.4)
      Angara.Chart (>= 0.3.1 < 0.4)
      Angara.Chart.CSharp (>= 0.3.1 < 0.4)
      Angara.Serialization (>= 0.3 < 0.4)
      Angara.Statistics (>= 0.1 < 1.0)
      FSharp.Core (>= 4.2.3)
      Itis.Angara.Html (>= 0.3.4)
      Itis.Angara.Reinstate (>= 0.3.4)
      Itis.Angara.Table (>= 0.3.4 < 0.4)
      System.Collections.Immutable (>= 1.1.36)
    Itis.Angara.Html (0.3.4)
      Angara.Serialization (>= 0.3 < 0.4)
      Angara.Serialization.Json (>= 0.3 < 0.4)
      DotNetZip (>= 1.11 < 2.0)
      FSharp.Core (>= 4.2.3)
      Itis.Angara.Reinstate (>= 0.3.4)
      Newtonsoft.Json (>= 10.0.1)
      Suave (>= 1.1.2)
    Itis.Angara.Reinstate (0.3.4)
      Angara.Serialization (>= 0.3 < 0.4)
      Angara.Serialization.Json (>= 0.3 < 0.4)
      FSharp.Core (>= 4.2.3)
      Newtonsoft.Json (>= 10.0.1)
    Itis.Angara.Table (0.3.4)
      Angara.Serialization (>= 0.3 < 0.4)
      Angara.Statistics (>= 0.1 < 1.0)
      System.Collections.Immutable (>= 1.1.36)
    Microsoft.CSharp (4.5) - restriction: || (&& (== net472) (< net20) (< netstandard1.3)) (&& (== net472) (< net20) (< netstandard2.0)) (&& (== netcoreapp2.1) (< netstandard1.3)) (&& (== netcoreapp2.1) (< netstandard2.0)) (&& (== netcoreapp2.2) (< netstandard1.3)) (&& (== netcoreapp2.2) (< netstandard2.0)) (== netstandard1.3) (&& (== netstandard2.0) (< netstandard1.3))
      NETStandard.Library (>= 1.6.1) - restriction: || (&& (== net472) (>= dnxcore50)) (&& (== net472) (< net45) (< netstandard1.3)) (&& (== net472) (< net45) (< netstandard2.0)) (&& (== netcoreapp2.1) (>= dnxcore50)) (&& (== netcoreapp2.1) (< netstandard1.3)) (&& (== netcoreapp2.1) (< netstandard2.0)) (&& (== netcoreapp2.2) (>= dnxcore50)) (&& (== netcoreapp2.2) (< netstandard1.3)) (&& (== netcoreapp2.2) (< netstandard2.0)) (== netstandard1.3) (&& (== netstandard2.0) (>= dnxcore50)) (&& (== netstandard2.0) (< netstandard1.3))
      System.Dynamic.Runtime (>= 4.3) - restriction: || (&& (== net472) (>= dnxcore50)) (&& (== net472) (< net45) (< netstandard1.3)) (&& (== net472) (< net45) (< netstandard2.0)) (&& (== netcoreapp2.1) (>= dnxcore50)) (&& (== netcoreapp2.1) (< netstandard1.3)) (&& (== netcoreapp2.1) (< netstandard2.0)) (&& (== netcoreapp2.2) (>= dnxcore50)) (&& (== netcoreapp2.2) (< netstandard1.3)) (&& (== netcoreapp2.2) (< netstandard2.0)) (== netstandard1.3) (&& (== netstandard2.0) (>= dnxcore50)) (&& (== netstandard2.0) (< netstandard1.3))
      System.Reflection.TypeExtensions (>= 4.4) - restriction: || (&& (== net472) (>= dnxcore50)) (&& (== net472) (< net45) (< netstandard2.0)) (&& (== netcoreapp2.1) (>= dnxcore50)) (&& (== netcoreapp2.1) (< netstandard2.0)) (&& (== netcoreapp2.2) (>= dnxcore50)) (&& (== netcoreapp2.2) (< netstandard2.0)) (== netstandard1.3) (&& (== netstandard2.0) (>= dnxcore50))
    Microsoft.NETCore.Platforms (2.2) - restriction: || (&& (== net472) (>= dnxcore50)) (&& (== net472) (< net20) (< netstandard1.2)) (&& (== net472) (< net20) (< netstandard1.3)) (&& (== net472) (< net20) (< netstandard1.4)) (&& (== net472) (< net20) (< netstandard1.5)) (&& (== net472) (< net20) (< netstandard1.6)) (&& (== net472) (< net20) (< netstandard2.0)) (&& (== net472) (< net35)) (&& (== net472) (< net45)) (&& (== net472) (>= netcoreapp2.0)) (&& (== net472) (< netstandard1.3) (>= uap10.0)) (&& (== net472) (< netstandard1.5) (>= uap10.0)) (&& (== net472) (>= uap10.1)) (== netcoreapp2.1) (== netcoreapp2.2) (== netstandard1.3) (== netstandard2.0)
    Microsoft.NETCore.Targets (2.1) - restriction: || (&& (== net472) (>= dnxcore50)) (&& (== net472) (< net20) (< netstandard1.2)) (&& (== net472) (< net20) (< netstandard1.3)) (&& (== net472) (< net20) (< netstandard1.4)) (&& (== net472) (< net20) (< netstandard1.5)) (&& (== net472) (< net20) (< netstandard1.6)) (&& (== net472) (< net20) (< netstandard2.0)) (&& (== net472) (< net45)) (&& (== net472) (< netstandard1.3) (>= uap10.0)) (&& (== net472) (< netstandard1.5) (>= uap10.0)) (== netcoreapp2.1) (== netcoreapp2.2) (== netstandard1.3) (== netstandard2.0)
    Microsoft.Win32.Primitives (4.3) - restriction: || (&& (== net472) (>= dnxcore50)) (&& (== net472) (< net20) (< netstandard1.3)) (&& (== net472) (< net20) (< netstandard1.4)) (&& (== net472) (< net20) (< netstandard1.5)) (&& (== net472) (< net20) (< netstandard1.6)) (&& (== net472) (< net20) (< netstandard2.0)) (&& (== net472) (< net35)) (&& (== net472) (< net45)) (&& (== net472) (< netstandard1.3) (>= uap10.0)) (&& (== net472) (< netstandard1.5) (>= uap10.0)) (== netcoreapp2.1) (== netcoreapp2.2) (== netstandard1.3) (== netstandard2.0)
      Microsoft.NETCore.Platforms (>= 1.1) - restriction: || (&& (== net472) (< net46)) (== netcoreapp2.1) (== netcoreapp2.2) (== netstandard1.3) (== netstandard2.0)
      Microsoft.NETCore.Targets (>= 1.1) - restriction: || (&& (== net472) (< net46)) (== netcoreapp2.1) (== netcoreapp2.2) (== netstandard1.3) (== netstandard2.0)
      System.Runtime (>= 4.3) - restriction: || (&& (== net472) (< net46)) (== netcoreapp2.1) (== netcoreapp2.2) (== netstandard1.3) (== netstandard2.0)
    Microsoft.Win32.Registry (4.5) - restriction: || (&& (== net472) (== netstandard1.3)) (&& (== net472) (< net45)) (&& (== net472) (>= netcoreapp2.0)) (== netcoreapp2.1) (== netcoreapp2.2) (&& (== netstandard1.3) (>= netcoreapp2.0)) (&& (== netstandard1.3) (>= netstandard2.0)) (== netstandard2.0)
      System.Buffers (>= 4.4) - restriction: || (&& (== net472) (== netcoreapp2.1)) (&& (== net472) (== netcoreapp2.2)) (&& (== net472) (== netstandard1.3)) (&& (== net472) (>= monoandroid) (< netstandard2.0)) (&& (== net472) (>= monotouch)) (&& (== net472) (< net46)) (&& (== net472) (>= xamarinios)) (&& (== net472) (>= xamarinmac)) (&& (== net472) (>= xamarintvos)) (&& (== net472) (>= xamarinwatchos)) (&& (== netcoreapp2.1) (== netstandard1.3)) (&& (== netcoreapp2.1) (>= monoandroid) (< netstandard2.0)) (&& (== netcoreapp2.1) (>= monotouch)) (&& (== netcoreapp2.1) (< netcoreapp2.0)) (&& (== netcoreapp2.1) (>= xamarinios)) (&& (== netcoreapp2.1) (>= xamarinmac)) (&& (== netcoreapp2.1) (>= xamarintvos)) (&& (== netcoreapp2.1) (>= xamarinwatchos)) (&& (== netcoreapp2.2) (== netstandard1.3)) (&& (== netcoreapp2.2) (>= monoandroid) (< netstandard2.0)) (&& (== netcoreapp2.2) (>= monotouch)) (&& (== netcoreapp2.2) (< netcoreapp2.0)) (&& (== netcoreapp2.2) (>= xamarinios)) (&& (== netcoreapp2.2) (>= xamarinmac)) (&& (== netcoreapp2.2) (>= xamarintvos)) (&& (== netcoreapp2.2) (>= xamarinwatchos)) (&& (== netstandard1.3) (>= monoandroid)) (&& (== netstandard1.3) (>= monotouch)) (&& (== netstandard1.3) (>= netstandard2.0)) (&& (== netstandard1.3) (>= xamarinios)) (&& (== netstandard1.3) (>= xamarinmac)) (&& (== netstandard1.3) (>= xamarintvos)) (&& (== netstandard1.3) (>= xamarinwatchos)) (== netstandard2.0)
      System.Memory (>= 4.5) - restriction: || (&& (== net472) (== netcoreapp2.1)) (&& (== net472) (== netcoreapp2.2)) (&& (== net472) (== netstandard1.3)) (&& (== net472) (< net46)) (&& (== net472) (>= netcoreapp2.0)) (&& (== net472) (>= uap10.1)) (&& (== netcoreapp2.1) (== netstandard1.3)) (&& (== netcoreapp2.1) (< netcoreapp2.0)) (&& (== netcoreapp2.1) (>= uap10.1)) (&& (== netcoreapp2.2) (== netstandard1.3)) (&& (== netcoreapp2.2) (< netcoreapp2.0)) (&& (== netcoreapp2.2) (< netcoreapp2.1)) (&& (== netcoreapp2.2) (>= uap10.1)) (&& (== netstandard1.3) (>= netcoreapp2.0)) (&& (== netstandard1.3) (>= netstandard2.0)) (&& (== netstandard1.3) (>= uap10.1)) (== netstandard2.0)
      System.Security.AccessControl (>= 4.5) - restriction: || (== net472) (== netcoreapp2.1) (== netcoreapp2.2) (&& (== netstandard1.3) (>= monoandroid)) (&& (== netstandard1.3) (>= monotouch)) (&& (== netstandard1.3) (>= net461)) (&& (== netstandard1.3) (>= netcoreapp2.0)) (&& (== netstandard1.3) (>= netstandard2.0)) (&& (== netstandard1.3) (>= xamarinios)) (&& (== netstandard1.3) (>= xamarinmac)) (&& (== netstandard1.3) (>= xamarintvos)) (&& (== netstandard1.3) (>= xamarinwatchos)) (== netstandard2.0)
      System.Security.Principal.Windows (>= 4.5) - restriction: || (== net472) (== netcoreapp2.1) (== netcoreapp2.2) (&& (== netstandard1.3) (>= monoandroid)) (&& (== netstandard1.3) (>= monotouch)) (&& (== netstandard1.3) (>= net461)) (&& (== netstandard1.3) (>= netcoreapp2.0)) (&& (== netstandard1.3) (>= netstandard2.0)) (&& (== netstandard1.3) (>= xamarinios)) (&& (== netstandard1.3) (>= xamarinmac)) (&& (== netstandard1.3) (>= xamarintvos)) (&& (== netstandard1.3) (>= xamarinwatchos)) (== netstandard2.0)
    Mono.Cecil (0.10.3)
      System.Collections (>= 4.0.11) - restriction: || (&& (== net472) (< net35)) (== netcoreapp2.1) (== netcoreapp2.2) (== netstandard1.3) (== netstandard2.0)
      System.IO.FileSystem (>= 4.0.1) - restriction: || (&& (== net472) (< net35)) (== netcoreapp2.1) (== netcoreapp2.2) (== netstandard1.3) (== netstandard2.0)
      System.IO.FileSystem.Primitives (>= 4.0.1) - restriction: || (&& (== net472) (< net35)) (== netcoreapp2.1) (== netcoreapp2.2) (== netstandard1.3) (== netstandard2.0)
      System.Reflection (>= 4.1) - restriction: || (&& (== net472) (< net35)) (== netcoreapp2.1) (== netcoreapp2.2) (== netstandard1.3) (== netstandard2.0)
      System.Runtime.Extensions (>= 4.1) - restriction: || (&& (== net472) (< net35)) (== netcoreapp2.1) (== netcoreapp2.2) (== netstandard1.3) (== netstandard2.0)
      System.Security.Cryptography.Algorithms (>= 4.2) - restriction: || (&& (== net472) (< net35)) (== netcoreapp2.1) (== netcoreapp2.2) (== netstandard1.3) (== netstandard2.0)
      System.Security.Cryptography.Csp (>= 4.0) - restriction: || (&& (== net472) (< net35)) (== netcoreapp2.1) (== netcoreapp2.2) (== netstandard1.3) (== netstandard2.0)
      System.Threading (>= 4.0.11) - restriction: || (&& (== net472) (< net35)) (== netcoreapp2.1) (== netcoreapp2.2) (== netstandard1.3) (== netstandard2.0)
    NetMQ (4.0.0.1)
      AsyncIO (>= 0.1.26)
      NETStandard.Library (>= 1.6) - restriction: || (&& (== net472) (< net35)) (== netcoreapp2.1) (== netcoreapp2.2) (== netstandard1.3) (== netstandard2.0)
      System.Net.NetworkInformation (>= 4.1) - restriction: || (&& (== net472) (< net35)) (== netcoreapp2.1) (== netcoreapp2.2) (== netstandard1.3) (== netstandard2.0)
      System.Runtime.Loader (>= 4.0) - restriction: || (&& (== net472) (< net35)) (== netcoreapp2.1) (== netcoreapp2.2) (== netstandard1.3) (== netstandard2.0)
      System.ServiceModel.Primitives (>= 4.1) - restriction: || (&& (== net472) (< net35)) (== netcoreapp2.1) (== netcoreapp2.2) (== netstandard1.3) (== netstandard2.0)
      System.Threading (>= 4.0.11) - restriction: || (&& (== net472) (< net35)) (== netcoreapp2.1) (== netcoreapp2.2) (== netstandard1.3) (== netstandard2.0)
      System.Threading.Thread (>= 4.0) - restriction: || (&& (== net472) (< net35)) (== netcoreapp2.1) (== netcoreapp2.2) (== netstandard1.3) (== netstandard2.0)
    NETStandard.Library (2.0.3)
      Microsoft.NETCore.Platforms (>= 1.1)
      Microsoft.Win32.Primitives (>= 4.3) - restriction: || (&& (== net472) (< net45) (< netstandard1.5)) (&& (== net472) (< net45) (< netstandard1.6)) (&& (== net472) (< net45) (< netstandard2.0)) (&& (== net472) (< netstandard1.4)) (&& (== net472) (< netstandard1.5) (>= uap10.0)) (&& (== netcoreapp2.1) (< netstandard1.4)) (&& (== netcoreapp2.1) (< netstandard1.5)) (&& (== netcoreapp2.1) (< netstandard1.6)) (&& (== netcoreapp2.1) (< netstandard2.0)) (&& (== netcoreapp2.2) (< netstandard1.4)) (&& (== netcoreapp2.2) (< netstandard1.5)) (&& (== netcoreapp2.2) (< netstandard1.6)) (&& (== netcoreapp2.2) (< netstandard2.0)) (== netstandard1.3) (&& (== netstandard2.0) (< netstandard1.4)) (&& (== netstandard2.0) (< netstandard1.5)) (&& (== netstandard2.0) (< netstandard1.6))
      System.AppContext (>= 4.3) - restriction: || (&& (== net472) (< net45) (< netstandard1.5)) (&& (== net472) (< net45) (< netstandard1.6)) (&& (== net472) (< net45) (< netstandard2.0)) (&& (== net472) (< netstandard1.4)) (&& (== net472) (< netstandard1.5) (>= uap10.0)) (&& (== netcoreapp2.1) (< netstandard1.4)) (&& (== netcoreapp2.1) (< netstandard1.5)) (&& (== netcoreapp2.1) (< netstandard1.6)) (&& (== netcoreapp2.1) (< netstandard2.0)) (&& (== netcoreapp2.2) (< netstandard1.4)) (&& (== netcoreapp2.2) (< netstandard1.5)) (&& (== netcoreapp2.2) (< netstandard1.6)) (&& (== netcoreapp2.2) (< netstandard2.0)) (== netstandard1.3) (&& (== netstandard2.0) (< netstandard1.4)) (&& (== netstandard2.0) (< netstandard1.5)) (&& (== netstandard2.0) (< netstandard1.6))
      System.Collections (>= 4.3) - restriction: || (&& (== net472) (< net45) (< netstandard1.2)) (&& (== net472) (< net45) (< netstandard1.3)) (&& (== net472) (< net45) (< netstandard1.4)) (&& (== net472) (< net45) (< netstandard1.5)) (&& (== net472) (< net45) (< netstandard1.6)) (&& (== net472) (< net45) (< netstandard2.0)) (&& (== net472) (< netstandard1.5) (>= uap10.0)) (&& (== net472) (< portable-net45+win8+wpa81)) (&& (== netcoreapp2.1) (< netstandard1.2)) (&& (== netcoreapp2.1) (< netstandard1.3)) (&& (== netcoreapp2.1) (< netstandard1.4)) (&& (== netcoreapp2.1) (< netstandard1.5)) (&& (== netcoreapp2.1) (< netstandard1.6)) (&& (== netcoreapp2.1) (< netstandard2.0)) (&& (== netcoreapp2.1) (< portable-net45+win8+wpa81)) (&& (== netcoreapp2.2) (< netstandard1.2)) (&& (== netcoreapp2.2) (< netstandard1.3)) (&& (== netcoreapp2.2) (< netstandard1.4)) (&& (== netcoreapp2.2) (< netstandard1.5)) (&& (== netcoreapp2.2) (< netstandard1.6)) (&& (== netcoreapp2.2) (< netstandard2.0)) (&& (== netcoreapp2.2) (< portable-net45+win8+wpa81)) (== netstandard1.3) (&& (== netstandard2.0) (< netstandard1.2)) (&& (== netstandard2.0) (< netstandard1.3)) (&& (== netstandard2.0) (< netstandard1.4)) (&& (== netstandard2.0) (< netstandard1.5)) (&& (== netstandard2.0) (< netstandard1.6)) (&& (== netstandard2.0) (< portable-net45+win8+wpa81))
      System.Collections.Concurrent (>= 4.3) - restriction: || (&& (== net472) (< net45) (< netstandard1.2)) (&& (== net472) (< net45) (< netstandard1.3)) (&& (== net472) (< net45) (< netstandard1.4)) (&& (== net472) (< net45) (< netstandard1.5)) (&& (== net472) (< net45) (< netstandard1.6)) (&& (== net472) (< net45) (< netstandard2.0)) (&& (== net472) (< netstandard1.5) (>= uap10.0)) (&& (== netcoreapp2.1) (< netstandard1.2)) (&& (== netcoreapp2.1) (< netstandard1.3)) (&& (== netcoreapp2.1) (< netstandard1.4)) (&& (== netcoreapp2.1) (< netstandard1.5)) (&& (== netcoreapp2.1) (< netstandard1.6)) (&& (== netcoreapp2.1) (< netstandard2.0)) (&& (== netcoreapp2.2) (< netstandard1.2)) (&& (== netcoreapp2.2) (< netstandard1.3)) (&& (== netcoreapp2.2) (< netstandard1.4)) (&& (== netcoreapp2.2) (< netstandard1.5)) (&& (== netcoreapp2.2) (< netstandard1.6)) (&& (== netcoreapp2.2) (< netstandard2.0)) (== netstandard1.3) (&& (== netstandard2.0) (< netstandard1.2)) (&& (== netstandard2.0) (< netstandard1.3)) (&& (== netstandard2.0) (< netstandard1.4)) (&& (== netstandard2.0) (< netstandard1.5)) (&& (== netstandard2.0) (< netstandard1.6))
      System.Console (>= 4.3) - restriction: || (&& (== net472) (< net45) (< netstandard1.5)) (&& (== net472) (< net45) (< netstandard1.6)) (&& (== net472) (< net45) (< netstandard2.0)) (&& (== net472) (< netstandard1.4)) (&& (== net472) (< netstandard1.5) (>= uap10.0)) (&& (== netcoreapp2.1) (< netstandard1.4)) (&& (== netcoreapp2.1) (< netstandard1.5)) (&& (== netcoreapp2.1) (< netstandard1.6)) (&& (== netcoreapp2.1) (< netstandard2.0)) (&& (== netcoreapp2.2) (< netstandard1.4)) (&& (== netcoreapp2.2) (< netstandard1.5)) (&& (== netcoreapp2.2) (< netstandard1.6)) (&& (== netcoreapp2.2) (< netstandard2.0)) (== netstandard1.3) (&& (== netstandard2.0) (< netstandard1.4)) (&& (== netstandard2.0) (< netstandard1.5)) (&& (== netstandard2.0) (< netstandard1.6))
      System.Diagnostics.Debug (>= 4.3) - restriction: || (&& (== net472) (< net45) (< netstandard1.2)) (&& (== net472) (< net45) (< netstandard1.3)) (&& (== net472) (< net45) (< netstandard1.4)) (&& (== net472) (< net45) (< netstandard1.5)) (&& (== net472) (< net45) (< netstandard1.6)) (&& (== net472) (< net45) (< netstandard2.0)) (&& (== net472) (< netstandard1.5) (>= uap10.0)) (&& (== net472) (< portable-net45+win8+wpa81)) (&& (== netcoreapp2.1) (< netstandard1.2)) (&& (== netcoreapp2.1) (< netstandard1.3)) (&& (== netcoreapp2.1) (< netstandard1.4)) (&& (== netcoreapp2.1) (< netstandard1.5)) (&& (== netcoreapp2.1) (< netstandard1.6)) (&& (== netcoreapp2.1) (< netstandard2.0)) (&& (== netcoreapp2.1) (< portable-net45+win8+wpa81)) (&& (== netcoreapp2.2) (< netstandard1.2)) (&& (== netcoreapp2.2) (< netstandard1.3)) (&& (== netcoreapp2.2) (< netstandard1.4)) (&& (== netcoreapp2.2) (< netstandard1.5)) (&& (== netcoreapp2.2) (< netstandard1.6)) (&& (== netcoreapp2.2) (< netstandard2.0)) (&& (== netcoreapp2.2) (< portable-net45+win8+wpa81)) (== netstandard1.3) (&& (== netstandard2.0) (< netstandard1.2)) (&& (== netstandard2.0) (< netstandard1.3)) (&& (== netstandard2.0) (< netstandard1.4)) (&& (== netstandard2.0) (< netstandard1.5)) (&& (== netstandard2.0) (< netstandard1.6)) (&& (== netstandard2.0) (< portable-net45+win8+wpa81))
      System.Diagnostics.Tools (>= 4.3) - restriction: || (&& (== net472) (< net45) (< netstandard1.2)) (&& (== net472) (< net45) (< netstandard1.3)) (&& (== net472) (< net45) (< netstandard1.4)) (&& (== net472) (< net45) (< netstandard1.5)) (&& (== net472) (< net45) (< netstandard1.6)) (&& (== net472) (< net45) (< netstandard2.0)) (&& (== net472) (< netstandard1.5) (>= uap10.0)) (&& (== net472) (< portable-net45+win8+wpa81)) (&& (== netcoreapp2.1) (< netstandard1.2)) (&& (== netcoreapp2.1) (< netstandard1.3)) (&& (== netcoreapp2.1) (< netstandard1.4)) (&& (== netcoreapp2.1) (< netstandard1.5)) (&& (== netcoreapp2.1) (< netstandard1.6)) (&& (== netcoreapp2.1) (< netstandard2.0)) (&& (== netcoreapp2.1) (< portable-net45+win8+wpa81)) (&& (== netcoreapp2.2) (< netstandard1.2)) (&& (== netcoreapp2.2) (< netstandard1.3)) (&& (== netcoreapp2.2) (< netstandard1.4)) (&& (== netcoreapp2.2) (< netstandard1.5)) (&& (== netcoreapp2.2) (< netstandard1.6)) (&& (== netcoreapp2.2) (< netstandard2.0)) (&& (== netcoreapp2.2) (< portable-net45+win8+wpa81)) (== netstandard1.3) (&& (== netstandard2.0) (< netstandard1.2)) (&& (== netstandard2.0) (< netstandard1.3)) (&& (== netstandard2.0) (< netstandard1.4)) (&& (== netstandard2.0) (< netstandard1.5)) (&& (== netstandard2.0) (< netstandard1.6)) (&& (== netstandard2.0) (< portable-net45+win8+wpa81))
      System.Diagnostics.Tracing (>= 4.3) - restriction: || (&& (== net472) (< net45) (< netstandard1.2)) (&& (== net472) (< net45) (< netstandard1.3)) (&& (== net472) (< net45) (< netstandard1.4)) (&& (== net472) (< net45) (< netstandard1.5)) (&& (== net472) (< net45) (< netstandard1.6)) (&& (== net472) (< net45) (< netstandard2.0)) (&& (== net472) (< netstandard1.5) (>= uap10.0)) (&& (== netcoreapp2.1) (< netstandard1.2)) (&& (== netcoreapp2.1) (< netstandard1.3)) (&& (== netcoreapp2.1) (< netstandard1.4)) (&& (== netcoreapp2.1) (< netstandard1.5)) (&& (== netcoreapp2.1) (< netstandard1.6)) (&& (== netcoreapp2.1) (< netstandard2.0)) (&& (== netcoreapp2.2) (< netstandard1.2)) (&& (== netcoreapp2.2) (< netstandard1.3)) (&& (== netcoreapp2.2) (< netstandard1.4)) (&& (== netcoreapp2.2) (< netstandard1.5)) (&& (== netcoreapp2.2) (< netstandard1.6)) (&& (== netcoreapp2.2) (< netstandard2.0)) (== netstandard1.3) (&& (== netstandard2.0) (< netstandard1.2)) (&& (== netstandard2.0) (< netstandard1.3)) (&& (== netstandard2.0) (< netstandard1.4)) (&& (== netstandard2.0) (< netstandard1.5)) (&& (== netstandard2.0) (< netstandard1.6))
      System.Globalization (>= 4.3) - restriction: || (&& (== net472) (< net45) (< netstandard1.2)) (&& (== net472) (< net45) (< netstandard1.3)) (&& (== net472) (< net45) (< netstandard1.4)) (&& (== net472) (< net45) (< netstandard1.5)) (&& (== net472) (< net45) (< netstandard1.6)) (&& (== net472) (< net45) (< netstandard2.0)) (&& (== net472) (< netstandard1.5) (>= uap10.0)) (&& (== net472) (< portable-net45+win8+wpa81)) (&& (== netcoreapp2.1) (< netstandard1.2)) (&& (== netcoreapp2.1) (< netstandard1.3)) (&& (== netcoreapp2.1) (< netstandard1.4)) (&& (== netcoreapp2.1) (< netstandard1.5)) (&& (== netcoreapp2.1) (< netstandard1.6)) (&& (== netcoreapp2.1) (< netstandard2.0)) (&& (== netcoreapp2.1) (< portable-net45+win8+wpa81)) (&& (== netcoreapp2.2) (< netstandard1.2)) (&& (== netcoreapp2.2) (< netstandard1.3)) (&& (== netcoreapp2.2) (< netstandard1.4)) (&& (== netcoreapp2.2) (< netstandard1.5)) (&& (== netcoreapp2.2) (< netstandard1.6)) (&& (== netcoreapp2.2) (< netstandard2.0)) (&& (== netcoreapp2.2) (< portable-net45+win8+wpa81)) (== netstandard1.3) (&& (== netstandard2.0) (< netstandard1.2)) (&& (== netstandard2.0) (< netstandard1.3)) (&& (== netstandard2.0) (< netstandard1.4)) (&& (== netstandard2.0) (< netstandard1.5)) (&& (== netstandard2.0) (< netstandard1.6)) (&& (== netstandard2.0) (< portable-net45+win8+wpa81))
      System.Globalization.Calendars (>= 4.3) - restriction: || (&& (== net472) (< net45) (< netstandard1.5)) (&& (== net472) (< net45) (< netstandard1.6)) (&& (== net472) (< net45) (< netstandard2.0)) (&& (== net472) (< netstandard1.4)) (&& (== net472) (< netstandard1.5) (>= uap10.0)) (&& (== netcoreapp2.1) (< netstandard1.4)) (&& (== netcoreapp2.1) (< netstandard1.5)) (&& (== netcoreapp2.1) (< netstandard1.6)) (&& (== netcoreapp2.1) (< netstandard2.0)) (&& (== netcoreapp2.2) (< netstandard1.4)) (&& (== netcoreapp2.2) (< netstandard1.5)) (&& (== netcoreapp2.2) (< netstandard1.6)) (&& (== netcoreapp2.2) (< netstandard2.0)) (== netstandard1.3) (&& (== netstandard2.0) (< netstandard1.4)) (&& (== netstandard2.0) (< netstandard1.5)) (&& (== netstandard2.0) (< netstandard1.6))
      System.IO (>= 4.3) - restriction: || (&& (== net472) (< net45) (< netstandard1.2)) (&& (== net472) (< net45) (< netstandard1.3)) (&& (== net472) (< net45) (< netstandard1.4)) (&& (== net472) (< net45) (< netstandard1.5)) (&& (== net472) (< net45) (< netstandard1.6)) (&& (== net472) (< net45) (< netstandard2.0)) (&& (== net472) (< netstandard1.5) (>= uap10.0)) (&& (== net472) (< portable-net45+win8+wpa81)) (&& (== netcoreapp2.1) (< netstandard1.2)) (&& (== netcoreapp2.1) (< netstandard1.3)) (&& (== netcoreapp2.1) (< netstandard1.4)) (&& (== netcoreapp2.1) (< netstandard1.5)) (&& (== netcoreapp2.1) (< netstandard1.6)) (&& (== netcoreapp2.1) (< netstandard2.0)) (&& (== netcoreapp2.1) (< portable-net45+win8+wpa81)) (&& (== netcoreapp2.2) (< netstandard1.2)) (&& (== netcoreapp2.2) (< netstandard1.3)) (&& (== netcoreapp2.2) (< netstandard1.4)) (&& (== netcoreapp2.2) (< netstandard1.5)) (&& (== netcoreapp2.2) (< netstandard1.6)) (&& (== netcoreapp2.2) (< netstandard2.0)) (&& (== netcoreapp2.2) (< portable-net45+win8+wpa81)) (== netstandard1.3) (&& (== netstandard2.0) (< netstandard1.2)) (&& (== netstandard2.0) (< netstandard1.3)) (&& (== netstandard2.0) (< netstandard1.4)) (&& (== netstandard2.0) (< netstandard1.5)) (&& (== netstandard2.0) (< netstandard1.6)) (&& (== netstandard2.0) (< portable-net45+win8+wpa81))
      System.IO.Compression (>= 4.3) - restriction: || (&& (== net472) (< net45) (< netstandard1.2)) (&& (== net472) (< net45) (< netstandard1.3)) (&& (== net472) (< net45) (< netstandard1.5)) (&& (== net472) (< net45) (< netstandard1.6)) (&& (== net472) (< net45) (< netstandard2.0)) (&& (== net472) (< netstandard1.4)) (&& (== net472) (< netstandard1.5) (>= uap10.0)) (&& (== netcoreapp2.1) (< netstandard1.2)) (&& (== netcoreapp2.1) (< netstandard1.3)) (&& (== netcoreapp2.1) (< netstandard1.4)) (&& (== netcoreapp2.1) (< netstandard1.5)) (&& (== netcoreapp2.1) (< netstandard1.6)) (&& (== netcoreapp2.1) (< netstandard2.0)) (&& (== netcoreapp2.2) (< netstandard1.2)) (&& (== netcoreapp2.2) (< netstandard1.3)) (&& (== netcoreapp2.2) (< netstandard1.4)) (&& (== netcoreapp2.2) (< netstandard1.5)) (&& (== netcoreapp2.2) (< netstandard1.6)) (&& (== netcoreapp2.2) (< netstandard2.0)) (== netstandard1.3) (&& (== netstandard2.0) (< netstandard1.2)) (&& (== netstandard2.0) (< netstandard1.3)) (&& (== netstandard2.0) (< netstandard1.4)) (&& (== netstandard2.0) (< netstandard1.5)) (&& (== netstandard2.0) (< netstandard1.6))
      System.IO.Compression.ZipFile (>= 4.3) - restriction: || (&& (== net472) (< net45) (< netstandard1.5)) (&& (== net472) (< net45) (< netstandard1.6)) (&& (== net472) (< net45) (< netstandard2.0)) (&& (== net472) (< netstandard1.4)) (&& (== net472) (< netstandard1.5) (>= uap10.0)) (&& (== netcoreapp2.1) (< netstandard1.4)) (&& (== netcoreapp2.1) (< netstandard1.5)) (&& (== netcoreapp2.1) (< netstandard1.6)) (&& (== netcoreapp2.1) (< netstandard2.0)) (&& (== netcoreapp2.2) (< netstandard1.4)) (&& (== netcoreapp2.2) (< netstandard1.5)) (&& (== netcoreapp2.2) (< netstandard1.6)) (&& (== netcoreapp2.2) (< netstandard2.0)) (== netstandard1.3) (&& (== netstandard2.0) (< netstandard1.4)) (&& (== netstandard2.0) (< netstandard1.5)) (&& (== netstandard2.0) (< netstandard1.6))
      System.IO.FileSystem (>= 4.3) - restriction: || (&& (== net472) (< net45) (< netstandard1.5)) (&& (== net472) (< net45) (< netstandard1.6)) (&& (== net472) (< net45) (< netstandard2.0)) (&& (== net472) (< netstandard1.4)) (&& (== net472) (< netstandard1.5) (>= uap10.0)) (&& (== netcoreapp2.1) (< netstandard1.4)) (&& (== netcoreapp2.1) (< netstandard1.5)) (&& (== netcoreapp2.1) (< netstandard1.6)) (&& (== netcoreapp2.1) (< netstandard2.0)) (&& (== netcoreapp2.2) (< netstandard1.4)) (&& (== netcoreapp2.2) (< netstandard1.5)) (&& (== netcoreapp2.2) (< netstandard1.6)) (&& (== netcoreapp2.2) (< netstandard2.0)) (== netstandard1.3) (&& (== netstandard2.0) (< netstandard1.4)) (&& (== netstandard2.0) (< netstandard1.5)) (&& (== netstandard2.0) (< netstandard1.6))
      System.IO.FileSystem.Primitives (>= 4.3) - restriction: || (&& (== net472) (< net45) (< netstandard1.5)) (&& (== net472) (< net45) (< netstandard1.6)) (&& (== net472) (< net45) (< netstandard2.0)) (&& (== net472) (< netstandard1.4)) (&& (== net472) (< netstandard1.5) (>= uap10.0)) (&& (== netcoreapp2.1) (< netstandard1.4)) (&& (== netcoreapp2.1) (< netstandard1.5)) (&& (== netcoreapp2.1) (< netstandard1.6)) (&& (== netcoreapp2.1) (< netstandard2.0)) (&& (== netcoreapp2.2) (< netstandard1.4)) (&& (== netcoreapp2.2) (< netstandard1.5)) (&& (== netcoreapp2.2) (< netstandard1.6)) (&& (== netcoreapp2.2) (< netstandard2.0)) (== netstandard1.3) (&& (== netstandard2.0) (< netstandard1.4)) (&& (== netstandard2.0) (< netstandard1.5)) (&& (== netstandard2.0) (< netstandard1.6))
      System.Linq (>= 4.3) - restriction: || (&& (== net472) (< net45) (< netstandard1.2)) (&& (== net472) (< net45) (< netstandard1.3)) (&& (== net472) (< net45) (< netstandard1.4)) (&& (== net472) (< net45) (< netstandard1.5)) (&& (== net472) (< net45) (< netstandard1.6)) (&& (== net472) (< net45) (< netstandard2.0)) (&& (== net472) (< netstandard1.5) (>= uap10.0)) (&& (== net472) (< portable-net45+win8+wpa81)) (&& (== netcoreapp2.1) (< netstandard1.2)) (&& (== netcoreapp2.1) (< netstandard1.3)) (&& (== netcoreapp2.1) (< netstandard1.4)) (&& (== netcoreapp2.1) (< netstandard1.5)) (&& (== netcoreapp2.1) (< netstandard1.6)) (&& (== netcoreapp2.1) (< netstandard2.0)) (&& (== netcoreapp2.1) (< portable-net45+win8+wpa81)) (&& (== netcoreapp2.2) (< netstandard1.2)) (&& (== netcoreapp2.2) (< netstandard1.3)) (&& (== netcoreapp2.2) (< netstandard1.4)) (&& (== netcoreapp2.2) (< netstandard1.5)) (&& (== netcoreapp2.2) (< netstandard1.6)) (&& (== netcoreapp2.2) (< netstandard2.0)) (&& (== netcoreapp2.2) (< portable-net45+win8+wpa81)) (== netstandard1.3) (&& (== netstandard2.0) (< netstandard1.2)) (&& (== netstandard2.0) (< netstandard1.3)) (&& (== netstandard2.0) (< netstandard1.4)) (&& (== netstandard2.0) (< netstandard1.5)) (&& (== netstandard2.0) (< netstandard1.6)) (&& (== netstandard2.0) (< portable-net45+win8+wpa81))
      System.Linq.Expressions (>= 4.3) - restriction: || (&& (== net472) (< net45) (< netstandard1.2)) (&& (== net472) (< net45) (< netstandard1.3)) (&& (== net472) (< net45) (< netstandard1.4)) (&& (== net472) (< net45) (< netstandard1.5)) (&& (== net472) (< net45) (< netstandard1.6)) (&& (== net472) (< net45) (< netstandard2.0)) (&& (== net472) (< netstandard1.5) (>= uap10.0)) (&& (== net472) (< portable-net45+win8+wpa81)) (&& (== netcoreapp2.1) (< netstandard1.2)) (&& (== netcoreapp2.1) (< netstandard1.3)) (&& (== netcoreapp2.1) (< netstandard1.4)) (&& (== netcoreapp2.1) (< netstandard1.5)) (&& (== netcoreapp2.1) (< netstandard1.6)) (&& (== netcoreapp2.1) (< netstandard2.0)) (&& (== netcoreapp2.1) (< portable-net45+win8+wpa81)) (&& (== netcoreapp2.2) (< netstandard1.2)) (&& (== netcoreapp2.2) (< netstandard1.3)) (&& (== netcoreapp2.2) (< netstandard1.4)) (&& (== netcoreapp2.2) (< netstandard1.5)) (&& (== netcoreapp2.2) (< netstandard1.6)) (&& (== netcoreapp2.2) (< netstandard2.0)) (&& (== netcoreapp2.2) (< portable-net45+win8+wpa81)) (== netstandard1.3) (&& (== netstandard2.0) (< netstandard1.2)) (&& (== netstandard2.0) (< netstandard1.3)) (&& (== netstandard2.0) (< netstandard1.4)) (&& (== netstandard2.0) (< netstandard1.5)) (&& (== netstandard2.0) (< netstandard1.6)) (&& (== netstandard2.0) (< portable-net45+win8+wpa81))
      System.Net.Http (>= 4.3.2) - restriction: || (&& (== net472) (< net45) (< netstandard1.2)) (&& (== net472) (< net45) (< netstandard1.3)) (&& (== net472) (< net45) (< netstandard1.5)) (&& (== net472) (< net45) (< netstandard1.6)) (&& (== net472) (< net45) (< netstandard2.0)) (&& (== net472) (< netstandard1.4)) (&& (== net472) (< netstandard1.5) (>= uap10.0)) (&& (== netcoreapp2.1) (< netstandard1.2)) (&& (== netcoreapp2.1) (< netstandard1.3)) (&& (== netcoreapp2.1) (< netstandard1.4)) (&& (== netcoreapp2.1) (< netstandard1.5)) (&& (== netcoreapp2.1) (< netstandard1.6)) (&& (== netcoreapp2.1) (< netstandard2.0)) (&& (== netcoreapp2.2) (< netstandard1.2)) (&& (== netcoreapp2.2) (< netstandard1.3)) (&& (== netcoreapp2.2) (< netstandard1.4)) (&& (== netcoreapp2.2) (< netstandard1.5)) (&& (== netcoreapp2.2) (< netstandard1.6)) (&& (== netcoreapp2.2) (< netstandard2.0)) (== netstandard1.3) (&& (== netstandard2.0) (< netstandard1.2)) (&& (== netstandard2.0) (< netstandard1.3)) (&& (== netstandard2.0) (< netstandard1.4)) (&& (== netstandard2.0) (< netstandard1.5)) (&& (== netstandard2.0) (< netstandard1.6))
      System.Net.Primitives (>= 4.3) - restriction: || (&& (== net472) (< net45) (< netstandard1.2)) (&& (== net472) (< net45) (< netstandard1.3)) (&& (== net472) (< net45) (< netstandard1.4)) (&& (== net472) (< net45) (< netstandard1.5)) (&& (== net472) (< net45) (< netstandard1.6)) (&& (== net472) (< net45) (< netstandard2.0)) (&& (== net472) (< netstandard1.5) (>= uap10.0)) (&& (== net472) (< portable-net45+win8+wpa81)) (&& (== netcoreapp2.1) (< netstandard1.2)) (&& (== netcoreapp2.1) (< netstandard1.3)) (&& (== netcoreapp2.1) (< netstandard1.4)) (&& (== netcoreapp2.1) (< netstandard1.5)) (&& (== netcoreapp2.1) (< netstandard1.6)) (&& (== netcoreapp2.1) (< netstandard2.0)) (&& (== netcoreapp2.1) (< portable-net45+win8+wpa81)) (&& (== netcoreapp2.2) (< netstandard1.2)) (&& (== netcoreapp2.2) (< netstandard1.3)) (&& (== netcoreapp2.2) (< netstandard1.4)) (&& (== netcoreapp2.2) (< netstandard1.5)) (&& (== netcoreapp2.2) (< netstandard1.6)) (&& (== netcoreapp2.2) (< netstandard2.0)) (&& (== netcoreapp2.2) (< portable-net45+win8+wpa81)) (== netstandard1.3) (&& (== netstandard2.0) (< netstandard1.2)) (&& (== netstandard2.0) (< netstandard1.3)) (&& (== netstandard2.0) (< netstandard1.4)) (&& (== netstandard2.0) (< netstandard1.5)) (&& (== netstandard2.0) (< netstandard1.6)) (&& (== netstandard2.0) (< portable-net45+win8+wpa81))
      System.Net.Sockets (>= 4.3) - restriction: || (&& (== net472) (< net45) (< netstandard1.5)) (&& (== net472) (< net45) (< netstandard1.6)) (&& (== net472) (< net45) (< netstandard2.0)) (&& (== net472) (< netstandard1.4)) (&& (== net472) (< netstandard1.5) (>= uap10.0)) (&& (== netcoreapp2.1) (< netstandard1.4)) (&& (== netcoreapp2.1) (< netstandard1.5)) (&& (== netcoreapp2.1) (< netstandard1.6)) (&& (== netcoreapp2.1) (< netstandard2.0)) (&& (== netcoreapp2.2) (< netstandard1.4)) (&& (== netcoreapp2.2) (< netstandard1.5)) (&& (== netcoreapp2.2) (< netstandard1.6)) (&& (== netcoreapp2.2) (< netstandard2.0)) (== netstandard1.3) (&& (== netstandard2.0) (< netstandard1.4)) (&& (== netstandard2.0) (< netstandard1.5)) (&& (== netstandard2.0) (< netstandard1.6))
      System.ObjectModel (>= 4.3) - restriction: || (&& (== net472) (< net45) (< netstandard1.2)) (&& (== net472) (< net45) (< netstandard1.3)) (&& (== net472) (< net45) (< netstandard1.4)) (&& (== net472) (< net45) (< netstandard1.5)) (&& (== net472) (< net45) (< netstandard1.6)) (&& (== net472) (< net45) (< netstandard2.0)) (&& (== net472) (< netstandard1.5) (>= uap10.0)) (&& (== net472) (< portable-net45+win8+wpa81)) (&& (== netcoreapp2.1) (< netstandard1.2)) (&& (== netcoreapp2.1) (< netstandard1.3)) (&& (== netcoreapp2.1) (< netstandard1.4)) (&& (== netcoreapp2.1) (< netstandard1.5)) (&& (== netcoreapp2.1) (< netstandard1.6)) (&& (== netcoreapp2.1) (< netstandard2.0)) (&& (== netcoreapp2.1) (< portable-net45+win8+wpa81)) (&& (== netcoreapp2.2) (< netstandard1.2)) (&& (== netcoreapp2.2) (< netstandard1.3)) (&& (== netcoreapp2.2) (< netstandard1.4)) (&& (== netcoreapp2.2) (< netstandard1.5)) (&& (== netcoreapp2.2) (< netstandard1.6)) (&& (== netcoreapp2.2) (< netstandard2.0)) (&& (== netcoreapp2.2) (< portable-net45+win8+wpa81)) (== netstandard1.3) (&& (== netstandard2.0) (< netstandard1.2)) (&& (== netstandard2.0) (< netstandard1.3)) (&& (== netstandard2.0) (< netstandard1.4)) (&& (== netstandard2.0) (< netstandard1.5)) (&& (== netstandard2.0) (< netstandard1.6)) (&& (== netstandard2.0) (< portable-net45+win8+wpa81))
      System.Reflection (>= 4.3) - restriction: || (&& (== net472) (< net45) (< netstandard1.2)) (&& (== net472) (< net45) (< netstandard1.3)) (&& (== net472) (< net45) (< netstandard1.4)) (&& (== net472) (< net45) (< netstandard1.5)) (&& (== net472) (< net45) (< netstandard1.6)) (&& (== net472) (< net45) (< netstandard2.0)) (&& (== net472) (< netstandard1.5) (>= uap10.0)) (&& (== net472) (< portable-net45+win8+wpa81)) (&& (== netcoreapp2.1) (< netstandard1.2)) (&& (== netcoreapp2.1) (< netstandard1.3)) (&& (== netcoreapp2.1) (< netstandard1.4)) (&& (== netcoreapp2.1) (< netstandard1.5)) (&& (== netcoreapp2.1) (< netstandard1.6)) (&& (== netcoreapp2.1) (< netstandard2.0)) (&& (== netcoreapp2.1) (< portable-net45+win8+wpa81)) (&& (== netcoreapp2.2) (< netstandard1.2)) (&& (== netcoreapp2.2) (< netstandard1.3)) (&& (== netcoreapp2.2) (< netstandard1.4)) (&& (== netcoreapp2.2) (< netstandard1.5)) (&& (== netcoreapp2.2) (< netstandard1.6)) (&& (== netcoreapp2.2) (< netstandard2.0)) (&& (== netcoreapp2.2) (< portable-net45+win8+wpa81)) (== netstandard1.3) (&& (== netstandard2.0) (< netstandard1.2)) (&& (== netstandard2.0) (< netstandard1.3)) (&& (== netstandard2.0) (< netstandard1.4)) (&& (== netstandard2.0) (< netstandard1.5)) (&& (== netstandard2.0) (< netstandard1.6)) (&& (== netstandard2.0) (< portable-net45+win8+wpa81))
      System.Reflection.Extensions (>= 4.3) - restriction: || (&& (== net472) (< net45) (< netstandard1.2)) (&& (== net472) (< net45) (< netstandard1.3)) (&& (== net472) (< net45) (< netstandard1.4)) (&& (== net472) (< net45) (< netstandard1.5)) (&& (== net472) (< net45) (< netstandard1.6)) (&& (== net472) (< net45) (< netstandard2.0)) (&& (== net472) (< netstandard1.5) (>= uap10.0)) (&& (== net472) (< portable-net45+win8+wpa81)) (&& (== netcoreapp2.1) (< netstandard1.2)) (&& (== netcoreapp2.1) (< netstandard1.3)) (&& (== netcoreapp2.1) (< netstandard1.4)) (&& (== netcoreapp2.1) (< netstandard1.5)) (&& (== netcoreapp2.1) (< netstandard1.6)) (&& (== netcoreapp2.1) (< netstandard2.0)) (&& (== netcoreapp2.1) (< portable-net45+win8+wpa81)) (&& (== netcoreapp2.2) (< netstandard1.2)) (&& (== netcoreapp2.2) (< netstandard1.3)) (&& (== netcoreapp2.2) (< netstandard1.4)) (&& (== netcoreapp2.2) (< netstandard1.5)) (&& (== netcoreapp2.2) (< netstandard1.6)) (&& (== netcoreapp2.2) (< netstandard2.0)) (&& (== netcoreapp2.2) (< portable-net45+win8+wpa81)) (== netstandard1.3) (&& (== netstandard2.0) (< netstandard1.2)) (&& (== netstandard2.0) (< netstandard1.3)) (&& (== netstandard2.0) (< netstandard1.4)) (&& (== netstandard2.0) (< netstandard1.5)) (&& (== netstandard2.0) (< netstandard1.6)) (&& (== netstandard2.0) (< portable-net45+win8+wpa81))
      System.Reflection.Primitives (>= 4.3) - restriction: || (&& (== net472) (< net45) (< netstandard1.2)) (&& (== net472) (< net45) (< netstandard1.3)) (&& (== net472) (< net45) (< netstandard1.4)) (&& (== net472) (< net45) (< netstandard1.5)) (&& (== net472) (< net45) (< netstandard1.6)) (&& (== net472) (< net45) (< netstandard2.0)) (&& (== net472) (< netstandard1.5) (>= uap10.0)) (&& (== net472) (< portable-net45+win8+wpa81)) (&& (== netcoreapp2.1) (< netstandard1.2)) (&& (== netcoreapp2.1) (< netstandard1.3)) (&& (== netcoreapp2.1) (< netstandard1.4)) (&& (== netcoreapp2.1) (< netstandard1.5)) (&& (== netcoreapp2.1) (< netstandard1.6)) (&& (== netcoreapp2.1) (< netstandard2.0)) (&& (== netcoreapp2.1) (< portable-net45+win8+wpa81)) (&& (== netcoreapp2.2) (< netstandard1.2)) (&& (== netcoreapp2.2) (< netstandard1.3)) (&& (== netcoreapp2.2) (< netstandard1.4)) (&& (== netcoreapp2.2) (< netstandard1.5)) (&& (== netcoreapp2.2) (< netstandard1.6)) (&& (== netcoreapp2.2) (< netstandard2.0)) (&& (== netcoreapp2.2) (< portable-net45+win8+wpa81)) (== netstandard1.3) (&& (== netstandard2.0) (< netstandard1.2)) (&& (== netstandard2.0) (< netstandard1.3)) (&& (== netstandard2.0) (< netstandard1.4)) (&& (== netstandard2.0) (< netstandard1.5)) (&& (== netstandard2.0) (< netstandard1.6)) (&& (== netstandard2.0) (< portable-net45+win8+wpa81))
      System.Resources.ResourceManager (>= 4.3) - restriction: || (&& (== net472) (< net45) (< netstandard1.2)) (&& (== net472) (< net45) (< netstandard1.3)) (&& (== net472) (< net45) (< netstandard1.4)) (&& (== net472) (< net45) (< netstandard1.5)) (&& (== net472) (< net45) (< netstandard1.6)) (&& (== net472) (< net45) (< netstandard2.0)) (&& (== net472) (< netstandard1.5) (>= uap10.0)) (&& (== net472) (< portable-net45+win8+wpa81)) (&& (== netcoreapp2.1) (< netstandard1.2)) (&& (== netcoreapp2.1) (< netstandard1.3)) (&& (== netcoreapp2.1) (< netstandard1.4)) (&& (== netcoreapp2.1) (< netstandard1.5)) (&& (== netcoreapp2.1) (< netstandard1.6)) (&& (== netcoreapp2.1) (< netstandard2.0)) (&& (== netcoreapp2.1) (< portable-net45+win8+wpa81)) (&& (== netcoreapp2.2) (< netstandard1.2)) (&& (== netcoreapp2.2) (< netstandard1.3)) (&& (== netcoreapp2.2) (< netstandard1.4)) (&& (== netcoreapp2.2) (< netstandard1.5)) (&& (== netcoreapp2.2) (< netstandard1.6)) (&& (== netcoreapp2.2) (< netstandard2.0)) (&& (== netcoreapp2.2) (< portable-net45+win8+wpa81)) (== netstandard1.3) (&& (== netstandard2.0) (< netstandard1.2)) (&& (== netstandard2.0) (< netstandard1.3)) (&& (== netstandard2.0) (< netstandard1.4)) (&& (== netstandard2.0) (< netstandard1.5)) (&& (== netstandard2.0) (< netstandard1.6)) (&& (== netstandard2.0) (< portable-net45+win8+wpa81))
      System.Runtime (>= 4.3) - restriction: || (&& (== net472) (< net45) (< netstandard1.2)) (&& (== net472) (< net45) (< netstandard1.3)) (&& (== net472) (< net45) (< netstandard1.4)) (&& (== net472) (< net45) (< netstandard1.5)) (&& (== net472) (< net45) (< netstandard1.6)) (&& (== net472) (< net45) (< netstandard2.0)) (&& (== net472) (< netstandard1.5) (>= uap10.0)) (&& (== net472) (< portable-net45+win8+wpa81)) (&& (== netcoreapp2.1) (< netstandard1.2)) (&& (== netcoreapp2.1) (< netstandard1.3)) (&& (== netcoreapp2.1) (< netstandard1.4)) (&& (== netcoreapp2.1) (< netstandard1.5)) (&& (== netcoreapp2.1) (< netstandard1.6)) (&& (== netcoreapp2.1) (< netstandard2.0)) (&& (== netcoreapp2.1) (< portable-net45+win8+wpa81)) (&& (== netcoreapp2.2) (< netstandard1.2)) (&& (== netcoreapp2.2) (< netstandard1.3)) (&& (== netcoreapp2.2) (< netstandard1.4)) (&& (== netcoreapp2.2) (< netstandard1.5)) (&& (== netcoreapp2.2) (< netstandard1.6)) (&& (== netcoreapp2.2) (< netstandard2.0)) (&& (== netcoreapp2.2) (< portable-net45+win8+wpa81)) (== netstandard1.3) (&& (== netstandard2.0) (< netstandard1.2)) (&& (== netstandard2.0) (< netstandard1.3)) (&& (== netstandard2.0) (< netstandard1.4)) (&& (== netstandard2.0) (< netstandard1.5)) (&& (== netstandard2.0) (< netstandard1.6)) (&& (== netstandard2.0) (< portable-net45+win8+wpa81))
      System.Runtime.Extensions (>= 4.3) - restriction: || (&& (== net472) (< net45) (< netstandard1.2)) (&& (== net472) (< net45) (< netstandard1.3)) (&& (== net472) (< net45) (< netstandard1.4)) (&& (== net472) (< net45) (< netstandard1.5)) (&& (== net472) (< net45) (< netstandard1.6)) (&& (== net472) (< net45) (< netstandard2.0)) (&& (== net472) (< netstandard1.5) (>= uap10.0)) (&& (== net472) (< portable-net45+win8+wpa81)) (&& (== netcoreapp2.1) (< netstandard1.2)) (&& (== netcoreapp2.1) (< netstandard1.3)) (&& (== netcoreapp2.1) (< netstandard1.4)) (&& (== netcoreapp2.1) (< netstandard1.5)) (&& (== netcoreapp2.1) (< netstandard1.6)) (&& (== netcoreapp2.1) (< netstandard2.0)) (&& (== netcoreapp2.1) (< portable-net45+win8+wpa81)) (&& (== netcoreapp2.2) (< netstandard1.2)) (&& (== netcoreapp2.2) (< netstandard1.3)) (&& (== netcoreapp2.2) (< netstandard1.4)) (&& (== netcoreapp2.2) (< netstandard1.5)) (&& (== netcoreapp2.2) (< netstandard1.6)) (&& (== netcoreapp2.2) (< netstandard2.0)) (&& (== netcoreapp2.2) (< portable-net45+win8+wpa81)) (== netstandard1.3) (&& (== netstandard2.0) (< netstandard1.2)) (&& (== netstandard2.0) (< netstandard1.3)) (&& (== netstandard2.0) (< netstandard1.4)) (&& (== netstandard2.0) (< netstandard1.5)) (&& (== netstandard2.0) (< netstandard1.6)) (&& (== netstandard2.0) (< portable-net45+win8+wpa81))
      System.Runtime.Handles (>= 4.3) - restriction: || (&& (== net472) (< net45) (< netstandard1.4)) (&& (== net472) (< net45) (< netstandard1.5)) (&& (== net472) (< net45) (< netstandard1.6)) (&& (== net472) (< net45) (< netstandard2.0)) (&& (== net472) (< netstandard1.5) (>= uap10.0)) (&& (== netcoreapp2.1) (< netstandard1.4)) (&& (== netcoreapp2.1) (< netstandard1.5)) (&& (== netcoreapp2.1) (< netstandard1.6)) (&& (== netcoreapp2.1) (< netstandard2.0)) (&& (== netcoreapp2.2) (< netstandard1.4)) (&& (== netcoreapp2.2) (< netstandard1.5)) (&& (== netcoreapp2.2) (< netstandard1.6)) (&& (== netcoreapp2.2) (< netstandard2.0)) (== netstandard1.3) (&& (== netstandard2.0) (< netstandard1.4)) (&& (== netstandard2.0) (< netstandard1.5)) (&& (== netstandard2.0) (< netstandard1.6))
      System.Runtime.InteropServices (>= 4.3) - restriction: || (&& (== net472) (< net45) (< netstandard1.2)) (&& (== net472) (< net45) (< netstandard1.3)) (&& (== net472) (< net45) (< netstandard1.4)) (&& (== net472) (< net45) (< netstandard1.5)) (&& (== net472) (< net45) (< netstandard1.6)) (&& (== net472) (< net45) (< netstandard2.0)) (&& (== net472) (< netstandard1.5) (>= uap10.0)) (&& (== netcoreapp2.1) (< netstandard1.2)) (&& (== netcoreapp2.1) (< netstandard1.3)) (&& (== netcoreapp2.1) (< netstandard1.4)) (&& (== netcoreapp2.1) (< netstandard1.5)) (&& (== netcoreapp2.1) (< netstandard1.6)) (&& (== netcoreapp2.1) (< netstandard2.0)) (&& (== netcoreapp2.2) (< netstandard1.2)) (&& (== netcoreapp2.2) (< netstandard1.3)) (&& (== netcoreapp2.2) (< netstandard1.4)) (&& (== netcoreapp2.2) (< netstandard1.5)) (&& (== netcoreapp2.2) (< netstandard1.6)) (&& (== netcoreapp2.2) (< netstandard2.0)) (== netstandard1.3) (&& (== netstandard2.0) (< netstandard1.2)) (&& (== netstandard2.0) (< netstandard1.3)) (&& (== netstandard2.0) (< netstandard1.4)) (&& (== netstandard2.0) (< netstandard1.5)) (&& (== netstandard2.0) (< netstandard1.6))
      System.Runtime.InteropServices.RuntimeInformation (>= 4.3) - restriction: || (&& (== net472) (< net45) (< netstandard1.2)) (&& (== net472) (< net45) (< netstandard1.5)) (&& (== net472) (< net45) (< netstandard1.6)) (&& (== net472) (< net45) (< netstandard2.0)) (&& (== net472) (< netstandard1.0)) (&& (== net472) (< netstandard1.3)) (&& (== net472) (< netstandard1.4)) (&& (== net472) (< netstandard1.5) (>= uap10.0)) (&& (== netcoreapp2.1) (< netstandard1.0)) (&& (== netcoreapp2.1) (< netstandard1.2)) (&& (== netcoreapp2.1) (< netstandard1.3)) (&& (== netcoreapp2.1) (< netstandard1.4)) (&& (== netcoreapp2.1) (< netstandard1.5)) (&& (== netcoreapp2.1) (< netstandard1.6)) (&& (== netcoreapp2.1) (< netstandard2.0)) (&& (== netcoreapp2.2) (< netstandard1.0)) (&& (== netcoreapp2.2) (< netstandard1.2)) (&& (== netcoreapp2.2) (< netstandard1.3)) (&& (== netcoreapp2.2) (< netstandard1.4)) (&& (== netcoreapp2.2) (< netstandard1.5)) (&& (== netcoreapp2.2) (< netstandard1.6)) (&& (== netcoreapp2.2) (< netstandard2.0)) (== netstandard1.3) (&& (== netstandard2.0) (< netstandard1.0)) (&& (== netstandard2.0) (< netstandard1.2)) (&& (== netstandard2.0) (< netstandard1.3)) (&& (== netstandard2.0) (< netstandard1.4)) (&& (== netstandard2.0) (< netstandard1.5)) (&& (== netstandard2.0) (< netstandard1.6))
      System.Runtime.Numerics (>= 4.3) - restriction: || (&& (== net472) (< net45) (< netstandard1.2)) (&& (== net472) (< net45) (< netstandard1.3)) (&& (== net472) (< net45) (< netstandard1.4)) (&& (== net472) (< net45) (< netstandard1.5)) (&& (== net472) (< net45) (< netstandard1.6)) (&& (== net472) (< net45) (< netstandard2.0)) (&& (== net472) (< netstandard1.5) (>= uap10.0)) (&& (== netcoreapp2.1) (< netstandard1.2)) (&& (== netcoreapp2.1) (< netstandard1.3)) (&& (== netcoreapp2.1) (< netstandard1.4)) (&& (== netcoreapp2.1) (< netstandard1.5)) (&& (== netcoreapp2.1) (< netstandard1.6)) (&& (== netcoreapp2.1) (< netstandard2.0)) (&& (== netcoreapp2.2) (< netstandard1.2)) (&& (== netcoreapp2.2) (< netstandard1.3)) (&& (== netcoreapp2.2) (< netstandard1.4)) (&& (== netcoreapp2.2) (< netstandard1.5)) (&& (== netcoreapp2.2) (< netstandard1.6)) (&& (== netcoreapp2.2) (< netstandard2.0)) (== netstandard1.3) (&& (== netstandard2.0) (< netstandard1.2)) (&& (== netstandard2.0) (< netstandard1.3)) (&& (== netstandard2.0) (< netstandard1.4)) (&& (== netstandard2.0) (< netstandard1.5)) (&& (== netstandard2.0) (< netstandard1.6))
      System.Security.Cryptography.Algorithms (>= 4.3) - restriction: || (&& (== net472) (< net45) (< netstandard1.5)) (&& (== net472) (< net45) (< netstandard1.6)) (&& (== net472) (< net45) (< netstandard2.0)) (&& (== net472) (< netstandard1.4)) (&& (== net472) (< netstandard1.5) (>= uap10.0)) (&& (== netcoreapp2.1) (< netstandard1.4)) (&& (== netcoreapp2.1) (< netstandard1.5)) (&& (== netcoreapp2.1) (< netstandard1.6)) (&& (== netcoreapp2.1) (< netstandard2.0)) (&& (== netcoreapp2.2) (< netstandard1.4)) (&& (== netcoreapp2.2) (< netstandard1.5)) (&& (== netcoreapp2.2) (< netstandard1.6)) (&& (== netcoreapp2.2) (< netstandard2.0)) (== netstandard1.3) (&& (== netstandard2.0) (< netstandard1.4)) (&& (== netstandard2.0) (< netstandard1.5)) (&& (== netstandard2.0) (< netstandard1.6))
      System.Security.Cryptography.Encoding (>= 4.3) - restriction: || (&& (== net472) (< net45) (< netstandard1.5)) (&& (== net472) (< net45) (< netstandard1.6)) (&& (== net472) (< net45) (< netstandard2.0)) (&& (== net472) (< netstandard1.4)) (&& (== net472) (< netstandard1.5) (>= uap10.0)) (&& (== netcoreapp2.1) (< netstandard1.4)) (&& (== netcoreapp2.1) (< netstandard1.5)) (&& (== netcoreapp2.1) (< netstandard1.6)) (&& (== netcoreapp2.1) (< netstandard2.0)) (&& (== netcoreapp2.2) (< netstandard1.4)) (&& (== netcoreapp2.2) (< netstandard1.5)) (&& (== netcoreapp2.2) (< netstandard1.6)) (&& (== netcoreapp2.2) (< netstandard2.0)) (== netstandard1.3) (&& (== netstandard2.0) (< netstandard1.4)) (&& (== netstandard2.0) (< netstandard1.5)) (&& (== netstandard2.0) (< netstandard1.6))
      System.Security.Cryptography.Primitives (>= 4.3) - restriction: || (&& (== net472) (< net45) (< netstandard1.5)) (&& (== net472) (< net45) (< netstandard1.6)) (&& (== net472) (< net45) (< netstandard2.0)) (&& (== net472) (< netstandard1.4)) (&& (== net472) (< netstandard1.5) (>= uap10.0)) (&& (== netcoreapp2.1) (< netstandard1.4)) (&& (== netcoreapp2.1) (< netstandard1.5)) (&& (== netcoreapp2.1) (< netstandard1.6)) (&& (== netcoreapp2.1) (< netstandard2.0)) (&& (== netcoreapp2.2) (< netstandard1.4)) (&& (== netcoreapp2.2) (< netstandard1.5)) (&& (== netcoreapp2.2) (< netstandard1.6)) (&& (== netcoreapp2.2) (< netstandard2.0)) (== netstandard1.3) (&& (== netstandard2.0) (< netstandard1.4)) (&& (== netstandard2.0) (< netstandard1.5)) (&& (== netstandard2.0) (< netstandard1.6))
      System.Security.Cryptography.X509Certificates (>= 4.3) - restriction: || (&& (== net472) (< net45) (< netstandard1.5)) (&& (== net472) (< net45) (< netstandard1.6)) (&& (== net472) (< net45) (< netstandard2.0)) (&& (== net472) (< netstandard1.4)) (&& (== net472) (< netstandard1.5) (>= uap10.0)) (&& (== netcoreapp2.1) (< netstandard1.4)) (&& (== netcoreapp2.1) (< netstandard1.5)) (&& (== netcoreapp2.1) (< netstandard1.6)) (&& (== netcoreapp2.1) (< netstandard2.0)) (&& (== netcoreapp2.2) (< netstandard1.4)) (&& (== netcoreapp2.2) (< netstandard1.5)) (&& (== netcoreapp2.2) (< netstandard1.6)) (&& (== netcoreapp2.2) (< netstandard2.0)) (== netstandard1.3) (&& (== netstandard2.0) (< netstandard1.4)) (&& (== netstandard2.0) (< netstandard1.5)) (&& (== netstandard2.0) (< netstandard1.6))
      System.Text.Encoding (>= 4.3) - restriction: || (&& (== net472) (< net45) (< netstandard1.2)) (&& (== net472) (< net45) (< netstandard1.3)) (&& (== net472) (< net45) (< netstandard1.4)) (&& (== net472) (< net45) (< netstandard1.5)) (&& (== net472) (< net45) (< netstandard1.6)) (&& (== net472) (< net45) (< netstandard2.0)) (&& (== net472) (< netstandard1.5) (>= uap10.0)) (&& (== net472) (< portable-net45+win8+wpa81)) (&& (== netcoreapp2.1) (< netstandard1.2)) (&& (== netcoreapp2.1) (< netstandard1.3)) (&& (== netcoreapp2.1) (< netstandard1.4)) (&& (== netcoreapp2.1) (< netstandard1.5)) (&& (== netcoreapp2.1) (< netstandard1.6)) (&& (== netcoreapp2.1) (< netstandard2.0)) (&& (== netcoreapp2.1) (< portable-net45+win8+wpa81)) (&& (== netcoreapp2.2) (< netstandard1.2)) (&& (== netcoreapp2.2) (< netstandard1.3)) (&& (== netcoreapp2.2) (< netstandard1.4)) (&& (== netcoreapp2.2) (< netstandard1.5)) (&& (== netcoreapp2.2) (< netstandard1.6)) (&& (== netcoreapp2.2) (< netstandard2.0)) (&& (== netcoreapp2.2) (< portable-net45+win8+wpa81)) (== netstandard1.3) (&& (== netstandard2.0) (< netstandard1.2)) (&& (== netstandard2.0) (< netstandard1.3)) (&& (== netstandard2.0) (< netstandard1.4)) (&& (== netstandard2.0) (< netstandard1.5)) (&& (== netstandard2.0) (< netstandard1.6)) (&& (== netstandard2.0) (< portable-net45+win8+wpa81))
      System.Text.Encoding.Extensions (>= 4.3) - restriction: || (&& (== net472) (< net45) (< netstandard1.2)) (&& (== net472) (< net45) (< netstandard1.3)) (&& (== net472) (< net45) (< netstandard1.4)) (&& (== net472) (< net45) (< netstandard1.5)) (&& (== net472) (< net45) (< netstandard1.6)) (&& (== net472) (< net45) (< netstandard2.0)) (&& (== net472) (< netstandard1.5) (>= uap10.0)) (&& (== net472) (< portable-net45+win8+wpa81)) (&& (== netcoreapp2.1) (< netstandard1.2)) (&& (== netcoreapp2.1) (< netstandard1.3)) (&& (== netcoreapp2.1) (< netstandard1.4)) (&& (== netcoreapp2.1) (< netstandard1.5)) (&& (== netcoreapp2.1) (< netstandard1.6)) (&& (== netcoreapp2.1) (< netstandard2.0)) (&& (== netcoreapp2.1) (< portable-net45+win8+wpa81)) (&& (== netcoreapp2.2) (< netstandard1.2)) (&& (== netcoreapp2.2) (< netstandard1.3)) (&& (== netcoreapp2.2) (< netstandard1.4)) (&& (== netcoreapp2.2) (< netstandard1.5)) (&& (== netcoreapp2.2) (< netstandard1.6)) (&& (== netcoreapp2.2) (< netstandard2.0)) (&& (== netcoreapp2.2) (< portable-net45+win8+wpa81)) (== netstandard1.3) (&& (== netstandard2.0) (< netstandard1.2)) (&& (== netstandard2.0) (< netstandard1.3)) (&& (== netstandard2.0) (< netstandard1.4)) (&& (== netstandard2.0) (< netstandard1.5)) (&& (== netstandard2.0) (< netstandard1.6)) (&& (== netstandard2.0) (< portable-net45+win8+wpa81))
      System.Text.RegularExpressions (>= 4.3) - restriction: || (&& (== net472) (< net45) (< netstandard1.2)) (&& (== net472) (< net45) (< netstandard1.3)) (&& (== net472) (< net45) (< netstandard1.4)) (&& (== net472) (< net45) (< netstandard1.5)) (&& (== net472) (< net45) (< netstandard1.6)) (&& (== net472) (< net45) (< netstandard2.0)) (&& (== net472) (< netstandard1.5) (>= uap10.0)) (&& (== net472) (< portable-net45+win8+wpa81)) (&& (== netcoreapp2.1) (< netstandard1.2)) (&& (== netcoreapp2.1) (< netstandard1.3)) (&& (== netcoreapp2.1) (< netstandard1.4)) (&& (== netcoreapp2.1) (< netstandard1.5)) (&& (== netcoreapp2.1) (< netstandard1.6)) (&& (== netcoreapp2.1) (< netstandard2.0)) (&& (== netcoreapp2.1) (< portable-net45+win8+wpa81)) (&& (== netcoreapp2.2) (< netstandard1.2)) (&& (== netcoreapp2.2) (< netstandard1.3)) (&& (== netcoreapp2.2) (< netstandard1.4)) (&& (== netcoreapp2.2) (< netstandard1.5)) (&& (== netcoreapp2.2) (< netstandard1.6)) (&& (== netcoreapp2.2) (< netstandard2.0)) (&& (== netcoreapp2.2) (< portable-net45+win8+wpa81)) (== netstandard1.3) (&& (== netstandard2.0) (< netstandard1.2)) (&& (== netstandard2.0) (< netstandard1.3)) (&& (== netstandard2.0) (< netstandard1.4)) (&& (== netstandard2.0) (< netstandard1.5)) (&& (== netstandard2.0) (< netstandard1.6)) (&& (== netstandard2.0) (< portable-net45+win8+wpa81))
      System.Threading (>= 4.3) - restriction: || (&& (== net472) (< net45) (< netstandard1.2)) (&& (== net472) (< net45) (< netstandard1.3)) (&& (== net472) (< net45) (< netstandard1.4)) (&& (== net472) (< net45) (< netstandard1.5)) (&& (== net472) (< net45) (< netstandard1.6)) (&& (== net472) (< net45) (< netstandard2.0)) (&& (== net472) (< netstandard1.5) (>= uap10.0)) (&& (== net472) (< portable-net45+win8+wpa81)) (&& (== netcoreapp2.1) (< netstandard1.2)) (&& (== netcoreapp2.1) (< netstandard1.3)) (&& (== netcoreapp2.1) (< netstandard1.4)) (&& (== netcoreapp2.1) (< netstandard1.5)) (&& (== netcoreapp2.1) (< netstandard1.6)) (&& (== netcoreapp2.1) (< netstandard2.0)) (&& (== netcoreapp2.1) (< portable-net45+win8+wpa81)) (&& (== netcoreapp2.2) (< netstandard1.2)) (&& (== netcoreapp2.2) (< netstandard1.3)) (&& (== netcoreapp2.2) (< netstandard1.4)) (&& (== netcoreapp2.2) (< netstandard1.5)) (&& (== netcoreapp2.2) (< netstandard1.6)) (&& (== netcoreapp2.2) (< netstandard2.0)) (&& (== netcoreapp2.2) (< portable-net45+win8+wpa81)) (== netstandard1.3) (&& (== netstandard2.0) (< netstandard1.2)) (&& (== netstandard2.0) (< netstandard1.3)) (&& (== netstandard2.0) (< netstandard1.4)) (&& (== netstandard2.0) (< netstandard1.5)) (&& (== netstandard2.0) (< netstandard1.6)) (&& (== netstandard2.0) (< portable-net45+win8+wpa81))
      System.Threading.Tasks (>= 4.3) - restriction: || (&& (== net472) (< net45) (< netstandard1.2)) (&& (== net472) (< net45) (< netstandard1.3)) (&& (== net472) (< net45) (< netstandard1.4)) (&& (== net472) (< net45) (< netstandard1.5)) (&& (== net472) (< net45) (< netstandard1.6)) (&& (== net472) (< net45) (< netstandard2.0)) (&& (== net472) (< netstandard1.5) (>= uap10.0)) (&& (== net472) (< portable-net45+win8+wpa81)) (&& (== netcoreapp2.1) (< netstandard1.2)) (&& (== netcoreapp2.1) (< netstandard1.3)) (&& (== netcoreapp2.1) (< netstandard1.4)) (&& (== netcoreapp2.1) (< netstandard1.5)) (&& (== netcoreapp2.1) (< netstandard1.6)) (&& (== netcoreapp2.1) (< netstandard2.0)) (&& (== netcoreapp2.1) (< portable-net45+win8+wpa81)) (&& (== netcoreapp2.2) (< netstandard1.2)) (&& (== netcoreapp2.2) (< netstandard1.3)) (&& (== netcoreapp2.2) (< netstandard1.4)) (&& (== netcoreapp2.2) (< netstandard1.5)) (&& (== netcoreapp2.2) (< netstandard1.6)) (&& (== netcoreapp2.2) (< netstandard2.0)) (&& (== netcoreapp2.2) (< portable-net45+win8+wpa81)) (== netstandard1.3) (&& (== netstandard2.0) (< netstandard1.2)) (&& (== netstandard2.0) (< netstandard1.3)) (&& (== netstandard2.0) (< netstandard1.4)) (&& (== netstandard2.0) (< netstandard1.5)) (&& (== netstandard2.0) (< netstandard1.6)) (&& (== netstandard2.0) (< portable-net45+win8+wpa81))
      System.Threading.Timer (>= 4.3) - restriction: || (&& (== net472) (< net45) (< netstandard1.3)) (&& (== net472) (< net45) (< netstandard1.4)) (&& (== net472) (< net45) (< netstandard1.5)) (&& (== net472) (< net45) (< netstandard1.6)) (&& (== net472) (< net45) (< netstandard2.0)) (&& (== net472) (< netstandard1.5) (>= uap10.0)) (&& (== netcoreapp2.1) (< netstandard1.3)) (&& (== netcoreapp2.1) (< netstandard1.4)) (&& (== netcoreapp2.1) (< netstandard1.5)) (&& (== netcoreapp2.1) (< netstandard1.6)) (&& (== netcoreapp2.1) (< netstandard2.0)) (&& (== netcoreapp2.2) (< netstandard1.3)) (&& (== netcoreapp2.2) (< netstandard1.4)) (&& (== netcoreapp2.2) (< netstandard1.5)) (&& (== netcoreapp2.2) (< netstandard1.6)) (&& (== netcoreapp2.2) (< netstandard2.0)) (== netstandard1.3) (&& (== netstandard2.0) (< netstandard1.3)) (&& (== netstandard2.0) (< netstandard1.4)) (&& (== netstandard2.0) (< netstandard1.5)) (&& (== netstandard2.0) (< netstandard1.6))
      System.Xml.ReaderWriter (>= 4.3) - restriction: || (&& (== net472) (< net45) (< netstandard1.2)) (&& (== net472) (< net45) (< netstandard1.3)) (&& (== net472) (< net45) (< netstandard1.5)) (&& (== net472) (< net45) (< netstandard1.6)) (&& (== net472) (< net45) (< netstandard2.0)) (&& (== net472) (< netstandard1.4)) (&& (== net472) (< netstandard1.5) (>= uap10.0)) (&& (== net472) (< portable-net45+win8+wpa81)) (&& (== netcoreapp2.1) (< netstandard1.2)) (&& (== netcoreapp2.1) (< netstandard1.3)) (&& (== netcoreapp2.1) (< netstandard1.4)) (&& (== netcoreapp2.1) (< netstandard1.5)) (&& (== netcoreapp2.1) (< netstandard1.6)) (&& (== netcoreapp2.1) (< netstandard2.0)) (&& (== netcoreapp2.1) (< portable-net45+win8+wpa81)) (&& (== netcoreapp2.2) (< netstandard1.2)) (&& (== netcoreapp2.2) (< netstandard1.3)) (&& (== netcoreapp2.2) (< netstandard1.4)) (&& (== netcoreapp2.2) (< netstandard1.5)) (&& (== netcoreapp2.2) (< netstandard1.6)) (&& (== netcoreapp2.2) (< netstandard2.0)) (&& (== netcoreapp2.2) (< portable-net45+win8+wpa81)) (== netstandard1.3) (&& (== netstandard2.0) (< netstandard1.2)) (&& (== netstandard2.0) (< netstandard1.3)) (&& (== netstandard2.0) (< netstandard1.4)) (&& (== netstandard2.0) (< netstandard1.5)) (&& (== netstandard2.0) (< netstandard1.6)) (&& (== netstandard2.0) (< portable-net45+win8+wpa81))
      System.Xml.XDocument (>= 4.3) - restriction: || (&& (== net472) (< net45) (< netstandard1.2)) (&& (== net472) (< net45) (< netstandard1.3)) (&& (== net472) (< net45) (< netstandard1.4)) (&& (== net472) (< net45) (< netstandard1.5)) (&& (== net472) (< net45) (< netstandard1.6)) (&& (== net472) (< net45) (< netstandard2.0)) (&& (== net472) (< netstandard1.5) (>= uap10.0)) (&& (== net472) (< portable-net45+win8+wpa81)) (&& (== netcoreapp2.1) (< netstandard1.2)) (&& (== netcoreapp2.1) (< netstandard1.3)) (&& (== netcoreapp2.1) (< netstandard1.4)) (&& (== netcoreapp2.1) (< netstandard1.5)) (&& (== netcoreapp2.1) (< netstandard1.6)) (&& (== netcoreapp2.1) (< netstandard2.0)) (&& (== netcoreapp2.1) (< portable-net45+win8+wpa81)) (&& (== netcoreapp2.2) (< netstandard1.2)) (&& (== netcoreapp2.2) (< netstandard1.3)) (&& (== netcoreapp2.2) (< netstandard1.4)) (&& (== netcoreapp2.2) (< netstandard1.5)) (&& (== netcoreapp2.2) (< netstandard1.6)) (&& (== netcoreapp2.2) (< netstandard2.0)) (&& (== netcoreapp2.2) (< portable-net45+win8+wpa81)) (== netstandard1.3) (&& (== netstandard2.0) (< netstandard1.2)) (&& (== netstandard2.0) (< netstandard1.3)) (&& (== netstandard2.0) (< netstandard1.4)) (&& (== netstandard2.0) (< netstandard1.5)) (&& (== netstandard2.0) (< netstandard1.6)) (&& (== netstandard2.0) (< portable-net45+win8+wpa81))
    Newtonsoft.Json (12.0.1)
      Microsoft.CSharp (>= 4.3) - restriction: || (&& (== net472) (< net20) (< netstandard1.3)) (&& (== net472) (< net20) (< netstandard2.0)) (&& (== netcoreapp2.1) (< netstandard1.3)) (&& (== netcoreapp2.1) (< netstandard2.0)) (&& (== netcoreapp2.2) (< netstandard1.3)) (&& (== netcoreapp2.2) (< netstandard2.0)) (== netstandard1.3) (&& (== netstandard2.0) (< netstandard1.3))
      NETStandard.Library (>= 1.6.1) - restriction: || (&& (== net472) (< net20) (< netstandard1.3)) (&& (== net472) (< net20) (< netstandard2.0)) (&& (== netcoreapp2.1) (< netstandard1.3)) (&& (== netcoreapp2.1) (< netstandard2.0)) (&& (== netcoreapp2.2) (< netstandard1.3)) (&& (== netcoreapp2.2) (< netstandard2.0)) (== netstandard1.3) (&& (== netstandard2.0) (< netstandard1.3))
      System.ComponentModel.TypeConverter (>= 4.3) - restriction: || (&& (== net472) (< net20) (< netstandard1.3)) (&& (== net472) (< net20) (< netstandard2.0)) (&& (== netcoreapp2.1) (< netstandard1.3)) (&& (== netcoreapp2.1) (< netstandard2.0)) (&& (== netcoreapp2.2) (< netstandard1.3)) (&& (== netcoreapp2.2) (< netstandard2.0)) (== netstandard1.3) (&& (== netstandard2.0) (< netstandard1.3))
      System.Runtime.Serialization.Formatters (>= 4.3) - restriction: || (&& (== net472) (< net20) (< netstandard2.0)) (&& (== netcoreapp2.1) (< netstandard2.0)) (&& (== netcoreapp2.2) (< netstandard2.0)) (== netstandard1.3)
      System.Runtime.Serialization.Primitives (>= 4.3) - restriction: || (&& (== net472) (< net20) (< netstandard1.3)) (&& (== net472) (< net20) (< netstandard2.0)) (&& (== netcoreapp2.1) (< netstandard1.3)) (&& (== netcoreapp2.1) (< netstandard2.0)) (&& (== netcoreapp2.2) (< netstandard1.3)) (&& (== netcoreapp2.2) (< netstandard2.0)) (== netstandard1.3) (&& (== netstandard2.0) (< netstandard1.3))
      System.Xml.XmlDocument (>= 4.3) - restriction: || (&& (== net472) (< net20) (< netstandard2.0)) (&& (== netcoreapp2.1) (< netstandard2.0)) (&& (== netcoreapp2.2) (< netstandard2.0)) (== netstandard1.3)
    Paket.Core (5.198)
      Chessie (>= 0.6) - restriction: || (== net472) (== netcoreapp2.1) (== netcoreapp2.2) (&& (== netstandard1.3) (>= net45)) (&& (== netstandard1.3) (>= netstandard2.0)) (== netstandard2.0)
      FSharp.Compiler.Tools  - restriction: || (== net472) (&& (== netcoreapp2.1) (>= net45)) (&& (== netcoreapp2.2) (>= net45)) (&& (== netstandard1.3) (>= net45)) (&& (== netstandard2.0) (>= net45))
      FSharp.Core (> 4.3) - restriction: || (== net472) (&& (== netcoreapp2.1) (>= net45)) (&& (== netcoreapp2.2) (>= net45)) (&& (== netstandard1.3) (>= net45)) (&& (== netstandard2.0) (>= net45))
      Mono.Cecil (>= 0.10.0-beta6) - restriction: || (== net472) (== netcoreapp2.1) (== netcoreapp2.2) (&& (== netstandard1.3) (>= net45)) (&& (== netstandard1.3) (>= netstandard2.0)) (== netstandard2.0)
      Newtonsoft.Json  - restriction: || (== net472) (&& (== netcoreapp2.1) (>= net45)) (&& (== netcoreapp2.2) (>= net45)) (&& (== netstandard1.3) (>= net45)) (&& (== netstandard2.0) (>= net45))
      Newtonsoft.Json (>= 10.0.3) - restriction: || (&& (== net472) (== netstandard1.3)) (&& (== net472) (< net45)) (== netcoreapp2.1) (== netcoreapp2.2) (&& (== netstandard1.3) (>= netstandard2.0)) (== netstandard2.0)
      System.Net.Http.WinHttpHandler (>= 4.5) - restriction: || (&& (== net472) (== netstandard1.3)) (&& (== net472) (< net45)) (== netcoreapp2.1) (== netcoreapp2.2) (&& (== netstandard1.3) (>= netstandard2.0)) (== netstandard2.0)
      System.Security.Cryptography.ProtectedData (>= 4.4) - restriction: || (&& (== net472) (== netstandard1.3)) (&& (== net472) (< net45)) (== netcoreapp2.1) (== netcoreapp2.2) (&& (== netstandard1.3) (>= netstandard2.0)) (== netstandard2.0)
    runtime.debian.8-x64.runtime.native.System.Security.Cryptography.OpenSsl (4.3.3) - restriction: || (&& (== net472) (== netstandard1.3)) (&& (== net472) (< net45)) (== netcoreapp2.1) (== netcoreapp2.2) (&& (== netstandard1.3) (>= netstandard2.0)) (== netstandard2.0)
    runtime.debian.9-x64.runtime.native.System.Security.Cryptography.OpenSsl (4.3.3) - restriction: || (&& (== net472) (== netstandard1.3)) (&& (== net472) (< net45)) (== netcoreapp2.1) (== netcoreapp2.2) (&& (== netstandard1.3) (>= netstandard2.0)) (== netstandard2.0)
    runtime.fedora.23-x64.runtime.native.System.Security.Cryptography.OpenSsl (4.3.3) - restriction: || (&& (== net472) (== netstandard1.3)) (&& (== net472) (< net45)) (== netcoreapp2.1) (== netcoreapp2.2) (&& (== netstandard1.3) (>= netstandard2.0)) (== netstandard2.0)
    runtime.fedora.24-x64.runtime.native.System.Security.Cryptography.OpenSsl (4.3.3) - restriction: || (&& (== net472) (== netstandard1.3)) (&& (== net472) (< net45)) (== netcoreapp2.1) (== netcoreapp2.2) (&& (== netstandard1.3) (>= netstandard2.0)) (== netstandard2.0)
    runtime.fedora.27-x64.runtime.native.System.Security.Cryptography.OpenSsl (4.3.3) - restriction: || (&& (== net472) (== netstandard1.3)) (&& (== net472) (< net45)) (== netcoreapp2.1) (== netcoreapp2.2) (&& (== netstandard1.3) (>= netstandard2.0)) (== netstandard2.0)
    runtime.fedora.28-x64.runtime.native.System.Security.Cryptography.OpenSsl (4.3.3) - restriction: || (&& (== net472) (== netstandard1.3)) (&& (== net472) (< net45)) (== netcoreapp2.1) (== netcoreapp2.2) (&& (== netstandard1.3) (>= netstandard2.0)) (== netstandard2.0)
    runtime.native.System (4.3.1) - restriction: || (&& (== net472) (< net20) (< netstandard1.2)) (&& (== net472) (< net20) (< netstandard1.3)) (&& (== net472) (< net20) (< netstandard1.4)) (&& (== net472) (< net20) (< netstandard1.5)) (&& (== net472) (< net20) (< netstandard1.6)) (&& (== net472) (< net20) (< netstandard2.0)) (&& (== net472) (< net35)) (&& (== net472) (< net45)) (&& (== net472) (< netstandard1.3) (>= uap10.0)) (&& (== net472) (< netstandard1.5) (>= uap10.0)) (== netcoreapp2.1) (== netcoreapp2.2) (== netstandard1.3) (== netstandard2.0)
      Microsoft.NETCore.Platforms (>= 1.1.1)
      Microsoft.NETCore.Targets (>= 1.1.3)
    runtime.native.System.Data.SqlClient.sni (4.5) - restriction: || (&& (== net472) (== netstandard1.3)) (&& (== net472) (< net45)) (&& (== net472) (>= netcoreapp2.0)) (== netcoreapp2.1) (== netcoreapp2.2) (&& (== netstandard1.3) (>= netcoreapp2.0)) (&& (== netstandard1.3) (>= netstandard2.0)) (== netstandard2.0)
      runtime.win-arm64.runtime.native.System.Data.SqlClient.sni (>= 4.4)
      runtime.win-x64.runtime.native.System.Data.SqlClient.sni (>= 4.4)
      runtime.win-x86.runtime.native.System.Data.SqlClient.sni (>= 4.4)
    runtime.native.System.IO.Compression (4.3.2) - restriction: || (&& (== net472) (== netstandard2.0) (< netstandard1.4)) (&& (== net472) (== netstandard2.0) (< netstandard1.5)) (&& (== net472) (== netstandard2.0) (< netstandard1.6)) (&& (== net472) (>= dnxcore50)) (&& (== net472) (< net20) (< netstandard1.2)) (&& (== net472) (< net20) (< netstandard1.3)) (&& (== net472) (< net20) (< netstandard1.4)) (&& (== net472) (< net20) (< netstandard1.5)) (&& (== net472) (< net20) (< netstandard1.6)) (&& (== net472) (< net20) (< netstandard2.0)) (&& (== net472) (< netstandard1.3) (>= uap10.0)) (&& (== net472) (< netstandard1.5) (>= uap10.0)) (&& (== netcoreapp2.1) (>= dnxcore50)) (&& (== netcoreapp2.1) (< netstandard1.2)) (&& (== netcoreapp2.1) (< netstandard1.3)) (&& (== netcoreapp2.1) (< netstandard1.4)) (&& (== netcoreapp2.1) (< netstandard1.5)) (&& (== netcoreapp2.1) (< netstandard1.6)) (&& (== netcoreapp2.1) (< netstandard2.0)) (&& (== netcoreapp2.2) (>= dnxcore50)) (&& (== netcoreapp2.2) (< netstandard1.2)) (&& (== netcoreapp2.2) (< netstandard1.3)) (&& (== netcoreapp2.2) (< netstandard1.4)) (&& (== netcoreapp2.2) (< netstandard1.5)) (&& (== netcoreapp2.2) (< netstandard1.6)) (&& (== netcoreapp2.2) (< netstandard2.0)) (== netstandard1.3) (&& (== netstandard2.0) (>= dnxcore50)) (&& (== netstandard2.0) (< netstandard1.2)) (&& (== netstandard2.0) (< netstandard1.3))
      Microsoft.NETCore.Platforms (>= 1.1.1)
      Microsoft.NETCore.Targets (>= 1.1.3)
    runtime.native.System.Security.Cryptography.Apple (4.3.1) - restriction: || (&& (== net472) (== netstandard1.3)) (&& (== net472) (< net45)) (== netcoreapp2.1) (== netcoreapp2.2) (&& (== netstandard1.3) (>= netstandard2.0)) (== netstandard2.0)
      runtime.osx.10.10-x64.runtime.native.System.Security.Cryptography.Apple (>= 4.3.1)
    runtime.native.System.Security.Cryptography.OpenSsl (4.3.3) - restriction: || (&& (== net472) (< net20) (< netstandard1.3)) (&& (== net472) (< net20) (< netstandard1.4)) (&& (== net472) (< net20) (< netstandard1.5)) (&& (== net472) (< net20) (< netstandard1.6)) (&& (== net472) (< net20) (< netstandard2.0)) (&& (== net472) (< net45)) (&& (== net472) (< netstandard1.3) (>= uap10.0)) (&& (== net472) (< netstandard1.5) (>= uap10.0)) (== netcoreapp2.1) (== netcoreapp2.2) (== netstandard1.3) (== netstandard2.0)
      runtime.debian.8-x64.runtime.native.System.Security.Cryptography.OpenSsl (>= 4.3.3)
      runtime.debian.9-x64.runtime.native.System.Security.Cryptography.OpenSsl (>= 4.3.3)
      runtime.fedora.23-x64.runtime.native.System.Security.Cryptography.OpenSsl (>= 4.3.3)
      runtime.fedora.24-x64.runtime.native.System.Security.Cryptography.OpenSsl (>= 4.3.3)
      runtime.fedora.27-x64.runtime.native.System.Security.Cryptography.OpenSsl (>= 4.3.3)
      runtime.fedora.28-x64.runtime.native.System.Security.Cryptography.OpenSsl (>= 4.3.3)
      runtime.opensuse.13.2-x64.runtime.native.System.Security.Cryptography.OpenSsl (>= 4.3.3)
      runtime.opensuse.42.1-x64.runtime.native.System.Security.Cryptography.OpenSsl (>= 4.3.3)
      runtime.opensuse.42.3-x64.runtime.native.System.Security.Cryptography.OpenSsl (>= 4.3.3)
      runtime.osx.10.10-x64.runtime.native.System.Security.Cryptography.OpenSsl (>= 4.3.3)
      runtime.rhel.7-x64.runtime.native.System.Security.Cryptography.OpenSsl (>= 4.3.3)
      runtime.ubuntu.14.04-x64.runtime.native.System.Security.Cryptography.OpenSsl (>= 4.3.3)
      runtime.ubuntu.16.04-x64.runtime.native.System.Security.Cryptography.OpenSsl (>= 4.3.3)
      runtime.ubuntu.16.10-x64.runtime.native.System.Security.Cryptography.OpenSsl (>= 4.3.3)
      runtime.ubuntu.18.04-x64.runtime.native.System.Security.Cryptography.OpenSsl (>= 4.3.3)
    runtime.opensuse.13.2-x64.runtime.native.System.Security.Cryptography.OpenSsl (4.3.3) - restriction: || (&& (== net472) (== netstandard1.3)) (&& (== net472) (< net45)) (== netcoreapp2.1) (== netcoreapp2.2) (&& (== netstandard1.3) (>= netstandard2.0)) (== netstandard2.0)
    runtime.opensuse.42.1-x64.runtime.native.System.Security.Cryptography.OpenSsl (4.3.3) - restriction: || (&& (== net472) (== netstandard1.3)) (&& (== net472) (< net45)) (== netcoreapp2.1) (== netcoreapp2.2) (&& (== netstandard1.3) (>= netstandard2.0)) (== netstandard2.0)
    runtime.opensuse.42.3-x64.runtime.native.System.Security.Cryptography.OpenSsl (4.3.3) - restriction: || (&& (== net472) (== netstandard1.3)) (&& (== net472) (< net45)) (== netcoreapp2.1) (== netcoreapp2.2) (&& (== netstandard1.3) (>= netstandard2.0)) (== netstandard2.0)
    runtime.osx.10.10-x64.runtime.native.System.Security.Cryptography.Apple (4.3.1) - restriction: || (&& (== net472) (== netstandard1.3)) (&& (== net472) (< net45)) (== netcoreapp2.1) (== netcoreapp2.2) (&& (== netstandard1.3) (>= netstandard2.0)) (== netstandard2.0)
    runtime.osx.10.10-x64.runtime.native.System.Security.Cryptography.OpenSsl (4.3.3) - restriction: || (&& (== net472) (== netstandard1.3)) (&& (== net472) (< net45)) (== netcoreapp2.1) (== netcoreapp2.2) (&& (== netstandard1.3) (>= netstandard2.0)) (== netstandard2.0)
    runtime.rhel.7-x64.runtime.native.System.Security.Cryptography.OpenSsl (4.3.3) - restriction: || (&& (== net472) (== netstandard1.3)) (&& (== net472) (< net45)) (== netcoreapp2.1) (== netcoreapp2.2) (&& (== netstandard1.3) (>= netstandard2.0)) (== netstandard2.0)
    runtime.ubuntu.14.04-x64.runtime.native.System.Security.Cryptography.OpenSsl (4.3.3) - restriction: || (&& (== net472) (== netstandard1.3)) (&& (== net472) (< net45)) (== netcoreapp2.1) (== netcoreapp2.2) (&& (== netstandard1.3) (>= netstandard2.0)) (== netstandard2.0)
    runtime.ubuntu.16.04-x64.runtime.native.System.Security.Cryptography.OpenSsl (4.3.3) - restriction: || (&& (== net472) (== netstandard1.3)) (&& (== net472) (< net45)) (== netcoreapp2.1) (== netcoreapp2.2) (&& (== netstandard1.3) (>= netstandard2.0)) (== netstandard2.0)
    runtime.ubuntu.16.10-x64.runtime.native.System.Security.Cryptography.OpenSsl (4.3.3) - restriction: || (&& (== net472) (== netstandard1.3)) (&& (== net472) (< net45)) (== netcoreapp2.1) (== netcoreapp2.2) (&& (== netstandard1.3) (>= netstandard2.0)) (== netstandard2.0)
    runtime.ubuntu.18.04-x64.runtime.native.System.Security.Cryptography.OpenSsl (4.3.3) - restriction: || (&& (== net472) (== netstandard1.3)) (&& (== net472) (< net45)) (== netcoreapp2.1) (== netcoreapp2.2) (&& (== netstandard1.3) (>= netstandard2.0)) (== netstandard2.0)
    runtime.win-arm64.runtime.native.System.Data.SqlClient.sni (4.4) - restriction: || (&& (== net472) (== netstandard1.3)) (&& (== net472) (< net45)) (&& (== net472) (>= netcoreapp2.0)) (== netcoreapp2.1) (== netcoreapp2.2) (&& (== netstandard1.3) (>= netcoreapp2.0)) (&& (== netstandard1.3) (>= netstandard2.0)) (== netstandard2.0)
    runtime.win-x64.runtime.native.System.Data.SqlClient.sni (4.4) - restriction: || (&& (== net472) (== netstandard1.3)) (&& (== net472) (< net45)) (&& (== net472) (>= netcoreapp2.0)) (== netcoreapp2.1) (== netcoreapp2.2) (&& (== netstandard1.3) (>= netcoreapp2.0)) (&& (== netstandard1.3) (>= netstandard2.0)) (== netstandard2.0)
    runtime.win-x86.runtime.native.System.Data.SqlClient.sni (4.4) - restriction: || (&& (== net472) (== netstandard1.3)) (&& (== net472) (< net45)) (&& (== net472) (>= netcoreapp2.0)) (== netcoreapp2.1) (== netcoreapp2.2) (&& (== netstandard1.3) (>= netcoreapp2.0)) (&& (== netstandard1.3) (>= netstandard2.0)) (== netstandard2.0)
    Suave (1.1.3)
      FSharp.Core (>= 3.1.2.5)
    System.AppContext (4.3) - restriction: || (&& (== net472) (== netstandard2.0) (< netstandard1.4)) (&& (== net472) (== netstandard2.0) (< netstandard1.5)) (&& (== net472) (== netstandard2.0) (< netstandard1.6)) (&& (== net472) (< net20) (< netstandard1.3)) (&& (== net472) (< net20) (< netstandard1.4)) (&& (== net472) (< net20) (< netstandard1.5)) (&& (== net472) (< net20) (< netstandard1.6)) (&& (== net472) (< net20) (< netstandard2.0)) (&& (== net472) (< netstandard1.3) (>= uap10.0)) (&& (== net472) (< netstandard1.5) (>= uap10.0)) (&& (== netcoreapp2.1) (< netstandard1.3)) (&& (== netcoreapp2.1) (< netstandard1.4)) (&& (== netcoreapp2.1) (< netstandard1.5)) (&& (== netcoreapp2.1) (< netstandard1.6)) (&& (== netcoreapp2.1) (< netstandard2.0)) (&& (== netcoreapp2.2) (< netstandard1.3)) (&& (== netcoreapp2.2) (< netstandard1.4)) (&& (== netcoreapp2.2) (< netstandard1.5)) (&& (== netcoreapp2.2) (< netstandard1.6)) (&& (== netcoreapp2.2) (< netstandard2.0)) (== netstandard1.3) (&& (== netstandard2.0) (< netstandard1.3))
      System.Runtime (>= 4.3) - restriction: || (&& (== net472) (>= dnxcore50)) (&& (== net472) (< net46)) (== netcoreapp2.1) (== netcoreapp2.2) (== netstandard1.3) (== netstandard2.0)
    System.Buffers (4.5) - restriction: || (&& (== net472) (== netcoreapp2.1)) (&& (== net472) (== netcoreapp2.2)) (&& (== net472) (>= dnxcore50)) (&& (== net472) (< net20) (< netstandard1.2)) (&& (== net472) (< net20) (< netstandard1.3)) (&& (== net472) (< net20) (< netstandard1.4)) (&& (== net472) (< net20) (< netstandard1.5)) (&& (== net472) (< net20) (< netstandard1.6)) (&& (== net472) (< net20) (< netstandard2.0)) (&& (== net472) (< net45)) (&& (== net472) (< netstandard1.3) (>= uap10.0)) (&& (== net472) (< netstandard1.5) (>= uap10.0)) (&& (== netcoreapp2.1) (>= dnxcore50)) (&& (== netcoreapp2.1) (< netcoreapp2.0)) (&& (== netcoreapp2.1) (< netstandard1.2)) (&& (== netcoreapp2.1) (< netstandard1.3)) (&& (== netcoreapp2.1) (< netstandard1.4)) (&& (== netcoreapp2.1) (< netstandard1.5)) (&& (== netcoreapp2.1) (< netstandard1.6)) (&& (== netcoreapp2.1) (< netstandard2.0)) (&& (== netcoreapp2.2) (>= dnxcore50)) (&& (== netcoreapp2.2) (< netcoreapp2.0)) (&& (== netcoreapp2.2) (< netstandard1.2)) (&& (== netcoreapp2.2) (< netstandard1.3)) (&& (== netcoreapp2.2) (< netstandard1.4)) (&& (== netcoreapp2.2) (< netstandard1.5)) (&& (== netcoreapp2.2) (< netstandard1.6)) (&& (== netcoreapp2.2) (< netstandard2.0)) (== netstandard1.3) (== netstandard2.0)
    System.Collections (4.3) - restriction: || (&& (== net472) (>= dnxcore50)) (&& (== net472) (< net20) (< netstandard1.3)) (&& (== net472) (< net20) (< netstandard1.5)) (&& (== net472) (< net20) (< netstandard2.0)) (&& (== net472) (< net35)) (&& (== net472) (< net45)) (== netcoreapp2.1) (== netcoreapp2.2) (== netstandard1.3) (== netstandard2.0)
      Microsoft.NETCore.Platforms (>= 1.1) - restriction: || (&& (== net472) (>= dnxcore50)) (&& (== net472) (< net45)) (== netcoreapp2.1) (== netcoreapp2.2) (== netstandard1.3) (== netstandard2.0)
      Microsoft.NETCore.Targets (>= 1.1) - restriction: || (&& (== net472) (>= dnxcore50)) (&& (== net472) (< net45)) (== netcoreapp2.1) (== netcoreapp2.2) (== netstandard1.3) (== netstandard2.0)
      System.Runtime (>= 4.3) - restriction: || (&& (== net472) (>= dnxcore50)) (&& (== net472) (< net45)) (== netcoreapp2.1) (== netcoreapp2.2) (== netstandard1.3) (== netstandard2.0)
    System.Collections.Concurrent (4.3) - restriction: || (&& (== net472) (== netstandard2.0) (< netstandard1.4)) (&& (== net472) (== netstandard2.0) (< netstandard1.5)) (&& (== net472) (== netstandard2.0) (< netstandard1.6)) (&& (== net472) (< net20) (< netstandard1.2)) (&& (== net472) (< net20) (< netstandard1.3)) (&& (== net472) (< net20) (< netstandard1.4)) (&& (== net472) (< net20) (< netstandard1.5)) (&& (== net472) (< net20) (< netstandard1.6)) (&& (== net472) (< net20) (< netstandard2.0)) (&& (== net472) (< netstandard1.3) (>= uap10.0)) (&& (== net472) (< netstandard1.5) (>= uap10.0)) (&& (== netcoreapp2.1) (< netstandard1.2)) (&& (== netcoreapp2.1) (< netstandard1.3)) (&& (== netcoreapp2.1) (< netstandard1.4)) (&& (== netcoreapp2.1) (< netstandard1.5)) (&& (== netcoreapp2.1) (< netstandard1.6)) (&& (== netcoreapp2.1) (< netstandard2.0)) (&& (== netcoreapp2.2) (< netstandard1.2)) (&& (== netcoreapp2.2) (< netstandard1.3)) (&& (== netcoreapp2.2) (< netstandard1.4)) (&& (== netcoreapp2.2) (< netstandard1.5)) (&& (== netcoreapp2.2) (< netstandard1.6)) (&& (== netcoreapp2.2) (< netstandard2.0)) (== netstandard1.3) (&& (== netstandard2.0) (< netstandard1.2)) (&& (== netstandard2.0) (< netstandard1.3))
      System.Collections (>= 4.3) - restriction: || (&& (== net472) (>= dnxcore50)) (&& (== net472) (< net45)) (== netcoreapp2.1) (== netcoreapp2.2) (== netstandard1.3) (== netstandard2.0)
      System.Diagnostics.Debug (>= 4.3) - restriction: || (&& (== net472) (>= dnxcore50)) (&& (== net472) (< net45)) (== netcoreapp2.1) (== netcoreapp2.2) (== netstandard1.3) (== netstandard2.0)
      System.Diagnostics.Tracing (>= 4.3) - restriction: || (&& (== net472) (>= dnxcore50)) (&& (== net472) (< net45)) (== netcoreapp2.1) (== netcoreapp2.2) (== netstandard1.3) (== netstandard2.0)
      System.Globalization (>= 4.3) - restriction: || (&& (== net472) (>= dnxcore50)) (&& (== net472) (< net45)) (== netcoreapp2.1) (== netcoreapp2.2) (== netstandard1.3) (== netstandard2.0)
      System.Reflection (>= 4.3) - restriction: || (&& (== net472) (< net45)) (== netcoreapp2.1) (== netcoreapp2.2) (== netstandard1.3) (== netstandard2.0)
      System.Resources.ResourceManager (>= 4.3) - restriction: || (&& (== net472) (>= dnxcore50)) (&& (== net472) (< net45)) (== netcoreapp2.1) (== netcoreapp2.2) (== netstandard1.3) (== netstandard2.0)
      System.Runtime (>= 4.3) - restriction: || (&& (== net472) (>= dnxcore50)) (&& (== net472) (< net45)) (== netcoreapp2.1) (== netcoreapp2.2) (== netstandard1.3) (== netstandard2.0)
      System.Runtime.Extensions (>= 4.3) - restriction: || (&& (== net472) (>= dnxcore50)) (&& (== net472) (< net45)) (== netcoreapp2.1) (== netcoreapp2.2) (== netstandard1.3) (== netstandard2.0)
      System.Threading (>= 4.3) - restriction: || (&& (== net472) (>= dnxcore50)) (&& (== net472) (< net45)) (== netcoreapp2.1) (== netcoreapp2.2) (== netstandard1.3) (== netstandard2.0)
      System.Threading.Tasks (>= 4.3) - restriction: || (&& (== net472) (>= dnxcore50)) (&& (== net472) (< net45)) (== netcoreapp2.1) (== netcoreapp2.2) (== netstandard1.3) (== netstandard2.0)
    System.Collections.Immutable (1.5)
    System.Collections.NonGeneric (4.3) - restriction: || (&& (== net472) (>= dnxcore50)) (&& (== net472) (< net35) (< netstandard2.0)) (&& (== net472) (>= uap10.1)) (&& (== netcoreapp2.1) (>= dnxcore50)) (&& (== netcoreapp2.1) (< netstandard2.0)) (&& (== netcoreapp2.2) (>= dnxcore50)) (&& (== netcoreapp2.2) (< netstandard2.0)) (== netstandard1.3) (&& (== netstandard2.0) (>= dnxcore50))
      System.Diagnostics.Debug (>= 4.3) - restriction: || (&& (== net472) (< net46)) (== netcoreapp2.1) (== netcoreapp2.2) (== netstandard1.3) (== netstandard2.0)
      System.Globalization (>= 4.3) - restriction: || (&& (== net472) (< net46)) (== netcoreapp2.1) (== netcoreapp2.2) (== netstandard1.3) (== netstandard2.0)
      System.Resources.ResourceManager (>= 4.3) - restriction: || (&& (== net472) (< net46)) (== netcoreapp2.1) (== netcoreapp2.2) (== netstandard1.3) (== netstandard2.0)
      System.Runtime (>= 4.3) - restriction: || (&& (== net472) (< net46)) (== netcoreapp2.1) (== netcoreapp2.2) (== netstandard1.3) (== netstandard2.0)
      System.Runtime.Extensions (>= 4.3) - restriction: || (&& (== net472) (< net46)) (== netcoreapp2.1) (== netcoreapp2.2) (== netstandard1.3) (== netstandard2.0)
      System.Threading (>= 4.3) - restriction: || (&& (== net472) (< net46)) (== netcoreapp2.1) (== netcoreapp2.2) (== netstandard1.3) (== netstandard2.0)
    System.Collections.Specialized (4.3) - restriction: || (&& (== net472) (>= dnxcore50)) (&& (== net472) (< net35) (< netstandard2.0)) (&& (== net472) (>= uap10.1)) (&& (== netcoreapp2.1) (>= dnxcore50)) (&& (== netcoreapp2.1) (< netstandard2.0)) (&& (== netcoreapp2.2) (>= dnxcore50)) (&& (== netcoreapp2.2) (< netstandard2.0)) (== netstandard1.3) (&& (== netstandard2.0) (>= dnxcore50))
      System.Collections.NonGeneric (>= 4.3) - restriction: || (&& (== net472) (< net46)) (== netcoreapp2.1) (== netcoreapp2.2) (== netstandard1.3) (== netstandard2.0)
      System.Globalization (>= 4.3) - restriction: || (&& (== net472) (< net46)) (== netcoreapp2.1) (== netcoreapp2.2) (== netstandard1.3) (== netstandard2.0)
      System.Globalization.Extensions (>= 4.3) - restriction: || (&& (== net472) (< net46)) (== netcoreapp2.1) (== netcoreapp2.2) (== netstandard1.3) (== netstandard2.0)
      System.Resources.ResourceManager (>= 4.3) - restriction: || (&& (== net472) (< net46)) (== netcoreapp2.1) (== netcoreapp2.2) (== netstandard1.3) (== netstandard2.0)
      System.Runtime (>= 4.3) - restriction: || (&& (== net472) (< net46)) (== netcoreapp2.1) (== netcoreapp2.2) (== netstandard1.3) (== netstandard2.0)
      System.Runtime.Extensions (>= 4.3) - restriction: || (&& (== net472) (< net46)) (== netcoreapp2.1) (== netcoreapp2.2) (== netstandard1.3) (== netstandard2.0)
      System.Threading (>= 4.3) - restriction: || (&& (== net472) (< net46)) (== netcoreapp2.1) (== netcoreapp2.2) (== netstandard1.3) (== netstandard2.0)
    System.ComponentModel (4.3) - restriction: || (&& (== net472) (== netstandard2.0) (< netstandard1.5)) (&& (== net472) (< net20) (< netstandard1.3)) (&& (== net472) (< net20) (< netstandard1.5)) (&& (== net472) (< net20) (< netstandard2.0)) (&& (== netcoreapp2.1) (< netstandard1.3)) (&& (== netcoreapp2.1) (< netstandard1.5)) (&& (== netcoreapp2.1) (< netstandard2.0)) (&& (== netcoreapp2.2) (< netstandard1.3)) (&& (== netcoreapp2.2) (< netstandard1.5)) (&& (== netcoreapp2.2) (< netstandard2.0)) (== netstandard1.3) (&& (== netstandard2.0) (< netstandard1.3))
      System.Runtime (>= 4.3) - restriction: || (&& (== net472) (>= dnxcore50)) (&& (== net472) (< net45)) (== netcoreapp2.1) (== netcoreapp2.2) (== netstandard1.3) (== netstandard2.0)
    System.ComponentModel.EventBasedAsync (4.3) - restriction: || (&& (== net472) (>= dnxcore50)) (&& (== net472) (< net35) (< netstandard1.1)) (&& (== net472) (< net35) (< netstandard1.3)) (&& (== net472) (< net35) (< netstandard2.0)) (&& (== netcoreapp2.1) (>= dnxcore50)) (&& (== netcoreapp2.1) (< netstandard1.1)) (&& (== netcoreapp2.1) (< netstandard1.3)) (&& (== netcoreapp2.1) (< netstandard2.0)) (&& (== netcoreapp2.2) (>= dnxcore50)) (&& (== netcoreapp2.2) (< netstandard1.1)) (&& (== netcoreapp2.2) (< netstandard1.3)) (&& (== netcoreapp2.2) (< netstandard2.0)) (== netstandard1.3) (&& (== netstandard2.0) (>= dnxcore50)) (&& (== netstandard2.0) (< netstandard1.1)) (&& (== netstandard2.0) (< netstandard1.3))
      System.Resources.ResourceManager (>= 4.3) - restriction: || (&& (== net472) (>= dnxcore50)) (&& (== net472) (< net45)) (== netcoreapp2.1) (== netcoreapp2.2) (== netstandard1.3) (== netstandard2.0)
      System.Runtime (>= 4.3) - restriction: || (&& (== net472) (>= dnxcore50)) (&& (== net472) (< net45)) (== netcoreapp2.1) (== netcoreapp2.2) (== netstandard1.3) (== netstandard2.0)
      System.Threading (>= 4.3) - restriction: || (&& (== net472) (>= dnxcore50)) (&& (== net472) (< net45)) (== netcoreapp2.1) (== netcoreapp2.2) (== netstandard1.3) (== netstandard2.0)
      System.Threading.Tasks (>= 4.3) - restriction: || (&& (== net472) (>= dnxcore50)) (&& (== net472) (< net45)) (== netcoreapp2.1) (== netcoreapp2.2) (== netstandard1.3) (== netstandard2.0)
    System.ComponentModel.Primitives (4.3) - restriction: || (&& (== net472) (== netstandard2.0) (< netstandard1.5)) (&& (== net472) (< net20) (< netstandard1.3)) (&& (== net472) (< net20) (< netstandard1.5)) (&& (== net472) (< net20) (< netstandard2.0)) (&& (== net472) (< netstandard1.0) (>= win8)) (&& (== net472) (< netstandard1.3) (>= wpa81)) (&& (== net472) (< netstandard2.0) (>= wpa81)) (&& (== net472) (>= wp8)) (&& (== netcoreapp2.1) (< netstandard1.0) (>= win8)) (&& (== netcoreapp2.1) (< netstandard1.3)) (&& (== netcoreapp2.1) (< netstandard1.5)) (&& (== netcoreapp2.1) (< netstandard2.0)) (&& (== netcoreapp2.1) (>= wp8)) (&& (== netcoreapp2.2) (< netstandard1.0) (>= win8)) (&& (== netcoreapp2.2) (< netstandard1.3)) (&& (== netcoreapp2.2) (< netstandard1.5)) (&& (== netcoreapp2.2) (< netstandard2.0)) (&& (== netcoreapp2.2) (>= wp8)) (== netstandard1.3) (&& (== netstandard2.0) (< netstandard1.0) (>= win8)) (&& (== netstandard2.0) (< netstandard1.3)) (&& (== netstandard2.0) (>= wp8))
      System.ComponentModel (>= 4.3) - restriction: || (&& (== net472) (< net45)) (== netcoreapp2.1) (== netcoreapp2.2) (== netstandard1.3) (== netstandard2.0)
      System.Resources.ResourceManager (>= 4.3) - restriction: || (&& (== net472) (< net45)) (== netcoreapp2.1) (== netcoreapp2.2) (== netstandard1.3) (== netstandard2.0)
      System.Runtime (>= 4.3) - restriction: || (&& (== net472) (< net45)) (== netcoreapp2.1) (== netcoreapp2.2) (== netstandard1.3) (== netstandard2.0)
    System.ComponentModel.TypeConverter (4.3) - restriction: || (&& (== net472) (< net20) (< netstandard1.3)) (&& (== net472) (< net20) (< netstandard2.0)) (&& (== netcoreapp2.1) (< netstandard1.3)) (&& (== netcoreapp2.1) (< netstandard2.0)) (&& (== netcoreapp2.2) (< netstandard1.3)) (&& (== netcoreapp2.2) (< netstandard2.0)) (== netstandard1.3) (&& (== netstandard2.0) (< netstandard1.3))
      System.Collections (>= 4.3) - restriction: || (&& (== net472) (< net45)) (== netcoreapp2.1) (== netcoreapp2.2) (== netstandard1.3) (== netstandard2.0)
      System.ComponentModel (>= 4.3) - restriction: || (&& (== net472) (< net45)) (== netcoreapp2.1) (== netcoreapp2.2) (== netstandard1.3) (== netstandard2.0)
      System.ComponentModel.Primitives (>= 4.3)
      System.Globalization (>= 4.3) - restriction: || (&& (== net472) (< net45)) (== netcoreapp2.1) (== netcoreapp2.2) (== netstandard1.3) (== netstandard2.0)
      System.Reflection (>= 4.3) - restriction: || (&& (== net472) (< net45)) (== netcoreapp2.1) (== netcoreapp2.2) (== netstandard1.3) (== netstandard2.0)
      System.Reflection.Extensions (>= 4.3) - restriction: || (&& (== net472) (< net45)) (== netcoreapp2.1) (== netcoreapp2.2) (== netstandard1.3) (== netstandard2.0)
      System.Reflection.Primitives (>= 4.3) - restriction: || (&& (== net472) (< net45)) (== netcoreapp2.1) (== netcoreapp2.2) (== netstandard1.3) (== netstandard2.0)
      System.Resources.ResourceManager (>= 4.3) - restriction: || (&& (== net472) (< net45)) (== netcoreapp2.1) (== netcoreapp2.2) (== netstandard1.3) (== netstandard2.0)
      System.Runtime (>= 4.3) - restriction: || (&& (== net472) (< net45)) (== netcoreapp2.1) (== netcoreapp2.2) (== netstandard1.3) (== netstandard2.0)
      System.Runtime.Extensions (>= 4.3) - restriction: || (&& (== net472) (< net45)) (== netcoreapp2.1) (== netcoreapp2.2) (== netstandard1.3) (== netstandard2.0)
      System.Threading (>= 4.3) - restriction: || (&& (== net472) (< net45)) (== netcoreapp2.1) (== netcoreapp2.2) (== netstandard1.3) (== netstandard2.0)
    System.Console (4.3.1) - restriction: || (&& (== net472) (== netstandard2.0) (< netstandard1.4)) (&& (== net472) (== netstandard2.0) (< netstandard1.5)) (&& (== net472) (== netstandard2.0) (< netstandard1.6)) (&& (== net472) (< net20) (< netstandard1.3)) (&& (== net472) (< net20) (< netstandard1.4)) (&& (== net472) (< net20) (< netstandard1.5)) (&& (== net472) (< net20) (< netstandard1.6)) (&& (== net472) (< net20) (< netstandard2.0)) (&& (== net472) (< netstandard1.3) (>= uap10.0)) (&& (== net472) (< netstandard1.5) (>= uap10.0)) (&& (== netcoreapp2.1) (< netstandard1.3)) (&& (== netcoreapp2.1) (< netstandard1.4)) (&& (== netcoreapp2.1) (< netstandard1.5)) (&& (== netcoreapp2.1) (< netstandard1.6)) (&& (== netcoreapp2.1) (< netstandard2.0)) (&& (== netcoreapp2.2) (< netstandard1.3)) (&& (== netcoreapp2.2) (< netstandard1.4)) (&& (== netcoreapp2.2) (< netstandard1.5)) (&& (== netcoreapp2.2) (< netstandard1.6)) (&& (== netcoreapp2.2) (< netstandard2.0)) (== netstandard1.3) (&& (== netstandard2.0) (< netstandard1.3))
      Microsoft.NETCore.Platforms (>= 1.1) - restriction: || (&& (== net472) (< net46)) (== netcoreapp2.1) (== netcoreapp2.2) (== netstandard1.3) (== netstandard2.0)
      Microsoft.NETCore.Targets (>= 1.1.2) - restriction: || (&& (== net472) (< net46)) (== netcoreapp2.1) (== netcoreapp2.2) (== netstandard1.3) (== netstandard2.0)
      System.IO (>= 4.3) - restriction: || (&& (== net472) (< net46)) (== netcoreapp2.1) (== netcoreapp2.2) (== netstandard1.3) (== netstandard2.0)
      System.Runtime (>= 4.3) - restriction: || (&& (== net472) (< net46)) (== netcoreapp2.1) (== netcoreapp2.2) (== netstandard1.3) (== netstandard2.0)
      System.Text.Encoding (>= 4.3) - restriction: || (&& (== net472) (< net46)) (== netcoreapp2.1) (== netcoreapp2.2) (== netstandard1.3) (== netstandard2.0)
    System.Data.SqlClient (4.6) - restriction: || (&& (== net472) (== netstandard1.3)) (&& (== net472) (< net45)) (== netcoreapp2.1) (== netcoreapp2.2) (&& (== netstandard1.3) (>= netstandard2.0)) (== netstandard2.0)
      Microsoft.Win32.Registry (>= 4.5) - restriction: || (&& (== net472) (== netstandard1.3)) (&& (== net472) (< net451)) (&& (== net472) (>= netcoreapp2.0)) (== netcoreapp2.1) (== netcoreapp2.2) (&& (== netstandard1.3) (>= netcoreapp2.0)) (&& (== netstandard1.3) (>= netstandard2.0)) (== netstandard2.0)
      runtime.native.System.Data.SqlClient.sni (>= 4.5) - restriction: || (&& (== net472) (== netstandard1.3)) (&& (== net472) (< net451)) (&& (== net472) (>= netcoreapp2.0)) (== netcoreapp2.1) (== netcoreapp2.2) (&& (== netstandard1.3) (>= netcoreapp2.0)) (&& (== netstandard1.3) (>= netstandard2.0)) (== netstandard2.0)
      System.Buffers (>= 4.4) - restriction: || (&& (== net472) (== netcoreapp2.1)) (&& (== net472) (== netcoreapp2.2)) (&& (== net472) (== netstandard1.3)) (&& (== net472) (< net451)) (&& (== netcoreapp2.1) (== netstandard1.3)) (&& (== netcoreapp2.1) (< netcoreapp2.0)) (&& (== netcoreapp2.2) (== netstandard1.3)) (&& (== netcoreapp2.2) (< netcoreapp2.0)) (&& (== netstandard1.3) (>= netstandard2.0)) (== netstandard2.0)
      System.Diagnostics.DiagnosticSource (>= 4.5) - restriction: || (&& (== net472) (== netcoreapp2.1)) (&& (== net472) (== netcoreapp2.2)) (&& (== net472) (== netstandard1.3)) (&& (== net472) (< net451)) (&& (== net472) (>= netcoreapp2.0)) (&& (== net472) (>= uap10.1)) (&& (== netcoreapp2.1) (== netstandard1.3)) (&& (== netcoreapp2.1) (< netcoreapp2.0)) (&& (== netcoreapp2.1) (>= uap10.1)) (&& (== netcoreapp2.2) (== netstandard1.3)) (&& (== netcoreapp2.2) (< netcoreapp2.0)) (&& (== netcoreapp2.2) (< netcoreapp2.1)) (&& (== netcoreapp2.2) (>= uap10.1)) (&& (== netstandard1.3) (>= netcoreapp2.0)) (&& (== netstandard1.3) (>= netstandard2.0)) (&& (== netstandard1.3) (>= uap10.1)) (== netstandard2.0)
      System.Memory (>= 4.5.1) - restriction: || (&& (== net472) (== netcoreapp2.1)) (&& (== net472) (== netcoreapp2.2)) (&& (== net472) (== netstandard1.3)) (&& (== net472) (< net451)) (&& (== net472) (>= netcoreapp2.0)) (&& (== net472) (>= uap10.1)) (&& (== netcoreapp2.1) (== netstandard1.3)) (&& (== netcoreapp2.1) (< netcoreapp2.0)) (&& (== netcoreapp2.1) (>= uap10.1)) (&& (== netcoreapp2.2) (== netstandard1.3)) (&& (== netcoreapp2.2) (< netcoreapp2.0)) (&& (== netcoreapp2.2) (< netcoreapp2.1)) (&& (== netcoreapp2.2) (>= uap10.1)) (&& (== netstandard1.3) (>= netcoreapp2.0)) (&& (== netstandard1.3) (>= netstandard2.0)) (&& (== netstandard1.3) (>= uap10.1)) (== netstandard2.0)
      System.Security.Principal.Windows (>= 4.5) - restriction: || (&& (== net472) (== netstandard1.3)) (&& (== net472) (< net451)) (&& (== net472) (>= netcoreapp2.0)) (== netcoreapp2.1) (== netcoreapp2.2) (&& (== netstandard1.3) (>= netcoreapp2.0)) (&& (== netstandard1.3) (>= netstandard2.0)) (== netstandard2.0)
      System.Text.Encoding.CodePages (>= 4.5) - restriction: || (&& (== net472) (== netstandard1.3)) (&& (== net472) (< net451)) (&& (== net472) (>= netcoreapp2.0)) (== netcoreapp2.1) (== netcoreapp2.2) (&& (== netstandard1.3) (>= netcoreapp2.0)) (&& (== netstandard1.3) (>= netstandard2.0)) (== netstandard2.0)
    System.Diagnostics.Debug (4.3) - restriction: || (&& (== net472) (< net20) (< netstandard2.0)) (&& (== net472) (< net45)) (== netcoreapp2.1) (== netcoreapp2.2) (== netstandard1.3) (== netstandard2.0)
      Microsoft.NETCore.Platforms (>= 1.1) - restriction: || (&& (== net472) (>= dnxcore50)) (&& (== net472) (< net45)) (== netcoreapp2.1) (== netcoreapp2.2) (== netstandard1.3) (== netstandard2.0)
      Microsoft.NETCore.Targets (>= 1.1) - restriction: || (&& (== net472) (>= dnxcore50)) (&& (== net472) (< net45)) (== netcoreapp2.1) (== netcoreapp2.2) (== netstandard1.3) (== netstandard2.0)
      System.Runtime (>= 4.3) - restriction: || (&& (== net472) (>= dnxcore50)) (&& (== net472) (< net45)) (== netcoreapp2.1) (== netcoreapp2.2) (== netstandard1.3) (== netstandard2.0)
    System.Diagnostics.DiagnosticSource (4.5.1) - restriction: || (&& (== net472) (== netcoreapp2.1)) (&& (== net472) (== netcoreapp2.2)) (&& (== net472) (>= dnxcore50)) (&& (== net472) (< net20) (< netstandard1.2)) (&& (== net472) (< net20) (< netstandard1.3)) (&& (== net472) (< net20) (< netstandard1.4)) (&& (== net472) (< net20) (< netstandard1.5)) (&& (== net472) (< net20) (< netstandard1.6)) (&& (== net472) (< net20) (< netstandard2.0)) (&& (== net472) (< net45)) (&& (== net472) (>= netcoreapp2.0)) (&& (== net472) (< netstandard1.3) (>= uap10.0)) (&& (== net472) (< netstandard1.5) (>= uap10.0)) (&& (== net472) (>= uap10.1)) (&& (== netcoreapp2.1) (>= dnxcore50)) (&& (== netcoreapp2.1) (< netcoreapp2.0)) (&& (== netcoreapp2.1) (< netstandard1.2)) (&& (== netcoreapp2.1) (< netstandard1.3)) (&& (== netcoreapp2.1) (< netstandard1.4)) (&& (== netcoreapp2.1) (< netstandard1.5)) (&& (== netcoreapp2.1) (< netstandard1.6)) (&& (== netcoreapp2.1) (< netstandard2.0)) (&& (== netcoreapp2.1) (>= uap10.1)) (&& (== netcoreapp2.2) (>= dnxcore50)) (&& (== netcoreapp2.2) (< netcoreapp2.0)) (&& (== netcoreapp2.2) (< netcoreapp2.1)) (&& (== netcoreapp2.2) (< netstandard1.2)) (&& (== netcoreapp2.2) (< netstandard1.3)) (&& (== netcoreapp2.2) (< netstandard1.4)) (&& (== netcoreapp2.2) (< netstandard1.5)) (&& (== netcoreapp2.2) (< netstandard1.6)) (&& (== netcoreapp2.2) (< netstandard2.0)) (&& (== netcoreapp2.2) (>= uap10.1)) (== netstandard1.3) (== netstandard2.0)
    System.Diagnostics.Process (4.3) - restriction: || (&& (== net472) (== netstandard1.3)) (&& (== net472) (< net45)) (== netcoreapp2.1) (== netcoreapp2.2) (&& (== netstandard1.3) (>= netstandard2.0)) (== netstandard2.0)
      Microsoft.NETCore.Platforms (>= 1.1) - restriction: || (&& (== net472) (== netstandard1.3)) (&& (== net472) (< net46)) (== netcoreapp2.1) (== netcoreapp2.2) (&& (== netstandard1.3) (>= netstandard1.4)) (== netstandard2.0)
      Microsoft.Win32.Primitives (>= 4.3) - restriction: || (&& (== net472) (== netstandard1.3)) (&& (== net472) (< net46)) (== netcoreapp2.1) (== netcoreapp2.2) (&& (== netstandard1.3) (>= netstandard1.4)) (== netstandard2.0)
      Microsoft.Win32.Registry (>= 4.3) - restriction: || (&& (== net472) (== netstandard1.3)) (&& (== net472) (< net46)) (== netcoreapp2.1) (== netcoreapp2.2) (&& (== netstandard1.3) (>= netstandard1.4)) (== netstandard2.0)
      runtime.native.System (>= 4.3) - restriction: || (&& (== net472) (== netstandard1.3)) (&& (== net472) (< net46)) (== netcoreapp2.1) (== netcoreapp2.2) (&& (== netstandard1.3) (>= netstandard1.4)) (== netstandard2.0)
      System.Collections (>= 4.3) - restriction: || (&& (== net472) (== netstandard1.3)) (&& (== net472) (< net46)) (== netcoreapp2.1) (== netcoreapp2.2) (&& (== netstandard1.3) (>= netstandard1.4)) (== netstandard2.0)
      System.Diagnostics.Debug (>= 4.3) - restriction: || (&& (== net472) (== netstandard1.3)) (&& (== net472) (< net46)) (== netcoreapp2.1) (== netcoreapp2.2) (&& (== netstandard1.3) (>= netstandard1.4)) (== netstandard2.0)
      System.Globalization (>= 4.3) - restriction: || (&& (== net472) (== netstandard1.3)) (&& (== net472) (< net46)) (== netcoreapp2.1) (== netcoreapp2.2) (&& (== netstandard1.3) (>= netstandard1.4)) (== netstandard2.0)
      System.IO (>= 4.3) - restriction: || (&& (== net472) (< net46)) (== netcoreapp2.1) (== netcoreapp2.2) (== netstandard1.3) (== netstandard2.0)
      System.IO.FileSystem (>= 4.3) - restriction: || (&& (== net472) (== netstandard1.3)) (&& (== net472) (< net46)) (== netcoreapp2.1) (== netcoreapp2.2) (&& (== netstandard1.3) (>= netstandard1.4)) (== netstandard2.0)
      System.IO.FileSystem.Primitives (>= 4.3) - restriction: || (&& (== net472) (== netstandard1.3)) (&& (== net472) (< net46)) (== netcoreapp2.1) (== netcoreapp2.2) (&& (== netstandard1.3) (>= netstandard1.4)) (== netstandard2.0)
      System.Resources.ResourceManager (>= 4.3) - restriction: || (&& (== net472) (== netstandard1.3)) (&& (== net472) (< net46)) (== netcoreapp2.1) (== netcoreapp2.2) (&& (== netstandard1.3) (>= netstandard1.4)) (== netstandard2.0)
      System.Runtime (>= 4.3) - restriction: || (&& (== net472) (< net46)) (== netcoreapp2.1) (== netcoreapp2.2) (== netstandard1.3) (== netstandard2.0)
      System.Runtime.Extensions (>= 4.3) - restriction: || (&& (== net472) (== netstandard1.3)) (&& (== net472) (< net46)) (== netcoreapp2.1) (== netcoreapp2.2) (&& (== netstandard1.3) (>= netstandard1.4)) (== netstandard2.0)
      System.Runtime.Handles (>= 4.3) - restriction: || (&& (== net472) (< net46)) (== netcoreapp2.1) (== netcoreapp2.2) (== netstandard1.3) (== netstandard2.0)
      System.Runtime.InteropServices (>= 4.3) - restriction: || (&& (== net472) (== netstandard1.3)) (&& (== net472) (< net46)) (== netcoreapp2.1) (== netcoreapp2.2) (&& (== netstandard1.3) (>= netstandard1.4)) (== netstandard2.0)
      System.Text.Encoding (>= 4.3) - restriction: || (&& (== net472) (< net46)) (== netcoreapp2.1) (== netcoreapp2.2) (== netstandard1.3) (== netstandard2.0)
      System.Text.Encoding.Extensions (>= 4.3) - restriction: || (&& (== net472) (== netstandard1.3)) (&& (== net472) (< net46)) (== netcoreapp2.1) (== netcoreapp2.2) (&& (== netstandard1.3) (>= netstandard1.4)) (== netstandard2.0)
      System.Threading (>= 4.3) - restriction: || (&& (== net472) (== netstandard1.3)) (&& (== net472) (< net46)) (== netcoreapp2.1) (== netcoreapp2.2) (&& (== netstandard1.3) (>= netstandard1.4)) (== netstandard2.0)
      System.Threading.Tasks (>= 4.3) - restriction: || (&& (== net472) (== netstandard1.3)) (&& (== net472) (< net46)) (== netcoreapp2.1) (== netcoreapp2.2) (&& (== netstandard1.3) (>= netstandard1.4)) (== netstandard2.0)
      System.Threading.Thread (>= 4.3) - restriction: || (&& (== net472) (== netstandard1.3)) (&& (== net472) (< net46)) (== netcoreapp2.1) (== netcoreapp2.2) (&& (== netstandard1.3) (>= netstandard1.4)) (== netstandard2.0)
      System.Threading.ThreadPool (>= 4.3) - restriction: || (&& (== net472) (== netstandard1.3)) (&& (== net472) (< net46)) (== netcoreapp2.1) (== netcoreapp2.2) (&& (== netstandard1.3) (>= netstandard1.4)) (== netstandard2.0)
    System.Diagnostics.Tools (4.3) - restriction: || (&& (== net472) (== netstandard2.0) (< netstandard1.4)) (&& (== net472) (== netstandard2.0) (< netstandard1.5)) (&& (== net472) (== netstandard2.0) (< netstandard1.6)) (&& (== net472) (< net20) (< netstandard1.2)) (&& (== net472) (< net20) (< netstandard1.3)) (&& (== net472) (< net20) (< netstandard1.4)) (&& (== net472) (< net20) (< netstandard1.5)) (&& (== net472) (< net20) (< netstandard1.6)) (&& (== net472) (< net20) (< netstandard2.0)) (&& (== net472) (< net20) (< portable-net45+win8+wpa81)) (&& (== net472) (< netstandard1.3) (>= uap10.0)) (&& (== net472) (< netstandard1.5) (>= uap10.0)) (&& (== netcoreapp2.1) (< netstandard1.2)) (&& (== netcoreapp2.1) (< netstandard1.3)) (&& (== netcoreapp2.1) (< netstandard1.4)) (&& (== netcoreapp2.1) (< netstandard1.5)) (&& (== netcoreapp2.1) (< netstandard1.6)) (&& (== netcoreapp2.1) (< netstandard2.0)) (&& (== netcoreapp2.1) (< portable-net45+win8+wpa81)) (&& (== netcoreapp2.2) (< netstandard1.2)) (&& (== netcoreapp2.2) (< netstandard1.3)) (&& (== netcoreapp2.2) (< netstandard1.4)) (&& (== netcoreapp2.2) (< netstandard1.5)) (&& (== netcoreapp2.2) (< netstandard1.6)) (&& (== netcoreapp2.2) (< netstandard2.0)) (&& (== netcoreapp2.2) (< portable-net45+win8+wpa81)) (== netstandard1.3) (&& (== netstandard2.0) (< netstandard1.2)) (&& (== netstandard2.0) (< netstandard1.3)) (&& (== netstandard2.0) (< portable-net45+win8+wpa81))
      Microsoft.NETCore.Platforms (>= 1.1) - restriction: || (&& (== net472) (>= dnxcore50)) (&& (== net472) (< net45)) (== netcoreapp2.1) (== netcoreapp2.2) (== netstandard1.3) (== netstandard2.0)
      Microsoft.NETCore.Targets (>= 1.1) - restriction: || (&& (== net472) (>= dnxcore50)) (&& (== net472) (< net45)) (== netcoreapp2.1) (== netcoreapp2.2) (== netstandard1.3) (== netstandard2.0)
      System.Runtime (>= 4.3) - restriction: || (&& (== net472) (>= dnxcore50)) (&& (== net472) (< net45)) (== netcoreapp2.1) (== netcoreapp2.2) (== netstandard1.3) (== netstandard2.0)
    System.Diagnostics.TraceSource (4.3) - restriction: || (&& (== net472) (== netstandard1.3)) (&& (== net472) (< net45)) (== netcoreapp2.1) (== netcoreapp2.2) (&& (== netstandard1.3) (>= netstandard2.0)) (== netstandard2.0)
      Microsoft.NETCore.Platforms (>= 1.1) - restriction: || (&& (== net472) (< net46)) (== netcoreapp2.1) (== netcoreapp2.2) (== netstandard1.3) (== netstandard2.0)
      runtime.native.System (>= 4.3) - restriction: || (&& (== net472) (< net46)) (== netcoreapp2.1) (== netcoreapp2.2) (== netstandard1.3) (== netstandard2.0)
      System.Collections (>= 4.3) - restriction: || (&& (== net472) (< net46)) (== netcoreapp2.1) (== netcoreapp2.2) (== netstandard1.3) (== netstandard2.0)
      System.Diagnostics.Debug (>= 4.3) - restriction: || (&& (== net472) (< net46)) (== netcoreapp2.1) (== netcoreapp2.2) (== netstandard1.3) (== netstandard2.0)
      System.Globalization (>= 4.3) - restriction: || (&& (== net472) (< net46)) (== netcoreapp2.1) (== netcoreapp2.2) (== netstandard1.3) (== netstandard2.0)
      System.Resources.ResourceManager (>= 4.3) - restriction: || (&& (== net472) (< net46)) (== netcoreapp2.1) (== netcoreapp2.2) (== netstandard1.3) (== netstandard2.0)
      System.Runtime (>= 4.3) - restriction: || (&& (== net472) (< net46)) (== netcoreapp2.1) (== netcoreapp2.2) (== netstandard1.3) (== netstandard2.0)
      System.Runtime.Extensions (>= 4.3) - restriction: || (&& (== net472) (< net46)) (== netcoreapp2.1) (== netcoreapp2.2) (== netstandard1.3) (== netstandard2.0)
      System.Threading (>= 4.3) - restriction: || (&& (== net472) (< net46)) (== netcoreapp2.1) (== netcoreapp2.2) (== netstandard1.3) (== netstandard2.0)
    System.Diagnostics.Tracing (4.3) - restriction: || (&& (== net472) (>= dnxcore50)) (&& (== net472) (< net20) (< netstandard1.2)) (&& (== net472) (< net20) (< netstandard1.3)) (&& (== net472) (< net20) (< netstandard1.4)) (&& (== net472) (< net20) (< netstandard1.5)) (&& (== net472) (< net20) (< netstandard1.6)) (&& (== net472) (< net20) (< netstandard2.0)) (&& (== net472) (< net35)) (&& (== net472) (< netstandard1.3) (>= uap10.0)) (&& (== net472) (< netstandard1.5) (>= uap10.0)) (== netcoreapp2.1) (== netcoreapp2.2) (== netstandard1.3) (== netstandard2.0)
      Microsoft.NETCore.Platforms (>= 1.1) - restriction: || (&& (== net472) (>= dnxcore50)) (&& (== net472) (< net45)) (== netcoreapp2.1) (== netcoreapp2.2) (== netstandard1.3) (== netstandard2.0)
      Microsoft.NETCore.Targets (>= 1.1) - restriction: || (&& (== net472) (>= dnxcore50)) (&& (== net472) (< net45)) (== netcoreapp2.1) (== netcoreapp2.2) (== netstandard1.3) (== netstandard2.0)
      System.Runtime (>= 4.3) - restriction: || (&& (== net472) (>= dnxcore50)) (&& (== net472) (< net45)) (== netcoreapp2.1) (== netcoreapp2.2) (== netstandard1.3) (== netstandard2.0)
    System.Dynamic.Runtime (4.3) - restriction: || (&& (== net472) (>= dnxcore50)) (&& (== net472) (< net20) (< netstandard1.3)) (&& (== net472) (< net20) (< netstandard2.0)) (&& (== netcoreapp2.1) (>= dnxcore50)) (&& (== netcoreapp2.1) (< netstandard1.3)) (&& (== netcoreapp2.1) (< netstandard2.0)) (&& (== netcoreapp2.2) (>= dnxcore50)) (&& (== netcoreapp2.2) (< netstandard1.3)) (&& (== netcoreapp2.2) (< netstandard2.0)) (== netstandard1.3) (&& (== netstandard2.0) (>= dnxcore50)) (&& (== netstandard2.0) (< netstandard1.3))
      System.Collections (>= 4.3) - restriction: || (&& (== net472) (>= dnxcore50)) (&& (== net472) (< net45)) (== netcoreapp2.1) (== netcoreapp2.2) (== netstandard1.3) (== netstandard2.0)
      System.Diagnostics.Debug (>= 4.3) - restriction: || (&& (== net472) (>= dnxcore50)) (&& (== net472) (< net45)) (== netcoreapp2.1) (== netcoreapp2.2) (== netstandard1.3) (== netstandard2.0)
      System.Linq (>= 4.3) - restriction: || (&& (== net472) (>= dnxcore50)) (&& (== net472) (< net45)) (== netcoreapp2.1) (== netcoreapp2.2) (== netstandard1.3) (== netstandard2.0)
      System.Linq.Expressions (>= 4.3) - restriction: || (&& (== net472) (>= dnxcore50)) (&& (== net472) (< net45)) (== netcoreapp2.1) (== netcoreapp2.2) (== netstandard1.3) (== netstandard2.0)
      System.ObjectModel (>= 4.3) - restriction: || (&& (== net472) (>= dnxcore50)) (&& (== net472) (< net45)) (== netcoreapp2.1) (== netcoreapp2.2) (== netstandard1.3) (== netstandard2.0)
      System.Reflection (>= 4.3) - restriction: || (&& (== net472) (>= dnxcore50)) (&& (== net472) (< net45)) (== netcoreapp2.1) (== netcoreapp2.2) (== netstandard1.3) (== netstandard2.0)
      System.Reflection.Emit (>= 4.3) - restriction: || (&& (== net472) (< net45)) (== netcoreapp2.1) (== netcoreapp2.2) (== netstandard1.3) (== netstandard2.0)
      System.Reflection.Emit.ILGeneration (>= 4.3) - restriction: || (&& (== net472) (< net45)) (== netcoreapp2.1) (== netcoreapp2.2) (== netstandard1.3) (== netstandard2.0)
      System.Reflection.Primitives (>= 4.3) - restriction: || (&& (== net472) (< net45)) (== netcoreapp2.1) (== netcoreapp2.2) (== netstandard1.3) (== netstandard2.0)
      System.Reflection.TypeExtensions (>= 4.3) - restriction: || (&& (== net472) (>= dnxcore50)) (&& (== net472) (< net45)) (== netcoreapp2.1) (== netcoreapp2.2) (== netstandard1.3) (== netstandard2.0)
      System.Resources.ResourceManager (>= 4.3) - restriction: || (&& (== net472) (>= dnxcore50)) (&& (== net472) (< net45)) (== netcoreapp2.1) (== netcoreapp2.2) (== netstandard1.3) (== netstandard2.0)
      System.Runtime (>= 4.3) - restriction: || (&& (== net472) (>= dnxcore50)) (&& (== net472) (< net45)) (== netcoreapp2.1) (== netcoreapp2.2) (== netstandard1.3) (== netstandard2.0)
      System.Runtime.Extensions (>= 4.3) - restriction: || (&& (== net472) (>= dnxcore50)) (&& (== net472) (< net45)) (== netcoreapp2.1) (== netcoreapp2.2) (== netstandard1.3) (== netstandard2.0)
      System.Threading (>= 4.3) - restriction: || (&& (== net472) (>= dnxcore50)) (&& (== net472) (< net45)) (== netcoreapp2.1) (== netcoreapp2.2) (== netstandard1.3) (== netstandard2.0)
    System.Globalization (4.3) - restriction: || (&& (== net472) (>= dnxcore50)) (&& (== net472) (< net20) (< netstandard1.3)) (&& (== net472) (< net20) (< netstandard1.5)) (&& (== net472) (< net20) (< netstandard2.0)) (&& (== net472) (< net35)) (&& (== net472) (< net45)) (== netcoreapp2.1) (== netcoreapp2.2) (== netstandard1.3) (== netstandard2.0)
      Microsoft.NETCore.Platforms (>= 1.1) - restriction: || (&& (== net472) (>= dnxcore50)) (&& (== net472) (< net45)) (== netcoreapp2.1) (== netcoreapp2.2) (== netstandard1.3) (== netstandard2.0)
      Microsoft.NETCore.Targets (>= 1.1) - restriction: || (&& (== net472) (>= dnxcore50)) (&& (== net472) (< net45)) (== netcoreapp2.1) (== netcoreapp2.2) (== netstandard1.3) (== netstandard2.0)
      System.Runtime (>= 4.3) - restriction: || (&& (== net472) (>= dnxcore50)) (&& (== net472) (< net45)) (== netcoreapp2.1) (== netcoreapp2.2) (== netstandard1.3) (== netstandard2.0)
    System.Globalization.Calendars (4.3) - restriction: || (&& (== net472) (== netstandard2.0) (< netstandard1.4)) (&& (== net472) (== netstandard2.0) (< netstandard1.5)) (&& (== net472) (== netstandard2.0) (< netstandard1.6)) (&& (== net472) (< net20) (< netstandard1.3)) (&& (== net472) (< net20) (< netstandard1.4)) (&& (== net472) (< net20) (< netstandard1.5)) (&& (== net472) (< net20) (< netstandard1.6)) (&& (== net472) (< net20) (< netstandard2.0)) (&& (== net472) (< netstandard1.3) (>= uap10.0)) (&& (== net472) (< netstandard1.5) (>= uap10.0)) (&& (== netcoreapp2.1) (< netstandard1.3)) (&& (== netcoreapp2.1) (< netstandard1.4)) (&& (== netcoreapp2.1) (< netstandard1.5)) (&& (== netcoreapp2.1) (< netstandard1.6)) (&& (== netcoreapp2.1) (< netstandard2.0)) (&& (== netcoreapp2.2) (< netstandard1.3)) (&& (== netcoreapp2.2) (< netstandard1.4)) (&& (== netcoreapp2.2) (< netstandard1.5)) (&& (== netcoreapp2.2) (< netstandard1.6)) (&& (== netcoreapp2.2) (< netstandard2.0)) (== netstandard1.3) (&& (== netstandard2.0) (< netstandard1.3))
      Microsoft.NETCore.Platforms (>= 1.1) - restriction: || (&& (== net472) (< net46)) (== netcoreapp2.1) (== netcoreapp2.2) (== netstandard1.3) (== netstandard2.0)
      Microsoft.NETCore.Targets (>= 1.1) - restriction: || (&& (== net472) (< net46)) (== netcoreapp2.1) (== netcoreapp2.2) (== netstandard1.3) (== netstandard2.0)
      System.Globalization (>= 4.3) - restriction: || (&& (== net472) (< net46)) (== netcoreapp2.1) (== netcoreapp2.2) (== netstandard1.3) (== netstandard2.0)
      System.Runtime (>= 4.3) - restriction: || (&& (== net472) (< net46)) (== netcoreapp2.1) (== netcoreapp2.2) (== netstandard1.3) (== netstandard2.0)
    System.Globalization.Extensions (4.3) - restriction: || (&& (== net472) (>= dnxcore50)) (&& (== net472) (< net35) (< netstandard2.0)) (&& (== net472) (>= uap10.1)) (&& (== netcoreapp2.1) (>= dnxcore50)) (&& (== netcoreapp2.1) (< netstandard2.0)) (&& (== netcoreapp2.2) (>= dnxcore50)) (&& (== netcoreapp2.2) (< netstandard2.0)) (== netstandard1.3) (&& (== netstandard2.0) (>= dnxcore50))
      Microsoft.NETCore.Platforms (>= 1.1) - restriction: || (&& (== net472) (< net46)) (== netcoreapp2.1) (== netcoreapp2.2) (== netstandard1.3) (== netstandard2.0)
      System.Globalization (>= 4.3) - restriction: || (&& (== net472) (< net46)) (== netcoreapp2.1) (== netcoreapp2.2) (== netstandard1.3) (== netstandard2.0)
      System.Resources.ResourceManager (>= 4.3) - restriction: || (&& (== net472) (< net46)) (== netcoreapp2.1) (== netcoreapp2.2) (== netstandard1.3) (== netstandard2.0)
      System.Runtime (>= 4.3) - restriction: || (&& (== net472) (< net46)) (== netcoreapp2.1) (== netcoreapp2.2) (== netstandard1.3) (== netstandard2.0)
      System.Runtime.Extensions (>= 4.3) - restriction: || (&& (== net472) (< net46)) (== netcoreapp2.1) (== netcoreapp2.2) (== netstandard1.3) (== netstandard2.0)
      System.Runtime.InteropServices (>= 4.3) - restriction: || (&& (== net472) (< net46)) (== netcoreapp2.1) (== netcoreapp2.2) (== netstandard1.3) (== netstandard2.0)
    System.IO (4.3) - restriction: || (&& (== net472) (>= dnxcore50)) (&& (== net472) (< net20) (< netstandard2.0)) (&& (== net472) (< net35)) (&& (== net472) (< net45)) (== netcoreapp2.1) (== netcoreapp2.2) (== netstandard1.3) (== netstandard2.0)
      Microsoft.NETCore.Platforms (>= 1.1) - restriction: || (&& (== net472) (>= dnxcore50)) (&& (== net472) (< net45)) (== netcoreapp2.1) (== netcoreapp2.2) (== netstandard1.3) (== netstandard2.0)
      Microsoft.NETCore.Targets (>= 1.1) - restriction: || (&& (== net472) (>= dnxcore50)) (&& (== net472) (< net45)) (== netcoreapp2.1) (== netcoreapp2.2) (== netstandard1.3) (== netstandard2.0)
      System.Runtime (>= 4.3) - restriction: || (&& (== net472) (>= dnxcore50)) (&& (== net472) (< net45)) (== netcoreapp2.1) (== netcoreapp2.2) (== netstandard1.3) (== netstandard2.0)
      System.Text.Encoding (>= 4.3) - restriction: || (&& (== net472) (>= dnxcore50)) (&& (== net472) (< net45)) (== netcoreapp2.1) (== netcoreapp2.2) (== netstandard1.3) (== netstandard2.0)
      System.Threading.Tasks (>= 4.3) - restriction: || (&& (== net472) (>= dnxcore50)) (&& (== net472) (< net45)) (== netcoreapp2.1) (== netcoreapp2.2) (== netstandard1.3) (== netstandard2.0)
    System.IO.Compression (4.3) - restriction: || (&& (== net472) (== netstandard2.0) (< netstandard1.4)) (&& (== net472) (== netstandard2.0) (< netstandard1.5)) (&& (== net472) (== netstandard2.0) (< netstandard1.6)) (&& (== net472) (< net20) (< netstandard1.2)) (&& (== net472) (< net20) (< netstandard1.3)) (&& (== net472) (< net20) (< netstandard1.4)) (&& (== net472) (< net20) (< netstandard1.5)) (&& (== net472) (< net20) (< netstandard1.6)) (&& (== net472) (< net20) (< netstandard2.0)) (&& (== net472) (< netstandard1.3) (>= uap10.0)) (&& (== net472) (< netstandard1.5) (>= uap10.0)) (&& (== netcoreapp2.1) (< netstandard1.2)) (&& (== netcoreapp2.1) (< netstandard1.3)) (&& (== netcoreapp2.1) (< netstandard1.4)) (&& (== netcoreapp2.1) (< netstandard1.5)) (&& (== netcoreapp2.1) (< netstandard1.6)) (&& (== netcoreapp2.1) (< netstandard2.0)) (&& (== netcoreapp2.2) (< netstandard1.2)) (&& (== netcoreapp2.2) (< netstandard1.3)) (&& (== netcoreapp2.2) (< netstandard1.4)) (&& (== netcoreapp2.2) (< netstandard1.5)) (&& (== netcoreapp2.2) (< netstandard1.6)) (&& (== netcoreapp2.2) (< netstandard2.0)) (== netstandard1.3) (&& (== netstandard2.0) (< netstandard1.2)) (&& (== netstandard2.0) (< netstandard1.3))
      Microsoft.NETCore.Platforms (>= 1.1) - restriction: || (&& (== net472) (< net45)) (== netcoreapp2.1) (== netcoreapp2.2) (== netstandard1.3) (== netstandard2.0)
      runtime.native.System (>= 4.3) - restriction: || (&& (== net472) (< net45)) (== netcoreapp2.1) (== netcoreapp2.2) (== netstandard1.3) (== netstandard2.0)
      runtime.native.System.IO.Compression (>= 4.3) - restriction: || (&& (== net472) (>= dnxcore50)) (&& (== net472) (< net45)) (== netcoreapp2.1) (== netcoreapp2.2) (== netstandard1.3) (== netstandard2.0)
      System.Buffers (>= 4.3) - restriction: || (&& (== net472) (>= dnxcore50)) (&& (== net472) (< net45)) (== netcoreapp2.1) (== netcoreapp2.2) (== netstandard1.3) (== netstandard2.0)
      System.Collections (>= 4.3) - restriction: || (&& (== net472) (>= dnxcore50)) (&& (== net472) (< net45)) (== netcoreapp2.1) (== netcoreapp2.2) (== netstandard1.3) (== netstandard2.0)
      System.Diagnostics.Debug (>= 4.3) - restriction: || (&& (== net472) (>= dnxcore50)) (&& (== net472) (< net45)) (== netcoreapp2.1) (== netcoreapp2.2) (== netstandard1.3) (== netstandard2.0)
      System.IO (>= 4.3) - restriction: || (&& (== net472) (>= dnxcore50)) (&& (== net472) (< net45)) (== netcoreapp2.1) (== netcoreapp2.2) (== netstandard1.3) (== netstandard2.0)
      System.Resources.ResourceManager (>= 4.3) - restriction: || (&& (== net472) (>= dnxcore50)) (&& (== net472) (< net45)) (== netcoreapp2.1) (== netcoreapp2.2) (== netstandard1.3) (== netstandard2.0)
      System.Runtime (>= 4.3) - restriction: || (&& (== net472) (>= dnxcore50)) (&& (== net472) (< net45)) (== netcoreapp2.1) (== netcoreapp2.2) (== netstandard1.3) (== netstandard2.0)
      System.Runtime.Extensions (>= 4.3) - restriction: || (&& (== net472) (>= dnxcore50)) (&& (== net472) (< net45)) (== netcoreapp2.1) (== netcoreapp2.2) (== netstandard1.3) (== netstandard2.0)
      System.Runtime.Handles (>= 4.3) - restriction: || (&& (== net472) (>= dnxcore50)) (&& (== net472) (< net45)) (== netcoreapp2.1) (== netcoreapp2.2) (== netstandard1.3) (== netstandard2.0)
      System.Runtime.InteropServices (>= 4.3) - restriction: || (&& (== net472) (>= dnxcore50)) (&& (== net472) (< net45)) (== netcoreapp2.1) (== netcoreapp2.2) (== netstandard1.3) (== netstandard2.0)
      System.Text.Encoding (>= 4.3) - restriction: || (&& (== net472) (>= dnxcore50)) (&& (== net472) (< net45)) (== netcoreapp2.1) (== netcoreapp2.2) (== netstandard1.3) (== netstandard2.0)
      System.Threading (>= 4.3) - restriction: || (&& (== net472) (>= dnxcore50)) (&& (== net472) (< net45)) (== netcoreapp2.1) (== netcoreapp2.2) (== netstandard1.3) (== netstandard2.0)
      System.Threading.Tasks (>= 4.3) - restriction: || (&& (== net472) (>= dnxcore50)) (&& (== net472) (< net45)) (== netcoreapp2.1) (== netcoreapp2.2) (== netstandard1.3) (== netstandard2.0)
    System.IO.Compression.ZipFile (4.3) - restriction: || (&& (== net472) (== netstandard2.0) (< netstandard1.4)) (&& (== net472) (== netstandard2.0) (< netstandard1.5)) (&& (== net472) (== netstandard2.0) (< netstandard1.6)) (&& (== net472) (< net20) (< netstandard1.3)) (&& (== net472) (< net20) (< netstandard1.4)) (&& (== net472) (< net20) (< netstandard1.5)) (&& (== net472) (< net20) (< netstandard1.6)) (&& (== net472) (< net20) (< netstandard2.0)) (&& (== net472) (< netstandard1.3) (>= uap10.0)) (&& (== net472) (< netstandard1.5) (>= uap10.0)) (&& (== netcoreapp2.1) (< netstandard1.3)) (&& (== netcoreapp2.1) (< netstandard1.4)) (&& (== netcoreapp2.1) (< netstandard1.5)) (&& (== netcoreapp2.1) (< netstandard1.6)) (&& (== netcoreapp2.1) (< netstandard2.0)) (&& (== netcoreapp2.2) (< netstandard1.3)) (&& (== netcoreapp2.2) (< netstandard1.4)) (&& (== netcoreapp2.2) (< netstandard1.5)) (&& (== netcoreapp2.2) (< netstandard1.6)) (&& (== netcoreapp2.2) (< netstandard2.0)) (== netstandard1.3) (&& (== netstandard2.0) (< netstandard1.3))
      System.Buffers (>= 4.3) - restriction: || (&& (== net472) (< net46)) (== netcoreapp2.1) (== netcoreapp2.2) (== netstandard1.3) (== netstandard2.0)
      System.IO (>= 4.3) - restriction: || (&& (== net472) (< net46)) (== netcoreapp2.1) (== netcoreapp2.2) (== netstandard1.3) (== netstandard2.0)
      System.IO.Compression (>= 4.3) - restriction: || (&& (== net472) (< net46)) (== netcoreapp2.1) (== netcoreapp2.2) (== netstandard1.3) (== netstandard2.0)
      System.IO.FileSystem (>= 4.3) - restriction: || (&& (== net472) (< net46)) (== netcoreapp2.1) (== netcoreapp2.2) (== netstandard1.3) (== netstandard2.0)
      System.IO.FileSystem.Primitives (>= 4.3) - restriction: || (&& (== net472) (< net46)) (== netcoreapp2.1) (== netcoreapp2.2) (== netstandard1.3) (== netstandard2.0)
      System.Resources.ResourceManager (>= 4.3) - restriction: || (&& (== net472) (< net46)) (== netcoreapp2.1) (== netcoreapp2.2) (== netstandard1.3) (== netstandard2.0)
      System.Runtime (>= 4.3) - restriction: || (&& (== net472) (< net46)) (== netcoreapp2.1) (== netcoreapp2.2) (== netstandard1.3) (== netstandard2.0)
      System.Runtime.Extensions (>= 4.3) - restriction: || (&& (== net472) (< net46)) (== netcoreapp2.1) (== netcoreapp2.2) (== netstandard1.3) (== netstandard2.0)
      System.Text.Encoding (>= 4.3) - restriction: || (&& (== net472) (< net46)) (== netcoreapp2.1) (== netcoreapp2.2) (== netstandard1.3) (== netstandard2.0)
    System.IO.FileSystem (4.3) - restriction: || (&& (== net472) (< net20) (< netstandard1.3)) (&& (== net472) (< net20) (< netstandard1.4)) (&& (== net472) (< net20) (< netstandard1.5)) (&& (== net472) (< net20) (< netstandard1.6)) (&& (== net472) (< net20) (< netstandard2.0)) (&& (== net472) (< net35)) (&& (== net472) (< net45)) (&& (== net472) (< netstandard1.3) (>= uap10.0)) (&& (== net472) (< netstandard1.5) (>= uap10.0)) (== netcoreapp2.1) (== netcoreapp2.2) (== netstandard1.3) (== netstandard2.0)
      Microsoft.NETCore.Platforms (>= 1.1) - restriction: || (&& (== net472) (< net46)) (== netcoreapp2.1) (== netcoreapp2.2) (== netstandard1.3) (== netstandard2.0)
      Microsoft.NETCore.Targets (>= 1.1) - restriction: || (&& (== net472) (< net46)) (== netcoreapp2.1) (== netcoreapp2.2) (== netstandard1.3) (== netstandard2.0)
      System.IO (>= 4.3) - restriction: || (&& (== net472) (< net46)) (== netcoreapp2.1) (== netcoreapp2.2) (== netstandard1.3) (== netstandard2.0)
      System.IO.FileSystem.Primitives (>= 4.3)
      System.Runtime (>= 4.3) - restriction: || (&& (== net472) (< net46)) (== netcoreapp2.1) (== netcoreapp2.2) (== netstandard1.3) (== netstandard2.0)
      System.Runtime.Handles (>= 4.3) - restriction: || (&& (== net472) (< net46)) (== netcoreapp2.1) (== netcoreapp2.2) (== netstandard1.3) (== netstandard2.0)
      System.Text.Encoding (>= 4.3) - restriction: || (&& (== net472) (< net46)) (== netcoreapp2.1) (== netcoreapp2.2) (== netstandard1.3) (== netstandard2.0)
      System.Threading.Tasks (>= 4.3) - restriction: || (&& (== net472) (< net46)) (== netcoreapp2.1) (== netcoreapp2.2) (== netstandard1.3) (== netstandard2.0)
    System.IO.FileSystem.Primitives (4.3) - restriction: || (&& (== net472) (< net20) (< netstandard1.3)) (&& (== net472) (< net20) (< netstandard1.4)) (&& (== net472) (< net20) (< netstandard1.5)) (&& (== net472) (< net20) (< netstandard1.6)) (&& (== net472) (< net20) (< netstandard2.0)) (&& (== net472) (< net35)) (&& (== net472) (< net45)) (&& (== net472) (< netstandard1.3) (>= uap10.0)) (&& (== net472) (< netstandard1.5) (>= uap10.0)) (== netcoreapp2.1) (== netcoreapp2.2) (== netstandard1.3) (== netstandard2.0)
      System.Runtime (>= 4.3) - restriction: || (&& (== net472) (< net46)) (== netcoreapp2.1) (== netcoreapp2.2) (== netstandard1.3) (== netstandard2.0)
    System.Linq (4.3) - restriction: || (&& (== net472) (< net20) (< netstandard1.2)) (&& (== net472) (< net20) (< netstandard1.3)) (&& (== net472) (< net20) (< netstandard1.4)) (&& (== net472) (< net20) (< netstandard1.5)) (&& (== net472) (< net20) (< netstandard1.6)) (&& (== net472) (< net20) (< netstandard2.0)) (&& (== net472) (< net20) (< portable-net45+win8+wpa81)) (&& (== net472) (< net35)) (&& (== net472) (< netstandard1.3) (>= uap10.0)) (&& (== net472) (< netstandard1.5) (>= uap10.0)) (== netcoreapp2.1) (== netcoreapp2.2) (== netstandard1.3) (== netstandard2.0)
      System.Collections (>= 4.3) - restriction: || (&& (== net472) (>= dnxcore50)) (&& (== net472) (< net45)) (== netcoreapp2.1) (== netcoreapp2.2) (== netstandard1.3) (== netstandard2.0)
      System.Runtime (>= 4.3) - restriction: || (&& (== net472) (>= dnxcore50)) (&& (== net472) (< net45)) (== netcoreapp2.1) (== netcoreapp2.2) (== netstandard1.3) (== netstandard2.0)
    System.Linq.Expressions (4.3) - restriction: || (&& (== net472) (== netstandard2.0) (< netstandard1.4)) (&& (== net472) (== netstandard2.0) (< netstandard1.5)) (&& (== net472) (== netstandard2.0) (< netstandard1.6)) (&& (== net472) (< net20) (< netstandard1.2)) (&& (== net472) (< net20) (< netstandard1.3)) (&& (== net472) (< net20) (< netstandard1.4)) (&& (== net472) (< net20) (< netstandard1.5)) (&& (== net472) (< net20) (< netstandard1.6)) (&& (== net472) (< net20) (< netstandard2.0)) (&& (== net472) (< net20) (< portable-net45+win8+wpa81)) (&& (== net472) (< netstandard1.3) (>= uap10.0)) (&& (== net472) (< netstandard1.5) (>= uap10.0)) (&& (== netcoreapp2.1) (< netstandard1.2)) (&& (== netcoreapp2.1) (< netstandard1.3)) (&& (== netcoreapp2.1) (< netstandard1.4)) (&& (== netcoreapp2.1) (< netstandard1.5)) (&& (== netcoreapp2.1) (< netstandard1.6)) (&& (== netcoreapp2.1) (< netstandard2.0)) (&& (== netcoreapp2.1) (< portable-net45+win8+wpa81)) (&& (== netcoreapp2.2) (< netstandard1.2)) (&& (== netcoreapp2.2) (< netstandard1.3)) (&& (== netcoreapp2.2) (< netstandard1.4)) (&& (== netcoreapp2.2) (< netstandard1.5)) (&& (== netcoreapp2.2) (< netstandard1.6)) (&& (== netcoreapp2.2) (< netstandard2.0)) (&& (== netcoreapp2.2) (< portable-net45+win8+wpa81)) (== netstandard1.3) (&& (== netstandard2.0) (< netstandard1.2)) (&& (== netstandard2.0) (< netstandard1.3)) (&& (== netstandard2.0) (< portable-net45+win8+wpa81))
      System.Reflection (>= 4.3) - restriction: || (&& (== net472) (>= dnxcore50)) (&& (== net472) (< net45)) (== netcoreapp2.1) (== netcoreapp2.2) (== netstandard1.3) (== netstandard2.0)
      System.Runtime (>= 4.3) - restriction: || (&& (== net472) (>= dnxcore50)) (&& (== net472) (< net45)) (== netcoreapp2.1) (== netcoreapp2.2) (== netstandard1.3) (== netstandard2.0)
    System.Linq.Queryable (4.3) - restriction: || (&& (== net472) (>= dnxcore50)) (&& (== net472) (< net35) (< netstandard2.0)) (&& (== net472) (>= uap10.1)) (&& (== netcoreapp2.1) (>= dnxcore50)) (&& (== netcoreapp2.1) (< netstandard2.0)) (&& (== netcoreapp2.2) (>= dnxcore50)) (&& (== netcoreapp2.2) (< netstandard2.0)) (== netstandard1.3) (&& (== netstandard2.0) (>= dnxcore50))
      System.Collections (>= 4.3) - restriction: || (&& (== net472) (>= dnxcore50)) (&& (== net472) (< net45)) (== netcoreapp2.1) (== netcoreapp2.2) (== netstandard1.3) (== netstandard2.0)
      System.Diagnostics.Debug (>= 4.3) - restriction: || (&& (== net472) (>= dnxcore50)) (&& (== net472) (< net45)) (== netcoreapp2.1) (== netcoreapp2.2) (== netstandard1.3) (== netstandard2.0)
      System.Linq (>= 4.3) - restriction: || (&& (== net472) (>= dnxcore50)) (&& (== net472) (< net45)) (== netcoreapp2.1) (== netcoreapp2.2) (== netstandard1.3) (== netstandard2.0)
      System.Linq.Expressions (>= 4.3) - restriction: || (&& (== net472) (>= dnxcore50)) (&& (== net472) (< net45)) (== netcoreapp2.1) (== netcoreapp2.2) (== netstandard1.3) (== netstandard2.0)
      System.Reflection (>= 4.3) - restriction: || (&& (== net472) (>= dnxcore50)) (&& (== net472) (< net45)) (== netcoreapp2.1) (== netcoreapp2.2) (== netstandard1.3) (== netstandard2.0)
      System.Reflection.Extensions (>= 4.3) - restriction: || (&& (== net472) (>= dnxcore50)) (&& (== net472) (< net45)) (== netcoreapp2.1) (== netcoreapp2.2) (== netstandard1.3) (== netstandard2.0)
      System.Resources.ResourceManager (>= 4.3) - restriction: || (&& (== net472) (>= dnxcore50)) (&& (== net472) (< net45)) (== netcoreapp2.1) (== netcoreapp2.2) (== netstandard1.3) (== netstandard2.0)
      System.Runtime (>= 4.3) - restriction: || (&& (== net472) (>= dnxcore50)) (&& (== net472) (< net45)) (== netcoreapp2.1) (== netcoreapp2.2) (== netstandard1.3) (== netstandard2.0)
    System.Memory (4.5.2) - restriction: || (&& (== net472) (== netcoreapp2.1)) (&& (== net472) (== netcoreapp2.2)) (&& (== net472) (== netstandard1.3)) (&& (== net472) (< net45)) (&& (== net472) (>= netcoreapp2.0)) (&& (== net472) (>= uap10.1)) (&& (== netcoreapp2.1) (== netstandard1.3)) (&& (== netcoreapp2.1) (>= net461)) (&& (== netcoreapp2.1) (< netcoreapp2.0)) (&& (== netcoreapp2.1) (>= uap10.1)) (&& (== netcoreapp2.2) (== netstandard1.3)) (&& (== netcoreapp2.2) (>= net461)) (&& (== netcoreapp2.2) (< netcoreapp2.0)) (&& (== netcoreapp2.2) (< netcoreapp2.1)) (&& (== netcoreapp2.2) (>= uap10.1)) (&& (== netstandard1.3) (>= netcoreapp2.0)) (&& (== netstandard1.3) (>= netstandard2.0)) (== netstandard2.0)
      System.Buffers (>= 4.4) - restriction: || (== net472) (&& (== netcoreapp2.1) (>= monotouch)) (&& (== netcoreapp2.1) (>= net461)) (&& (== netcoreapp2.1) (< netcoreapp2.0)) (&& (== netcoreapp2.1) (< netstandard1.1)) (&& (== netcoreapp2.1) (< netstandard2.0)) (&& (== netcoreapp2.1) (>= xamarinios)) (&& (== netcoreapp2.1) (>= xamarinmac)) (&& (== netcoreapp2.1) (>= xamarintvos)) (&& (== netcoreapp2.1) (>= xamarinwatchos)) (&& (== netcoreapp2.2) (>= monotouch)) (&& (== netcoreapp2.2) (>= net461)) (&& (== netcoreapp2.2) (< netcoreapp2.0)) (&& (== netcoreapp2.2) (< netstandard1.1)) (&& (== netcoreapp2.2) (< netstandard2.0)) (&& (== netcoreapp2.2) (>= xamarinios)) (&& (== netcoreapp2.2) (>= xamarinmac)) (&& (== netcoreapp2.2) (>= xamarintvos)) (&& (== netcoreapp2.2) (>= xamarinwatchos)) (== netstandard1.3) (== netstandard2.0)
      System.Numerics.Vectors (>= 4.4) - restriction: || (== net472) (&& (== netcoreapp2.1) (== netstandard1.3)) (&& (== netcoreapp2.1) (>= net461)) (&& (== netcoreapp2.1) (< netcoreapp2.0)) (&& (== netcoreapp2.2) (== netstandard1.3)) (&& (== netcoreapp2.2) (>= net461)) (&& (== netcoreapp2.2) (< netcoreapp2.0)) (&& (== netstandard1.3) (>= net461)) (&& (== netstandard1.3) (>= netstandard2.0)) (== netstandard2.0)
      System.Runtime.CompilerServices.Unsafe (>= 4.5.2) - restriction: || (== net472) (&& (== netcoreapp2.1) (>= monotouch)) (&& (== netcoreapp2.1) (>= net461)) (&& (== netcoreapp2.1) (< netcoreapp2.0)) (&& (== netcoreapp2.1) (< netstandard1.1)) (&& (== netcoreapp2.1) (< netstandard2.0)) (&& (== netcoreapp2.1) (>= uap10.1)) (&& (== netcoreapp2.1) (>= xamarinios)) (&& (== netcoreapp2.1) (>= xamarinmac)) (&& (== netcoreapp2.1) (>= xamarintvos)) (&& (== netcoreapp2.1) (>= xamarinwatchos)) (&& (== netcoreapp2.2) (>= monotouch)) (&& (== netcoreapp2.2) (>= net461)) (&& (== netcoreapp2.2) (< netcoreapp2.0)) (&& (== netcoreapp2.2) (< netcoreapp2.1)) (&& (== netcoreapp2.2) (< netstandard1.1)) (&& (== netcoreapp2.2) (< netstandard2.0)) (&& (== netcoreapp2.2) (>= uap10.1)) (&& (== netcoreapp2.2) (>= xamarinios)) (&& (== netcoreapp2.2) (>= xamarinmac)) (&& (== netcoreapp2.2) (>= xamarintvos)) (&& (== netcoreapp2.2) (>= xamarinwatchos)) (== netstandard1.3) (== netstandard2.0)
    System.Net.Http (4.3.4) - restriction: || (&& (== net472) (== netstandard2.0) (< netstandard1.4)) (&& (== net472) (== netstandard2.0) (< netstandard1.5)) (&& (== net472) (== netstandard2.0) (< netstandard1.6)) (&& (== net472) (< net20) (< netstandard1.2)) (&& (== net472) (< net20) (< netstandard1.3)) (&& (== net472) (< net20) (< netstandard1.4)) (&& (== net472) (< net20) (< netstandard1.5)) (&& (== net472) (< net20) (< netstandard1.6)) (&& (== net472) (< net20) (< netstandard2.0)) (&& (== net472) (< netstandard1.3) (>= uap10.0)) (&& (== net472) (< netstandard1.5) (>= uap10.0)) (&& (== netcoreapp2.1) (< netstandard1.2)) (&& (== netcoreapp2.1) (< netstandard1.3)) (&& (== netcoreapp2.1) (< netstandard1.4)) (&& (== netcoreapp2.1) (< netstandard1.5)) (&& (== netcoreapp2.1) (< netstandard1.6)) (&& (== netcoreapp2.1) (< netstandard2.0)) (&& (== netcoreapp2.2) (< netstandard1.2)) (&& (== netcoreapp2.2) (< netstandard1.3)) (&& (== netcoreapp2.2) (< netstandard1.4)) (&& (== netcoreapp2.2) (< netstandard1.5)) (&& (== netcoreapp2.2) (< netstandard1.6)) (&& (== netcoreapp2.2) (< netstandard2.0)) (== netstandard1.3) (&& (== netstandard2.0) (< netstandard1.2)) (&& (== netstandard2.0) (< netstandard1.3))
      Microsoft.NETCore.Platforms (>= 1.1.1) - restriction: || (&& (== net472) (>= dnxcore50)) (&& (== net472) (< net45)) (== netcoreapp2.1) (== netcoreapp2.2) (== netstandard1.3) (== netstandard2.0)
      Microsoft.Win32.Primitives (>= 4.3) - restriction: || (&& (== net472) (< net45) (< netstandard1.6)) (&& (== netcoreapp2.1) (< netstandard1.6)) (&& (== netcoreapp2.2) (< netstandard1.6)) (== netstandard1.3) (&& (== netstandard2.0) (< netstandard1.6))
      System.Collections (>= 4.3) - restriction: || (&& (== net472) (>= dnxcore50)) (&& (== net472) (< net45)) (== netcoreapp2.1) (== netcoreapp2.2) (== netstandard1.3) (== netstandard2.0)
      System.Diagnostics.Debug (>= 4.3) - restriction: || (&& (== net472) (>= dnxcore50)) (&& (== net472) (< net45)) (== netcoreapp2.1) (== netcoreapp2.2) (== netstandard1.3) (== netstandard2.0)
      System.Diagnostics.DiagnosticSource (>= 4.3) - restriction: || (&& (== net472) (>= dnxcore50)) (&& (== net472) (< net45)) (== netcoreapp2.1) (== netcoreapp2.2) (== netstandard1.3) (== netstandard2.0)
      System.Diagnostics.Tracing (>= 4.3) - restriction: || (&& (== net472) (>= dnxcore50)) (&& (== net472) (< net45)) (== netcoreapp2.1) (== netcoreapp2.2) (== netstandard1.3) (== netstandard2.0)
      System.Globalization (>= 4.3) - restriction: || (&& (== net472) (>= dnxcore50)) (&& (== net472) (< net45)) (== netcoreapp2.1) (== netcoreapp2.2) (== netstandard1.3) (== netstandard2.0)
      System.IO (>= 4.3) - restriction: || (&& (== net472) (>= dnxcore50)) (&& (== net472) (< net45)) (== netcoreapp2.1) (== netcoreapp2.2) (== netstandard1.3) (== netstandard2.0)
      System.IO.Compression (>= 4.3) - restriction: || (&& (== net472) (< net45) (< netstandard1.6)) (&& (== netcoreapp2.1) (< netstandard1.6)) (&& (== netcoreapp2.2) (< netstandard1.6)) (== netstandard1.3) (&& (== netstandard2.0) (< netstandard1.6))
      System.Net.Primitives (>= 4.3) - restriction: || (&& (== net472) (>= dnxcore50)) (&& (== net472) (< net45)) (== netcoreapp2.1) (== netcoreapp2.2) (== netstandard1.3) (== netstandard2.0)
      System.Resources.ResourceManager (>= 4.3) - restriction: || (&& (== net472) (>= dnxcore50)) (&& (== net472) (< net45)) (== netcoreapp2.1) (== netcoreapp2.2) (== netstandard1.3) (== netstandard2.0)
      System.Runtime (>= 4.3) - restriction: || (&& (== net472) (>= dnxcore50)) (&& (== net472) (< net45)) (== netcoreapp2.1) (== netcoreapp2.2) (== netstandard1.3) (== netstandard2.0)
      System.Runtime.Extensions (>= 4.3) - restriction: || (&& (== net472) (>= dnxcore50)) (&& (== net472) (< net45)) (== netcoreapp2.1) (== netcoreapp2.2) (== netstandard1.3) (== netstandard2.0)
      System.Runtime.Handles (>= 4.3) - restriction: || (&& (== net472) (< net45)) (== netcoreapp2.1) (== netcoreapp2.2) (== netstandard1.3) (== netstandard2.0)
      System.Runtime.InteropServices (>= 4.3) - restriction: || (&& (== net472) (>= dnxcore50)) (&& (== net472) (< net45)) (== netcoreapp2.1) (== netcoreapp2.2) (== netstandard1.3) (== netstandard2.0)
      System.Security.Cryptography.Encoding (>= 4.3) - restriction: || (&& (== net472) (< net45)) (== netcoreapp2.1) (== netcoreapp2.2) (== netstandard1.3) (== netstandard2.0)
      System.Security.Cryptography.X509Certificates (>= 4.3)
      System.Text.Encoding (>= 4.3) - restriction: || (&& (== net472) (>= dnxcore50)) (&& (== net472) (< net45)) (== netcoreapp2.1) (== netcoreapp2.2) (== netstandard1.3) (== netstandard2.0)
      System.Threading (>= 4.3) - restriction: || (&& (== net472) (>= dnxcore50)) (&& (== net472) (< net45)) (== netcoreapp2.1) (== netcoreapp2.2) (== netstandard1.3) (== netstandard2.0)
      System.Threading.Tasks (>= 4.3) - restriction: || (&& (== net472) (>= dnxcore50)) (&& (== net472) (< net45)) (== netcoreapp2.1) (== netcoreapp2.2) (== netstandard1.3) (== netstandard2.0)
    System.Net.Http.WinHttpHandler (4.5.2) - restriction: || (&& (== net472) (== netstandard1.3)) (&& (== net472) (< net45)) (== netcoreapp2.1) (== netcoreapp2.2) (&& (== netstandard1.3) (>= netstandard2.0)) (== netstandard2.0)
      System.Buffers (>= 4.4) - restriction: || (&& (== net472) (== netcoreapp2.1)) (&& (== net472) (== netcoreapp2.2)) (&& (== net472) (== netstandard1.3)) (&& (== net472) (< net46)) (&& (== netcoreapp2.1) (== netstandard1.3)) (&& (== netcoreapp2.1) (< netcoreapp2.0)) (&& (== netcoreapp2.2) (== netstandard1.3)) (&& (== netcoreapp2.2) (< netcoreapp2.0)) (&& (== netstandard1.3) (>= netstandard2.0)) (== netstandard2.0)
      System.Memory (>= 4.5.1) - restriction: || (== net472) (&& (== netcoreapp2.1) (== netstandard1.3)) (&& (== netcoreapp2.1) (>= net461)) (&& (== netcoreapp2.1) (< netcoreapp2.0)) (&& (== netcoreapp2.1) (>= uap10.1)) (&& (== netcoreapp2.2) (== netstandard1.3)) (&& (== netcoreapp2.2) (>= net461)) (&& (== netcoreapp2.2) (< netcoreapp2.0)) (&& (== netcoreapp2.2) (< netcoreapp2.1)) (&& (== netcoreapp2.2) (>= uap10.1)) (&& (== netstandard1.3) (>= net461)) (&& (== netstandard1.3) (>= netcoreapp2.0)) (&& (== netstandard1.3) (>= netstandard2.0)) (&& (== netstandard1.3) (>= uap10.1)) (== netstandard2.0)
    System.Net.NameResolution (4.3) - restriction: || (&& (== net472) (>= dnxcore50)) (&& (== net472) (< net35)) (&& (== net472) (>= uap10.1)) (== netcoreapp2.1) (== netcoreapp2.2) (== netstandard1.3) (== netstandard2.0)
      Microsoft.NETCore.Platforms (>= 1.1) - restriction: || (&& (== net472) (>= dnxcore50)) (&& (== net472) (< net46)) (== netcoreapp2.1) (== netcoreapp2.2) (== netstandard1.3) (== netstandard2.0)
      runtime.native.System (>= 4.3) - restriction: || (&& (== net472) (< net46)) (== netcoreapp2.1) (== netcoreapp2.2) (== netstandard1.3) (== netstandard2.0)
      System.Collections (>= 4.3) - restriction: || (&& (== net472) (>= dnxcore50)) (&& (== net472) (< net46)) (== netcoreapp2.1) (== netcoreapp2.2) (== netstandard1.3) (== netstandard2.0)
      System.Diagnostics.Tracing (>= 4.3) - restriction: || (&& (== net472) (>= dnxcore50)) (&& (== net472) (< net46)) (== netcoreapp2.1) (== netcoreapp2.2) (== netstandard1.3) (== netstandard2.0)
      System.Globalization (>= 4.3) - restriction: || (&& (== net472) (>= dnxcore50)) (&& (== net472) (< net46)) (== netcoreapp2.1) (== netcoreapp2.2) (== netstandard1.3) (== netstandard2.0)
      System.Net.Primitives (>= 4.3) - restriction: || (&& (== net472) (>= dnxcore50)) (&& (== net472) (< net46)) (== netcoreapp2.1) (== netcoreapp2.2) (== netstandard1.3) (== netstandard2.0)
      System.Resources.ResourceManager (>= 4.3) - restriction: || (&& (== net472) (>= dnxcore50)) (&& (== net472) (< net46)) (== netcoreapp2.1) (== netcoreapp2.2) (== netstandard1.3) (== netstandard2.0)
      System.Runtime (>= 4.3) - restriction: || (&& (== net472) (>= dnxcore50)) (&& (== net472) (< net46)) (== netcoreapp2.1) (== netcoreapp2.2) (== netstandard1.3) (== netstandard2.0)
      System.Runtime.Extensions (>= 4.3) - restriction: || (&& (== net472) (>= dnxcore50)) (&& (== net472) (< net46)) (== netcoreapp2.1) (== netcoreapp2.2) (== netstandard1.3) (== netstandard2.0)
      System.Runtime.Handles (>= 4.3) - restriction: || (&& (== net472) (>= dnxcore50)) (&& (== net472) (< net46)) (== netcoreapp2.1) (== netcoreapp2.2) (== netstandard1.3) (== netstandard2.0)
      System.Runtime.InteropServices (>= 4.3) - restriction: || (&& (== net472) (>= dnxcore50)) (&& (== net472) (< net46)) (== netcoreapp2.1) (== netcoreapp2.2) (== netstandard1.3) (== netstandard2.0)
      System.Security.Principal.Windows (>= 4.3) - restriction: || (&& (== net472) (< net46)) (== netcoreapp2.1) (== netcoreapp2.2) (== netstandard1.3) (== netstandard2.0)
      System.Threading (>= 4.3) - restriction: || (&& (== net472) (>= dnxcore50)) (&& (== net472) (< net46)) (== netcoreapp2.1) (== netcoreapp2.2) (== netstandard1.3) (== netstandard2.0)
      System.Threading.Tasks (>= 4.3) - restriction: || (&& (== net472) (>= dnxcore50)) (&& (== net472) (< net46)) (== netcoreapp2.1) (== netcoreapp2.2) (== netstandard1.3) (== netstandard2.0)
    System.Net.NetworkInformation (4.3) - restriction: || (&& (== net472) (< net35)) (== netcoreapp2.1) (== netcoreapp2.2) (== netstandard1.3) (== netstandard2.0)
      Microsoft.NETCore.Platforms (>= 1.1) - restriction: || (&& (== net472) (>= dnxcore50)) (&& (== net472) (< net45)) (== netcoreapp2.1) (== netcoreapp2.2) (== netstandard1.3) (== netstandard2.0)
      Microsoft.Win32.Primitives (>= 4.3) - restriction: || (&& (== net472) (>= dnxcore50)) (&& (== net472) (< net45)) (== netcoreapp2.1) (== netcoreapp2.2) (== netstandard1.3) (== netstandard2.0)
      runtime.native.System (>= 4.3) - restriction: || (&& (== net472) (< net45)) (== netcoreapp2.1) (== netcoreapp2.2) (== netstandard1.3) (== netstandard2.0)
      System.Collections (>= 4.3) - restriction: || (&& (== net472) (>= dnxcore50)) (&& (== net472) (< net45)) (== netcoreapp2.1) (== netcoreapp2.2) (== netstandard1.3) (== netstandard2.0)
      System.Diagnostics.Tracing (>= 4.3) - restriction: || (&& (== net472) (>= dnxcore50)) (&& (== net472) (< net45)) (== netcoreapp2.1) (== netcoreapp2.2) (== netstandard1.3) (== netstandard2.0)
      System.Globalization (>= 4.3) - restriction: || (&& (== net472) (>= dnxcore50)) (&& (== net472) (< net45)) (== netcoreapp2.1) (== netcoreapp2.2) (== netstandard1.3) (== netstandard2.0)
      System.IO (>= 4.3) - restriction: || (&& (== net472) (< net45)) (== netcoreapp2.1) (== netcoreapp2.2) (== netstandard1.3) (== netstandard2.0)
      System.IO.FileSystem (>= 4.3) - restriction: || (&& (== net472) (< net45)) (== netcoreapp2.1) (== netcoreapp2.2) (== netstandard1.3) (== netstandard2.0)
      System.IO.FileSystem.Primitives (>= 4.3) - restriction: || (&& (== net472) (< net45)) (== netcoreapp2.1) (== netcoreapp2.2) (== netstandard1.3) (== netstandard2.0)
      System.Linq (>= 4.3) - restriction: || (&& (== net472) (< net45)) (== netcoreapp2.1) (== netcoreapp2.2) (== netstandard1.3) (== netstandard2.0)
      System.Net.Primitives (>= 4.3) - restriction: || (&& (== net472) (>= dnxcore50)) (&& (== net472) (< net45)) (== netcoreapp2.1) (== netcoreapp2.2) (== netstandard1.3) (== netstandard2.0)
      System.Net.Sockets (>= 4.3) - restriction: || (&& (== net472) (< net45)) (== netcoreapp2.1) (== netcoreapp2.2) (== netstandard1.3) (== netstandard2.0)
      System.Resources.ResourceManager (>= 4.3) - restriction: || (&& (== net472) (>= dnxcore50)) (&& (== net472) (< net45)) (== netcoreapp2.1) (== netcoreapp2.2) (== netstandard1.3) (== netstandard2.0)
      System.Runtime (>= 4.3) - restriction: || (&& (== net472) (>= dnxcore50)) (&& (== net472) (< net45)) (== netcoreapp2.1) (== netcoreapp2.2) (== netstandard1.3) (== netstandard2.0)
      System.Runtime.Extensions (>= 4.3) - restriction: || (&& (== net472) (>= dnxcore50)) (&& (== net472) (< net45)) (== netcoreapp2.1) (== netcoreapp2.2) (== netstandard1.3) (== netstandard2.0)
      System.Runtime.Handles (>= 4.3) - restriction: || (&& (== net472) (< net45)) (== netcoreapp2.1) (== netcoreapp2.2) (== netstandard1.3) (== netstandard2.0)
      System.Runtime.InteropServices (>= 4.3) - restriction: || (&& (== net472) (>= dnxcore50)) (&& (== net472) (< net45)) (== netcoreapp2.1) (== netcoreapp2.2) (== netstandard1.3) (== netstandard2.0)
      System.Security.Principal.Windows (>= 4.3) - restriction: || (&& (== net472) (< net45)) (== netcoreapp2.1) (== netcoreapp2.2) (== netstandard1.3) (== netstandard2.0)
      System.Threading (>= 4.3) - restriction: || (&& (== net472) (>= dnxcore50)) (&& (== net472) (< net45)) (== netcoreapp2.1) (== netcoreapp2.2) (== netstandard1.3) (== netstandard2.0)
      System.Threading.Overlapped (>= 4.3) - restriction: || (&& (== net472) (< net45)) (== netcoreapp2.1) (== netcoreapp2.2) (== netstandard1.3) (== netstandard2.0)
      System.Threading.Tasks (>= 4.3) - restriction: || (&& (== net472) (>= dnxcore50)) (&& (== net472) (< net45)) (== netcoreapp2.1) (== netcoreapp2.2) (== netstandard1.3) (== netstandard2.0)
      System.Threading.Thread (>= 4.3) - restriction: || (&& (== net472) (< net45)) (== netcoreapp2.1) (== netcoreapp2.2) (== netstandard1.3) (== netstandard2.0)
      System.Threading.ThreadPool (>= 4.3) - restriction: || (&& (== net472) (< net45)) (== netcoreapp2.1) (== netcoreapp2.2) (== netstandard1.3) (== netstandard2.0)
    System.Net.Primitives (4.3) - restriction: || (&& (== net472) (>= dnxcore50)) (&& (== net472) (< net20) (< netstandard1.2)) (&& (== net472) (< net20) (< netstandard1.3)) (&& (== net472) (< net20) (< netstandard1.4)) (&& (== net472) (< net20) (< netstandard1.5)) (&& (== net472) (< net20) (< netstandard1.6)) (&& (== net472) (< net20) (< netstandard2.0)) (&& (== net472) (< net20) (< portable-net45+win8+wpa81)) (&& (== net472) (< net35)) (&& (== net472) (< netstandard1.3) (>= uap10.0)) (&& (== net472) (< netstandard1.5) (>= uap10.0)) (== netcoreapp2.1) (== netcoreapp2.2) (== netstandard1.3) (== netstandard2.0)
      Microsoft.NETCore.Platforms (>= 1.1) - restriction: || (&& (== net472) (>= dnxcore50)) (&& (== net472) (< net45)) (&& (== net472) (< netstandard1.1)) (== netcoreapp2.1) (== netcoreapp2.2) (== netstandard1.3) (== netstandard2.0)
      Microsoft.NETCore.Targets (>= 1.1) - restriction: || (&& (== net472) (>= dnxcore50)) (&& (== net472) (< net45)) (&& (== net472) (< netstandard1.1)) (== netcoreapp2.1) (== netcoreapp2.2) (== netstandard1.3) (== netstandard2.0)
      System.Runtime (>= 4.3) - restriction: || (&& (== net472) (>= dnxcore50)) (&& (== net472) (< net45)) (&& (== net472) (< netstandard1.1)) (== netcoreapp2.1) (== netcoreapp2.2) (== netstandard1.3) (== netstandard2.0)
      System.Runtime.Handles (>= 4.3) - restriction: || (&& (== net472) (>= dnxcore50)) (&& (== net472) (< net45)) (== netcoreapp2.1) (== netcoreapp2.2) (== netstandard1.3) (== netstandard2.0)
    System.Net.Security (4.3.2) - restriction: || (&& (== net472) (>= dnxcore50)) (&& (== net472) (< net35) (< netstandard2.0)) (&& (== net472) (>= uap10.1)) (&& (== netcoreapp2.1) (< netstandard2.0)) (&& (== netcoreapp2.2) (< netstandard2.0)) (== netstandard1.3)
      Microsoft.NETCore.Platforms (>= 1.1) - restriction: || (&& (== net472) (< net46)) (== netcoreapp2.1) (== netcoreapp2.2) (== netstandard1.3) (== netstandard2.0)
      Microsoft.Win32.Primitives (>= 4.3) - restriction: || (&& (== net472) (< net46)) (== netcoreapp2.1) (== netcoreapp2.2) (== netstandard1.3) (== netstandard2.0)
      System.Collections (>= 4.3) - restriction: || (&& (== net472) (< net46)) (== netcoreapp2.1) (== netcoreapp2.2) (== netstandard1.3) (== netstandard2.0)
      System.Collections.Concurrent (>= 4.3) - restriction: || (&& (== net472) (< net46)) (== netcoreapp2.1) (== netcoreapp2.2) (== netstandard1.3) (== netstandard2.0)
      System.Diagnostics.Tracing (>= 4.3) - restriction: || (&& (== net472) (< net46)) (== netcoreapp2.1) (== netcoreapp2.2) (== netstandard1.3) (== netstandard2.0)
      System.Globalization (>= 4.3) - restriction: || (&& (== net472) (< net46)) (== netcoreapp2.1) (== netcoreapp2.2) (== netstandard1.3) (== netstandard2.0)
      System.IO (>= 4.3) - restriction: || (&& (== net472) (< net46)) (== netcoreapp2.1) (== netcoreapp2.2) (== netstandard1.3) (== netstandard2.0)
      System.Net.Primitives (>= 4.3) - restriction: || (&& (== net472) (< net46)) (== netcoreapp2.1) (== netcoreapp2.2) (== netstandard1.3) (== netstandard2.0)
      System.Resources.ResourceManager (>= 4.3) - restriction: || (&& (== net472) (< net46)) (== netcoreapp2.1) (== netcoreapp2.2) (== netstandard1.3) (== netstandard2.0)
      System.Runtime (>= 4.3) - restriction: || (&& (== net472) (< net46)) (== netcoreapp2.1) (== netcoreapp2.2) (== netstandard1.3) (== netstandard2.0)
      System.Runtime.Extensions (>= 4.3) - restriction: || (&& (== net472) (< net46)) (== netcoreapp2.1) (== netcoreapp2.2) (== netstandard1.3) (== netstandard2.0)
      System.Runtime.Handles (>= 4.3) - restriction: || (&& (== net472) (< net46)) (== netcoreapp2.1) (== netcoreapp2.2) (== netstandard1.3) (== netstandard2.0)
      System.Runtime.InteropServices (>= 4.3) - restriction: || (&& (== net472) (< net46)) (== netcoreapp2.1) (== netcoreapp2.2) (== netstandard1.3) (== netstandard2.0)
      System.Security.Claims (>= 4.3) - restriction: || (&& (== net472) (< net46)) (== netcoreapp2.1) (== netcoreapp2.2) (== netstandard1.3) (== netstandard2.0)
      System.Security.Cryptography.Encoding (>= 4.3) - restriction: || (&& (== net472) (< net46)) (== netcoreapp2.1) (== netcoreapp2.2) (== netstandard1.3) (== netstandard2.0)
      System.Security.Cryptography.Primitives (>= 4.3) - restriction: || (&& (== net472) (< net46)) (== netcoreapp2.1) (== netcoreapp2.2) (== netstandard1.3) (== netstandard2.0)
      System.Security.Cryptography.X509Certificates (>= 4.3)
      System.Security.Principal (>= 4.3) - restriction: || (&& (== net472) (< net46)) (== netcoreapp2.1) (== netcoreapp2.2) (== netstandard1.3) (== netstandard2.0)
      System.Security.Principal.Windows (>= 4.3) - restriction: || (&& (== net472) (< net46) (< netstandard1.6)) (&& (== netcoreapp2.1) (< netstandard1.6)) (&& (== netcoreapp2.2) (< netstandard1.6)) (== netstandard1.3) (&& (== netstandard2.0) (< netstandard1.6))
      System.Threading (>= 4.3) - restriction: || (&& (== net472) (< net46)) (== netcoreapp2.1) (== netcoreapp2.2) (== netstandard1.3) (== netstandard2.0)
      System.Threading.Tasks (>= 4.3) - restriction: || (&& (== net472) (< net46)) (== netcoreapp2.1) (== netcoreapp2.2) (== netstandard1.3) (== netstandard2.0)
      System.Threading.ThreadPool (>= 4.3) - restriction: || (&& (== net472) (< net46)) (== netcoreapp2.1) (== netcoreapp2.2) (== netstandard1.3) (== netstandard2.0)
    System.Net.Sockets (4.3) - restriction: || (&& (== net472) (< net20) (< netstandard1.3)) (&& (== net472) (< net20) (< netstandard1.4)) (&& (== net472) (< net20) (< netstandard1.5)) (&& (== net472) (< net20) (< netstandard1.6)) (&& (== net472) (< net20) (< netstandard2.0)) (&& (== net472) (< net35)) (&& (== net472) (< netstandard1.3) (>= uap10.0)) (&& (== net472) (< netstandard1.5) (>= uap10.0)) (== netcoreapp2.1) (== netcoreapp2.2) (== netstandard1.3) (== netstandard2.0)
      Microsoft.NETCore.Platforms (>= 1.1) - restriction: || (&& (== net472) (< net46)) (== netcoreapp2.1) (== netcoreapp2.2) (== netstandard1.3) (== netstandard2.0)
      Microsoft.NETCore.Targets (>= 1.1) - restriction: || (&& (== net472) (< net46)) (== netcoreapp2.1) (== netcoreapp2.2) (== netstandard1.3) (== netstandard2.0)
      System.IO (>= 4.3) - restriction: || (&& (== net472) (< net46)) (== netcoreapp2.1) (== netcoreapp2.2) (== netstandard1.3) (== netstandard2.0)
      System.Net.Primitives (>= 4.3) - restriction: || (&& (== net472) (< net46)) (== netcoreapp2.1) (== netcoreapp2.2) (== netstandard1.3) (== netstandard2.0)
      System.Runtime (>= 4.3) - restriction: || (&& (== net472) (< net46)) (== netcoreapp2.1) (== netcoreapp2.2) (== netstandard1.3) (== netstandard2.0)
      System.Threading.Tasks (>= 4.3) - restriction: || (&& (== net472) (< net46)) (== netcoreapp2.1) (== netcoreapp2.2) (== netstandard1.3) (== netstandard2.0)
    System.Net.WebHeaderCollection (4.3) - restriction: || (&& (== net472) (>= dnxcore50)) (&& (== net472) (< net35) (< netstandard2.0)) (&& (== net472) (>= uap10.1)) (&& (== netcoreapp2.1) (>= dnxcore50)) (&& (== netcoreapp2.1) (< netstandard2.0)) (&& (== netcoreapp2.2) (>= dnxcore50)) (&& (== netcoreapp2.2) (< netstandard2.0)) (== netstandard1.3) (&& (== netstandard2.0) (>= dnxcore50))
      System.Collections (>= 4.3) - restriction: || (&& (== net472) (< net46)) (== netcoreapp2.1) (== netcoreapp2.2) (== netstandard1.3) (== netstandard2.0)
      System.Resources.ResourceManager (>= 4.3) - restriction: || (&& (== net472) (< net46)) (== netcoreapp2.1) (== netcoreapp2.2) (== netstandard1.3) (== netstandard2.0)
      System.Runtime (>= 4.3) - restriction: || (&& (== net472) (< net46)) (== netcoreapp2.1) (== netcoreapp2.2) (== netstandard1.3) (== netstandard2.0)
      System.Runtime.Extensions (>= 4.3) - restriction: || (&& (== net472) (< net46)) (== netcoreapp2.1) (== netcoreapp2.2) (== netstandard1.3) (== netstandard2.0)
    System.Net.WebSockets (4.3) - restriction: || (&& (== net472) (>= dnxcore50)) (&& (== net472) (< net35) (< netstandard2.0)) (&& (== net472) (>= uap10.1)) (&& (== netcoreapp2.1) (>= dnxcore50)) (&& (== netcoreapp2.1) (< netstandard2.0)) (&& (== netcoreapp2.2) (>= dnxcore50)) (&& (== netcoreapp2.2) (< netstandard2.0)) (== netstandard1.3) (&& (== netstandard2.0) (>= dnxcore50))
      Microsoft.Win32.Primitives (>= 4.3) - restriction: || (&& (== net472) (< net46)) (== netcoreapp2.1) (== netcoreapp2.2) (== netstandard1.3) (== netstandard2.0)
      System.Resources.ResourceManager (>= 4.3) - restriction: || (&& (== net472) (< net46)) (== netcoreapp2.1) (== netcoreapp2.2) (== netstandard1.3) (== netstandard2.0)
      System.Runtime (>= 4.3) - restriction: || (&& (== net472) (< net46)) (== netcoreapp2.1) (== netcoreapp2.2) (== netstandard1.3) (== netstandard2.0)
      System.Threading.Tasks (>= 4.3) - restriction: || (&& (== net472) (< net46)) (== netcoreapp2.1) (== netcoreapp2.2) (== netstandard1.3) (== netstandard2.0)
    System.Net.WebSockets.Client (4.3.2) - restriction: || (&& (== net472) (>= dnxcore50)) (&& (== net472) (< net35) (< netstandard2.0)) (&& (== net472) (>= uap10.1)) (&& (== netcoreapp2.1) (>= dnxcore50)) (&& (== netcoreapp2.1) (< netstandard2.0)) (&& (== netcoreapp2.2) (>= dnxcore50)) (&& (== netcoreapp2.2) (< netstandard2.0)) (== netstandard1.3) (&& (== netstandard2.0) (>= dnxcore50))
      Microsoft.NETCore.Platforms (>= 1.1) - restriction: || (&& (== net472) (>= dnxcore50)) (&& (== net472) (< net46)) (== netcoreapp2.1) (== netcoreapp2.2) (== netstandard1.3) (== netstandard2.0)
      Microsoft.Win32.Primitives (>= 4.3) - restriction: || (&& (== net472) (< net46)) (== netcoreapp2.1) (== netcoreapp2.2) (== netstandard1.3) (== netstandard2.0)
      System.Collections (>= 4.3) - restriction: || (&& (== net472) (>= dnxcore50)) (&& (== net472) (< net46)) (== netcoreapp2.1) (== netcoreapp2.2) (== netstandard1.3) (== netstandard2.0)
      System.Diagnostics.Debug (>= 4.3) - restriction: || (&& (== net472) (>= dnxcore50)) (&& (== net472) (< net46)) (== netcoreapp2.1) (== netcoreapp2.2) (== netstandard1.3) (== netstandard2.0)
      System.Diagnostics.Tracing (>= 4.3) - restriction: || (&& (== net472) (>= dnxcore50)) (&& (== net472) (< net46)) (== netcoreapp2.1) (== netcoreapp2.2) (== netstandard1.3) (== netstandard2.0)
      System.Globalization (>= 4.3) - restriction: || (&& (== net472) (>= dnxcore50)) (&& (== net472) (< net46)) (== netcoreapp2.1) (== netcoreapp2.2) (== netstandard1.3) (== netstandard2.0)
      System.IO (>= 4.3) - restriction: || (&& (== net472) (< net46)) (== netcoreapp2.1) (== netcoreapp2.2) (== netstandard1.3) (== netstandard2.0)
      System.Net.NameResolution (>= 4.3) - restriction: || (&& (== net472) (< net46)) (== netcoreapp2.1) (== netcoreapp2.2) (== netstandard1.3) (== netstandard2.0)
      System.Net.Primitives (>= 4.3) - restriction: || (&& (== net472) (>= dnxcore50)) (&& (== net472) (< net46)) (== netcoreapp2.1) (== netcoreapp2.2) (== netstandard1.3) (== netstandard2.0)
      System.Net.Security (>= 4.3) - restriction: || (&& (== net472) (< net46)) (== netcoreapp2.1) (== netcoreapp2.2) (== netstandard1.3) (== netstandard2.0)
      System.Net.Sockets (>= 4.3) - restriction: || (&& (== net472) (< net46)) (== netcoreapp2.1) (== netcoreapp2.2) (== netstandard1.3) (== netstandard2.0)
      System.Net.WebHeaderCollection (>= 4.3) - restriction: || (&& (== net472) (>= dnxcore50)) (&& (== net472) (< net46)) (== netcoreapp2.1) (== netcoreapp2.2) (== netstandard1.3) (== netstandard2.0)
      System.Net.WebSockets (>= 4.3)
      System.Resources.ResourceManager (>= 4.3) - restriction: || (&& (== net472) (>= dnxcore50)) (&& (== net472) (< net46)) (== netcoreapp2.1) (== netcoreapp2.2) (== netstandard1.3) (== netstandard2.0)
      System.Runtime (>= 4.3) - restriction: || (&& (== net472) (>= dnxcore50)) (&& (== net472) (< net46)) (== netcoreapp2.1) (== netcoreapp2.2) (== netstandard1.3) (== netstandard2.0)
      System.Runtime.Extensions (>= 4.3) - restriction: || (&& (== net472) (>= dnxcore50)) (&& (== net472) (< net46)) (== netcoreapp2.1) (== netcoreapp2.2) (== netstandard1.3) (== netstandard2.0)
      System.Runtime.Handles (>= 4.3) - restriction: || (&& (== net472) (< net46)) (== netcoreapp2.1) (== netcoreapp2.2) (== netstandard1.3) (== netstandard2.0)
      System.Runtime.InteropServices (>= 4.3) - restriction: || (&& (== net472) (< net46)) (== netcoreapp2.1) (== netcoreapp2.2) (== netstandard1.3) (== netstandard2.0)
      System.Security.Cryptography.Algorithms (>= 4.3) - restriction: || (&& (== net472) (< net46)) (== netcoreapp2.1) (== netcoreapp2.2) (== netstandard1.3) (== netstandard2.0)
      System.Security.Cryptography.Primitives (>= 4.3) - restriction: || (&& (== net472) (< net46)) (== netcoreapp2.1) (== netcoreapp2.2) (== netstandard1.3) (== netstandard2.0)
      System.Security.Cryptography.X509Certificates (>= 4.3)
      System.Text.Encoding (>= 4.3) - restriction: || (&& (== net472) (>= dnxcore50)) (&& (== net472) (< net46)) (== netcoreapp2.1) (== netcoreapp2.2) (== netstandard1.3) (== netstandard2.0)
      System.Text.Encoding.Extensions (>= 4.3) - restriction: || (&& (== net472) (< net46)) (== netcoreapp2.1) (== netcoreapp2.2) (== netstandard1.3) (== netstandard2.0)
      System.Threading (>= 4.3) - restriction: || (&& (== net472) (>= dnxcore50)) (&& (== net472) (< net46)) (== netcoreapp2.1) (== netcoreapp2.2) (== netstandard1.3) (== netstandard2.0)
      System.Threading.Tasks (>= 4.3) - restriction: || (&& (== net472) (>= dnxcore50)) (&& (== net472) (< net46)) (== netcoreapp2.1) (== netcoreapp2.2) (== netstandard1.3) (== netstandard2.0)
      System.Threading.Timer (>= 4.3) - restriction: || (&& (== net472) (< net46)) (== netcoreapp2.1) (== netcoreapp2.2) (== netstandard1.3) (== netstandard2.0)
    System.Numerics.Vectors (4.5) - restriction: || (&& (== net472) (== netcoreapp2.1)) (&& (== net472) (== netcoreapp2.2)) (&& (== net472) (== netstandard1.3)) (&& (== net472) (< net45)) (&& (== net472) (>= netcoreapp2.0)) (&& (== net472) (>= uap10.1)) (&& (== netcoreapp2.1) (== netstandard1.3)) (&& (== netcoreapp2.1) (>= net461)) (&& (== netcoreapp2.1) (< netcoreapp2.0)) (&& (== netcoreapp2.1) (>= uap10.1)) (&& (== netcoreapp2.2) (== netstandard1.3)) (&& (== netcoreapp2.2) (>= net461)) (&& (== netcoreapp2.2) (< netcoreapp2.0)) (&& (== netcoreapp2.2) (>= uap10.1)) (&& (== netstandard1.3) (>= netcoreapp2.0)) (&& (== netstandard1.3) (>= netstandard2.0)) (== netstandard2.0)
    System.ObjectModel (4.3) - restriction: || (&& (== net472) (== netstandard2.0) (< netstandard1.4)) (&& (== net472) (== netstandard2.0) (< netstandard1.5)) (&& (== net472) (== netstandard2.0) (< netstandard1.6)) (&& (== net472) (< net20) (< netstandard1.2)) (&& (== net472) (< net20) (< netstandard1.3)) (&& (== net472) (< net20) (< netstandard1.4)) (&& (== net472) (< net20) (< netstandard1.5)) (&& (== net472) (< net20) (< netstandard1.6)) (&& (== net472) (< net20) (< netstandard2.0)) (&& (== net472) (< net20) (< portable-net45+win8+wpa81)) (&& (== net472) (< netstandard1.3) (>= uap10.0)) (&& (== net472) (< netstandard1.5) (>= uap10.0)) (&& (== netcoreapp2.1) (< netstandard1.2)) (&& (== netcoreapp2.1) (< netstandard1.3)) (&& (== netcoreapp2.1) (< netstandard1.4)) (&& (== netcoreapp2.1) (< netstandard1.5)) (&& (== netcoreapp2.1) (< netstandard1.6)) (&& (== netcoreapp2.1) (< netstandard2.0)) (&& (== netcoreapp2.1) (< portable-net45+win8+wpa81)) (&& (== netcoreapp2.2) (< netstandard1.2)) (&& (== netcoreapp2.2) (< netstandard1.3)) (&& (== netcoreapp2.2) (< netstandard1.4)) (&& (== netcoreapp2.2) (< netstandard1.5)) (&& (== netcoreapp2.2) (< netstandard1.6)) (&& (== netcoreapp2.2) (< netstandard2.0)) (&& (== netcoreapp2.2) (< portable-net45+win8+wpa81)) (== netstandard1.3) (&& (== netstandard2.0) (< netstandard1.2)) (&& (== netstandard2.0) (< netstandard1.3)) (&& (== netstandard2.0) (< portable-net45+win8+wpa81))
      System.Collections (>= 4.3) - restriction: || (&& (== net472) (>= dnxcore50)) (&& (== net472) (< net45)) (== netcoreapp2.1) (== netcoreapp2.2) (== netstandard1.3) (== netstandard2.0)
      System.Diagnostics.Debug (>= 4.3) - restriction: || (&& (== net472) (>= dnxcore50)) (&& (== net472) (< net45)) (== netcoreapp2.1) (== netcoreapp2.2) (== netstandard1.3) (== netstandard2.0)
      System.Resources.ResourceManager (>= 4.3) - restriction: || (&& (== net472) (>= dnxcore50)) (&& (== net472) (< net45)) (== netcoreapp2.1) (== netcoreapp2.2) (== netstandard1.3) (== netstandard2.0)
      System.Runtime (>= 4.3) - restriction: || (&& (== net472) (>= dnxcore50)) (&& (== net472) (< net45)) (== netcoreapp2.1) (== netcoreapp2.2) (== netstandard1.3) (== netstandard2.0)
      System.Threading (>= 4.3) - restriction: || (&& (== net472) (>= dnxcore50)) (&& (== net472) (< net45)) (== netcoreapp2.1) (== netcoreapp2.2) (== netstandard1.3) (== netstandard2.0)
    System.Private.DataContractSerialization (4.3) - restriction: || (&& (== net472) (>= dnxcore50)) (&& (== net472) (< net35) (< netstandard1.1)) (&& (== net472) (< net35) (< netstandard1.3)) (&& (== net472) (< net35) (< netstandard2.0)) (&& (== netcoreapp2.1) (>= dnxcore50)) (&& (== netcoreapp2.1) (< netstandard1.1)) (&& (== netcoreapp2.1) (< netstandard1.3)) (&& (== netcoreapp2.1) (< netstandard2.0)) (&& (== netcoreapp2.2) (>= dnxcore50)) (&& (== netcoreapp2.2) (< netstandard1.1)) (&& (== netcoreapp2.2) (< netstandard1.3)) (&& (== netcoreapp2.2) (< netstandard2.0)) (== netstandard1.3) (&& (== netstandard2.0) (>= dnxcore50)) (&& (== netstandard2.0) (< netstandard1.1)) (&& (== netstandard2.0) (< netstandard1.3))
      System.Collections (>= 4.3) - restriction: || (&& (== net472) (>= dnxcore50)) (&& (== net472) (< net46)) (== netcoreapp2.1) (== netcoreapp2.2) (== netstandard1.3) (== netstandard2.0)
      System.Collections.Concurrent (>= 4.3) - restriction: || (&& (== net472) (>= dnxcore50)) (&& (== net472) (< net46)) (== netcoreapp2.1) (== netcoreapp2.2) (== netstandard1.3) (== netstandard2.0)
      System.Diagnostics.Debug (>= 4.3) - restriction: || (&& (== net472) (>= dnxcore50)) (&& (== net472) (< net46)) (== netcoreapp2.1) (== netcoreapp2.2) (== netstandard1.3) (== netstandard2.0)
      System.Globalization (>= 4.3) - restriction: || (&& (== net472) (>= dnxcore50)) (&& (== net472) (< net46)) (== netcoreapp2.1) (== netcoreapp2.2) (== netstandard1.3) (== netstandard2.0)
      System.IO (>= 4.3) - restriction: || (&& (== net472) (>= dnxcore50)) (&& (== net472) (< net46)) (== netcoreapp2.1) (== netcoreapp2.2) (== netstandard1.3) (== netstandard2.0)
      System.Linq (>= 4.3) - restriction: || (&& (== net472) (>= dnxcore50)) (&& (== net472) (< net46)) (== netcoreapp2.1) (== netcoreapp2.2) (== netstandard1.3) (== netstandard2.0)
      System.Reflection (>= 4.3) - restriction: || (&& (== net472) (>= dnxcore50)) (&& (== net472) (< net46)) (== netcoreapp2.1) (== netcoreapp2.2) (== netstandard1.3) (== netstandard2.0)
      System.Reflection.Emit.ILGeneration (>= 4.3) - restriction: || (&& (== net472) (< net46)) (== netcoreapp2.1) (== netcoreapp2.2) (== netstandard1.3) (== netstandard2.0)
      System.Reflection.Emit.Lightweight (>= 4.3) - restriction: || (&& (== net472) (< net46)) (== netcoreapp2.1) (== netcoreapp2.2) (== netstandard1.3) (== netstandard2.0)
      System.Reflection.Extensions (>= 4.3) - restriction: || (&& (== net472) (>= dnxcore50)) (&& (== net472) (< net46)) (== netcoreapp2.1) (== netcoreapp2.2) (== netstandard1.3) (== netstandard2.0)
      System.Reflection.Primitives (>= 4.3) - restriction: || (&& (== net472) (>= dnxcore50)) (&& (== net472) (< net46)) (== netcoreapp2.1) (== netcoreapp2.2) (== netstandard1.3) (== netstandard2.0)
      System.Reflection.TypeExtensions (>= 4.3)
      System.Resources.ResourceManager (>= 4.3) - restriction: || (&& (== net472) (>= dnxcore50)) (&& (== net472) (< net46)) (== netcoreapp2.1) (== netcoreapp2.2) (== netstandard1.3) (== netstandard2.0)
      System.Runtime (>= 4.3) - restriction: || (&& (== net472) (>= dnxcore50)) (&& (== net472) (< net46)) (== netcoreapp2.1) (== netcoreapp2.2) (== netstandard1.3) (== netstandard2.0)
      System.Runtime.Extensions (>= 4.3) - restriction: || (&& (== net472) (>= dnxcore50)) (&& (== net472) (< net46)) (== netcoreapp2.1) (== netcoreapp2.2) (== netstandard1.3) (== netstandard2.0)
      System.Runtime.Serialization.Primitives (>= 4.3)
      System.Text.Encoding (>= 4.3) - restriction: || (&& (== net472) (>= dnxcore50)) (&& (== net472) (< net46)) (== netcoreapp2.1) (== netcoreapp2.2) (== netstandard1.3) (== netstandard2.0)
      System.Text.Encoding.Extensions (>= 4.3) - restriction: || (&& (== net472) (>= dnxcore50)) (&& (== net472) (< net46)) (== netcoreapp2.1) (== netcoreapp2.2) (== netstandard1.3) (== netstandard2.0)
      System.Text.RegularExpressions (>= 4.3) - restriction: || (&& (== net472) (>= dnxcore50)) (&& (== net472) (< net46)) (== netcoreapp2.1) (== netcoreapp2.2) (== netstandard1.3) (== netstandard2.0)
      System.Threading (>= 4.3) - restriction: || (&& (== net472) (>= dnxcore50)) (&& (== net472) (< net46)) (== netcoreapp2.1) (== netcoreapp2.2) (== netstandard1.3) (== netstandard2.0)
      System.Threading.Tasks (>= 4.3) - restriction: || (&& (== net472) (>= dnxcore50)) (&& (== net472) (< net46)) (== netcoreapp2.1) (== netcoreapp2.2) (== netstandard1.3) (== netstandard2.0)
      System.Xml.ReaderWriter (>= 4.3) - restriction: || (&& (== net472) (>= dnxcore50)) (&& (== net472) (< net46)) (== netcoreapp2.1) (== netcoreapp2.2) (== netstandard1.3) (== netstandard2.0)
      System.Xml.XDocument (>= 4.3) - restriction: || (&& (== net472) (>= dnxcore50)) (&& (== net472) (< net46)) (== netcoreapp2.1) (== netcoreapp2.2) (== netstandard1.3) (== netstandard2.0)
      System.Xml.XmlDocument (>= 4.3)
      System.Xml.XmlSerializer (>= 4.3) - restriction: || (&& (== net472) (>= dnxcore50)) (&& (== net472) (< net46)) (== netcoreapp2.1) (== netcoreapp2.2) (== netstandard1.3) (== netstandard2.0)
    System.Private.ServiceModel (4.5.3) - restriction: || (&& (== net472) (>= dnxcore50)) (&& (== net472) (< net35)) (&& (== net472) (>= uap10.1)) (== netcoreapp2.1) (== netcoreapp2.2) (== netstandard1.3) (== netstandard2.0)
      Microsoft.NETCore.Platforms (>= 2.1)
      NETStandard.Library (>= 1.6.1) - restriction: || (&& (== net472) (>= dnxcore50)) (&& (== net472) (< netstandard2.0)) (&& (== netcoreapp2.1) (>= dnxcore50)) (&& (== netcoreapp2.1) (< netstandard2.0)) (&& (== netcoreapp2.2) (>= dnxcore50)) (&& (== netcoreapp2.2) (< netstandard2.0)) (== netstandard1.3) (&& (== netstandard2.0) (>= dnxcore50))
      System.Collections.NonGeneric (>= 4.3) - restriction: || (&& (== net472) (>= dnxcore50)) (&& (== net472) (< netstandard2.0)) (&& (== netcoreapp2.1) (>= dnxcore50)) (&& (== netcoreapp2.1) (< netstandard2.0)) (&& (== netcoreapp2.2) (>= dnxcore50)) (&& (== netcoreapp2.2) (< netstandard2.0)) (== netstandard1.3) (&& (== netstandard2.0) (>= dnxcore50))
      System.Collections.Specialized (>= 4.3) - restriction: || (&& (== net472) (>= dnxcore50)) (&& (== net472) (< netstandard2.0)) (&& (== netcoreapp2.1) (>= dnxcore50)) (&& (== netcoreapp2.1) (< netstandard2.0)) (&& (== netcoreapp2.2) (>= dnxcore50)) (&& (== netcoreapp2.2) (< netstandard2.0)) (== netstandard1.3) (&& (== netstandard2.0) (>= dnxcore50))
      System.ComponentModel.EventBasedAsync (>= 4.3) - restriction: || (&& (== net472) (>= dnxcore50)) (&& (== net472) (< netstandard2.0)) (&& (== netcoreapp2.1) (>= dnxcore50)) (&& (== netcoreapp2.1) (< netstandard2.0)) (&& (== netcoreapp2.2) (>= dnxcore50)) (&& (== netcoreapp2.2) (< netstandard2.0)) (== netstandard1.3) (&& (== netstandard2.0) (>= dnxcore50))
      System.Linq.Queryable (>= 4.3) - restriction: || (&& (== net472) (>= dnxcore50)) (&& (== net472) (< netstandard2.0)) (&& (== netcoreapp2.1) (>= dnxcore50)) (&& (== netcoreapp2.1) (< netstandard2.0)) (&& (== netcoreapp2.2) (>= dnxcore50)) (&& (== netcoreapp2.2) (< netstandard2.0)) (== netstandard1.3) (&& (== netstandard2.0) (>= dnxcore50))
      System.Net.NameResolution (>= 4.3) - restriction: || (&& (== net472) (< netstandard2.0)) (&& (== netcoreapp2.1) (< netstandard2.0)) (&& (== netcoreapp2.2) (< netstandard2.0)) (== netstandard1.3)
      System.Net.Security (>= 4.3) - restriction: || (&& (== net472) (< netstandard2.0)) (&& (== netcoreapp2.1) (< netstandard2.0)) (&& (== netcoreapp2.2) (< netstandard2.0)) (== netstandard1.3)
      System.Net.WebHeaderCollection (>= 4.3) - restriction: || (&& (== net472) (>= dnxcore50)) (&& (== net472) (< netstandard2.0)) (&& (== netcoreapp2.1) (>= dnxcore50)) (&& (== netcoreapp2.1) (< netstandard2.0)) (&& (== netcoreapp2.2) (>= dnxcore50)) (&& (== netcoreapp2.2) (< netstandard2.0)) (== netstandard1.3) (&& (== netstandard2.0) (>= dnxcore50))
      System.Net.WebSockets (>= 4.3) - restriction: || (&& (== net472) (>= dnxcore50)) (&& (== net472) (< netstandard2.0)) (&& (== netcoreapp2.1) (>= dnxcore50)) (&& (== netcoreapp2.1) (< netstandard2.0)) (&& (== netcoreapp2.2) (>= dnxcore50)) (&& (== netcoreapp2.2) (< netstandard2.0)) (== netstandard1.3) (&& (== netstandard2.0) (>= dnxcore50))
      System.Net.WebSockets.Client (>= 4.3) - restriction: || (&& (== net472) (>= dnxcore50)) (&& (== net472) (< netstandard2.0)) (&& (== netcoreapp2.1) (>= dnxcore50)) (&& (== netcoreapp2.1) (< netstandard2.0)) (&& (== netcoreapp2.2) (>= dnxcore50)) (&& (== netcoreapp2.2) (< netstandard2.0)) (== netstandard1.3) (&& (== netstandard2.0) (>= dnxcore50))
      System.Reflection.DispatchProxy (>= 4.3) - restriction: || (&& (== net472) (< netstandard2.0)) (&& (== netcoreapp2.1) (< netstandard2.0)) (&& (== netcoreapp2.2) (< netstandard2.0)) (== netstandard1.3)
      System.Reflection.DispatchProxy (>= 4.5) - restriction: || (== net472) (== netcoreapp2.1) (== netcoreapp2.2) (&& (== netstandard1.3) (>= netstandard2.0)) (== netstandard2.0)
      System.Reflection.TypeExtensions (>= 4.4) - restriction: || (&& (== net472) (>= dnxcore50)) (&& (== net472) (< netstandard2.0)) (&& (== netcoreapp2.1) (>= dnxcore50)) (&& (== netcoreapp2.1) (< netstandard2.0)) (&& (== netcoreapp2.2) (>= dnxcore50)) (&& (== netcoreapp2.2) (< netstandard2.0)) (== netstandard1.3) (&& (== netstandard2.0) (>= dnxcore50))
      System.Runtime.Serialization.Primitives (>= 4.3) - restriction: || (&& (== net472) (>= dnxcore50)) (&& (== net472) (< netstandard2.0)) (&& (== netcoreapp2.1) (>= dnxcore50)) (&& (== netcoreapp2.1) (< netstandard2.0)) (&& (== netcoreapp2.2) (>= dnxcore50)) (&& (== netcoreapp2.2) (< netstandard2.0)) (== netstandard1.3) (&& (== netstandard2.0) (>= dnxcore50))
      System.Runtime.Serialization.Xml (>= 4.3) - restriction: || (&& (== net472) (>= dnxcore50)) (&& (== net472) (< netstandard2.0)) (&& (== netcoreapp2.1) (>= dnxcore50)) (&& (== netcoreapp2.1) (< netstandard2.0)) (&& (== netcoreapp2.2) (>= dnxcore50)) (&& (== netcoreapp2.2) (< netstandard2.0)) (== netstandard1.3) (&& (== netstandard2.0) (>= dnxcore50))
      System.Security.Claims (>= 4.3) - restriction: || (&& (== net472) (>= dnxcore50)) (&& (== net472) (< netstandard2.0)) (&& (== netcoreapp2.1) (>= dnxcore50)) (&& (== netcoreapp2.1) (< netstandard2.0)) (&& (== netcoreapp2.2) (>= dnxcore50)) (&& (== netcoreapp2.2) (< netstandard2.0)) (== netstandard1.3) (&& (== netstandard2.0) (>= dnxcore50))
      System.Security.Principal (>= 4.3) - restriction: || (&& (== net472) (>= dnxcore50)) (&& (== net472) (< netstandard2.0)) (&& (== netcoreapp2.1) (>= dnxcore50)) (&& (== netcoreapp2.1) (< netstandard2.0)) (&& (== netcoreapp2.2) (>= dnxcore50)) (&& (== netcoreapp2.2) (< netstandard2.0)) (== netstandard1.3) (&& (== netstandard2.0) (>= dnxcore50))
      System.Security.Principal.Windows (>= 4.3) - restriction: || (&& (== net472) (< netstandard2.0)) (&& (== netcoreapp2.1) (< netstandard2.0)) (&& (== netcoreapp2.2) (< netstandard2.0)) (== netstandard1.3)
      System.Security.Principal.Windows (>= 4.5) - restriction: || (== net472) (== netcoreapp2.1) (== netcoreapp2.2) (&& (== netstandard1.3) (>= netstandard2.0)) (== netstandard2.0)
      System.Xml.XmlDocument (>= 4.3) - restriction: || (&& (== net472) (>= dnxcore50)) (&& (== net472) (< netstandard2.0)) (&& (== netcoreapp2.1) (>= dnxcore50)) (&& (== netcoreapp2.1) (< netstandard2.0)) (&& (== netcoreapp2.2) (>= dnxcore50)) (&& (== netcoreapp2.2) (< netstandard2.0)) (== netstandard1.3) (&& (== netstandard2.0) (>= dnxcore50))
      System.Xml.XmlSerializer (>= 4.3) - restriction: || (&& (== net472) (>= dnxcore50)) (&& (== net472) (< netstandard2.0)) (&& (== netcoreapp2.1) (>= dnxcore50)) (&& (== netcoreapp2.1) (< netstandard2.0)) (&& (== netcoreapp2.2) (>= dnxcore50)) (&& (== netcoreapp2.2) (< netstandard2.0)) (== netstandard1.3) (&& (== netstandard2.0) (>= dnxcore50))
    System.Reflection (4.3) - restriction: || (&& (== net472) (< net20) (< netstandard1.3)) (&& (== net472) (< net20) (< netstandard1.5)) (&& (== net472) (< net20) (< netstandard2.0)) (&& (== net472) (< net35)) (&& (== net472) (< net45)) (== netcoreapp2.1) (== netcoreapp2.2) (== netstandard1.3) (== netstandard2.0)
      Microsoft.NETCore.Platforms (>= 1.1) - restriction: || (&& (== net472) (>= dnxcore50)) (&& (== net472) (< net45)) (== netcoreapp2.1) (== netcoreapp2.2) (== netstandard1.3) (== netstandard2.0)
      Microsoft.NETCore.Targets (>= 1.1) - restriction: || (&& (== net472) (>= dnxcore50)) (&& (== net472) (< net45)) (== netcoreapp2.1) (== netcoreapp2.2) (== netstandard1.3) (== netstandard2.0)
      System.IO (>= 4.3) - restriction: || (&& (== net472) (>= dnxcore50)) (&& (== net472) (< net45)) (== netcoreapp2.1) (== netcoreapp2.2) (== netstandard1.3) (== netstandard2.0)
      System.Reflection.Primitives (>= 4.3) - restriction: || (&& (== net472) (>= dnxcore50)) (&& (== net472) (< net45)) (== netcoreapp2.1) (== netcoreapp2.2) (== netstandard1.3) (== netstandard2.0)
      System.Runtime (>= 4.3) - restriction: || (&& (== net472) (>= dnxcore50)) (&& (== net472) (< net45)) (== netcoreapp2.1) (== netcoreapp2.2) (== netstandard1.3) (== netstandard2.0)
    System.Reflection.DispatchProxy (4.5.1) - restriction: || (&& (== net472) (>= dnxcore50)) (&& (== net472) (< net35)) (&& (== net472) (>= uap10.1)) (== netcoreapp2.1) (== netcoreapp2.2) (== netstandard1.3) (== netstandard2.0)
      NETStandard.Library (>= 1.6.1) - restriction: || (&& (== net472) (>= dnxcore50)) (&& (== net472) (< net46) (< netstandard2.0)) (&& (== netcoreapp2.1) (>= dnxcore50)) (&& (== netcoreapp2.1) (< netstandard2.0)) (&& (== netcoreapp2.2) (>= dnxcore50)) (&& (== netcoreapp2.2) (< netstandard2.0)) (== netstandard1.3) (&& (== netstandard2.0) (>= dnxcore50))
      System.Reflection.Emit (>= 4.3) - restriction: || (&& (== net472) (< net46) (< netstandard2.0)) (&& (== net472) (>= uap10.1)) (&& (== netcoreapp2.1) (< netstandard2.0)) (&& (== netcoreapp2.1) (>= uap10.1)) (&& (== netcoreapp2.2) (< netstandard2.0)) (&& (== netcoreapp2.2) (>= uap10.1)) (== netstandard1.3) (&& (== netstandard2.0) (>= uap10.1))
      System.Reflection.Emit.ILGeneration (>= 4.3) - restriction: || (&& (== net472) (< net46) (< netstandard2.0)) (&& (== net472) (>= uap10.1)) (&& (== netcoreapp2.1) (< netstandard2.0)) (&& (== netcoreapp2.1) (>= uap10.1)) (&& (== netcoreapp2.2) (< netstandard2.0)) (&& (== netcoreapp2.2) (>= uap10.1)) (== netstandard1.3) (&& (== netstandard2.0) (>= uap10.1))
    System.Reflection.Emit (4.3) - restriction: || (&& (== net472) (>= dnxcore50)) (&& (== net472) (< net20) (< netstandard1.3)) (&& (== net472) (< net20) (< netstandard2.0)) (&& (== net472) (< net45)) (== netcoreapp2.1) (== netcoreapp2.2) (== netstandard1.3) (== netstandard2.0)
      System.IO (>= 4.3) - restriction: || (&& (== net472) (< net45)) (== netcoreapp2.1) (== netcoreapp2.2) (== netstandard1.3) (== netstandard2.0)
      System.Reflection (>= 4.3) - restriction: || (&& (== net472) (< net45)) (== netcoreapp2.1) (== netcoreapp2.2) (== netstandard1.3) (== netstandard2.0)
      System.Reflection.Emit.ILGeneration (>= 4.3) - restriction: || (&& (== net472) (< net45)) (== netcoreapp2.1) (== netcoreapp2.2) (== netstandard1.3) (== netstandard2.0)
      System.Reflection.Primitives (>= 4.3) - restriction: || (&& (== net472) (< net45)) (== netcoreapp2.1) (== netcoreapp2.2) (== netstandard1.3) (== netstandard2.0)
      System.Runtime (>= 4.3) - restriction: || (&& (== net472) (< net45)) (== netcoreapp2.1) (== netcoreapp2.2) (== netstandard1.3) (== netstandard2.0)
    System.Reflection.Emit.ILGeneration (4.3) - restriction: || (&& (== net472) (>= dnxcore50)) (&& (== net472) (< net20) (< netstandard1.3)) (&& (== net472) (< net20) (< netstandard2.0)) (&& (== net472) (< net45)) (== netcoreapp2.1) (== netcoreapp2.2) (== netstandard1.3) (== netstandard2.0)
      System.Reflection (>= 4.3) - restriction: || (&& (== net472) (< net45)) (== netcoreapp2.1) (== netcoreapp2.2) (== netstandard1.3) (== netstandard2.0)
      System.Reflection.Primitives (>= 4.3) - restriction: || (&& (== net472) (< net45)) (== netcoreapp2.1) (== netcoreapp2.2) (== netstandard1.3) (== netstandard2.0)
      System.Runtime (>= 4.3) - restriction: || (&& (== net472) (< net45)) (== netcoreapp2.1) (== netcoreapp2.2) (== netstandard1.3) (== netstandard2.0)
    System.Reflection.Emit.Lightweight (4.3) - restriction: || (&& (== net472) (>= dnxcore50)) (&& (== net472) (< net35) (< netstandard1.1)) (&& (== net472) (< net35) (< netstandard1.3)) (&& (== net472) (< net35) (< netstandard2.0)) (&& (== netcoreapp2.1) (>= dnxcore50)) (&& (== netcoreapp2.1) (< netstandard1.1)) (&& (== netcoreapp2.1) (< netstandard1.3)) (&& (== netcoreapp2.1) (< netstandard2.0)) (&& (== netcoreapp2.2) (>= dnxcore50)) (&& (== netcoreapp2.2) (< netstandard1.1)) (&& (== netcoreapp2.2) (< netstandard1.3)) (&& (== netcoreapp2.2) (< netstandard2.0)) (== netstandard1.3) (&& (== netstandard2.0) (>= dnxcore50)) (&& (== netstandard2.0) (< netstandard1.1)) (&& (== netstandard2.0) (< netstandard1.3))
      System.Reflection (>= 4.3) - restriction: || (&& (== net472) (< net45)) (== netcoreapp2.1) (== netcoreapp2.2) (== netstandard1.3) (== netstandard2.0)
      System.Reflection.Emit.ILGeneration (>= 4.3) - restriction: || (&& (== net472) (< net45)) (== netcoreapp2.1) (== netcoreapp2.2) (== netstandard1.3) (== netstandard2.0)
      System.Reflection.Primitives (>= 4.3) - restriction: || (&& (== net472) (< net45)) (== netcoreapp2.1) (== netcoreapp2.2) (== netstandard1.3) (== netstandard2.0)
      System.Runtime (>= 4.3) - restriction: || (&& (== net472) (< net45)) (== netcoreapp2.1) (== netcoreapp2.2) (== netstandard1.3) (== netstandard2.0)
    System.Reflection.Extensions (4.3) - restriction: || (&& (== net472) (== netstandard2.0) (< netstandard1.5)) (&& (== net472) (< net20) (< netstandard1.3)) (&& (== net472) (< net20) (< netstandard1.5)) (&& (== net472) (< net20) (< netstandard2.0)) (&& (== netcoreapp2.1) (< netstandard1.3)) (&& (== netcoreapp2.1) (< netstandard1.5)) (&& (== netcoreapp2.1) (< netstandard2.0)) (&& (== netcoreapp2.2) (< netstandard1.3)) (&& (== netcoreapp2.2) (< netstandard1.5)) (&& (== netcoreapp2.2) (< netstandard2.0)) (== netstandard1.3) (&& (== netstandard2.0) (< netstandard1.3))
      Microsoft.NETCore.Platforms (>= 1.1) - restriction: || (&& (== net472) (>= dnxcore50)) (&& (== net472) (< net45)) (== netcoreapp2.1) (== netcoreapp2.2) (== netstandard1.3) (== netstandard2.0)
      Microsoft.NETCore.Targets (>= 1.1) - restriction: || (&& (== net472) (>= dnxcore50)) (&& (== net472) (< net45)) (== netcoreapp2.1) (== netcoreapp2.2) (== netstandard1.3) (== netstandard2.0)
      System.Reflection (>= 4.3) - restriction: || (&& (== net472) (>= dnxcore50)) (&& (== net472) (< net45)) (== netcoreapp2.1) (== netcoreapp2.2) (== netstandard1.3) (== netstandard2.0)
      System.Runtime (>= 4.3) - restriction: || (&& (== net472) (>= dnxcore50)) (&& (== net472) (< net45)) (== netcoreapp2.1) (== netcoreapp2.2) (== netstandard1.3) (== netstandard2.0)
    System.Reflection.Metadata (1.6) - restriction: || (== net472) (== netcoreapp2.1) (== netcoreapp2.2) (&& (== netstandard1.3) (>= net45)) (&& (== netstandard1.3) (>= netstandard2.0)) (== netstandard2.0)
      System.Collections.Immutable (>= 1.5) - restriction: || (== net472) (&& (== netcoreapp2.1) (>= net45)) (&& (== netcoreapp2.1) (< netstandard1.1)) (&& (== netcoreapp2.1) (< netstandard2.0)) (&& (== netcoreapp2.2) (>= net45)) (&& (== netcoreapp2.2) (< netcoreapp2.1)) (&& (== netcoreapp2.2) (< netstandard1.1)) (&& (== netcoreapp2.2) (< netstandard2.0)) (== netstandard1.3) (== netstandard2.0)
    System.Reflection.Primitives (4.3) - restriction: || (&& (== net472) (>= dnxcore50)) (&& (== net472) (< net20) (< netstandard1.3)) (&& (== net472) (< net20) (< netstandard1.5)) (&& (== net472) (< net20) (< netstandard2.0)) (&& (== net472) (< net35)) (&& (== net472) (< net45)) (== netcoreapp2.1) (== netcoreapp2.2) (== netstandard1.3) (== netstandard2.0)
      Microsoft.NETCore.Platforms (>= 1.1) - restriction: || (&& (== net472) (>= dnxcore50)) (&& (== net472) (< net45)) (== netcoreapp2.1) (== netcoreapp2.2) (== netstandard1.3) (== netstandard2.0)
      Microsoft.NETCore.Targets (>= 1.1) - restriction: || (&& (== net472) (>= dnxcore50)) (&& (== net472) (< net45)) (== netcoreapp2.1) (== netcoreapp2.2) (== netstandard1.3) (== netstandard2.0)
      System.Runtime (>= 4.3) - restriction: || (&& (== net472) (>= dnxcore50)) (&& (== net472) (< net45)) (== netcoreapp2.1) (== netcoreapp2.2) (== netstandard1.3) (== netstandard2.0)
    System.Reflection.TypeExtensions (4.5.1) - restriction: || (&& (== net472) (>= dnxcore50)) (&& (== net472) (< net20) (< netstandard1.3)) (&& (== net472) (< net20) (< netstandard2.0)) (&& (== net472) (< net45)) (== netcoreapp2.1) (== netcoreapp2.2) (== netstandard1.3) (== netstandard2.0)
    System.Resources.ResourceManager (4.3) - restriction: || (&& (== net472) (>= dnxcore50)) (&& (== net472) (< net20) (< netstandard1.3)) (&& (== net472) (< net20) (< netstandard1.5)) (&& (== net472) (< net20) (< netstandard2.0)) (&& (== net472) (< net35)) (&& (== net472) (< net45)) (== netcoreapp2.1) (== netcoreapp2.2) (== netstandard1.3) (== netstandard2.0)
      Microsoft.NETCore.Platforms (>= 1.1) - restriction: || (&& (== net472) (>= dnxcore50)) (&& (== net472) (< net45)) (== netcoreapp2.1) (== netcoreapp2.2) (== netstandard1.3) (== netstandard2.0)
      Microsoft.NETCore.Targets (>= 1.1) - restriction: || (&& (== net472) (>= dnxcore50)) (&& (== net472) (< net45)) (== netcoreapp2.1) (== netcoreapp2.2) (== netstandard1.3) (== netstandard2.0)
      System.Globalization (>= 4.3) - restriction: || (&& (== net472) (>= dnxcore50)) (&& (== net472) (< net45)) (== netcoreapp2.1) (== netcoreapp2.2) (== netstandard1.3) (== netstandard2.0)
      System.Reflection (>= 4.3) - restriction: || (&& (== net472) (>= dnxcore50)) (&& (== net472) (< net45)) (== netcoreapp2.1) (== netcoreapp2.2) (== netstandard1.3) (== netstandard2.0)
      System.Runtime (>= 4.3) - restriction: || (&& (== net472) (>= dnxcore50)) (&& (== net472) (< net45)) (== netcoreapp2.1) (== netcoreapp2.2) (== netstandard1.3) (== netstandard2.0)
    System.Runtime (4.3.1)
      Microsoft.NETCore.Platforms (>= 1.1.1) - restriction: || (&& (== net472) (>= dnxcore50)) (&& (== net472) (< net45)) (== netcoreapp2.1) (== netcoreapp2.2) (== netstandard1.3) (== netstandard2.0)
      Microsoft.NETCore.Targets (>= 1.1.3) - restriction: || (&& (== net472) (>= dnxcore50)) (&& (== net472) (< net45)) (== netcoreapp2.1) (== netcoreapp2.2) (== netstandard1.3) (== netstandard2.0)
    System.Runtime.CompilerServices.Unsafe (4.5.2) - restriction: || (&& (== net472) (>= dnxcore50)) (&& (== net472) (>= monoandroid) (< netstandard2.0)) (&& (== net472) (>= monotouch)) (&& (== net472) (< net20) (< netstandard1.0)) (&& (== net472) (< net20) (< netstandard2.0)) (&& (== net472) (< net45)) (&& (== net472) (>= netcoreapp2.0)) (&& (== net472) (< netstandard1.0) (>= win8)) (&& (== net472) (< netstandard1.1)) (&& (== net472) (< netstandard2.0) (>= wpa81)) (&& (== net472) (>= uap10.1)) (&& (== net472) (>= wp8)) (&& (== net472) (>= xamarinios)) (&& (== net472) (>= xamarinmac)) (&& (== net472) (>= xamarintvos)) (&& (== net472) (>= xamarinwatchos)) (== netcoreapp2.1) (== netcoreapp2.2) (== netstandard1.3) (== netstandard2.0)
    System.Runtime.Extensions (4.3.1) - restriction: || (&& (== net472) (>= dnxcore50)) (&& (== net472) (< net20) (< netstandard1.3)) (&& (== net472) (< net20) (< netstandard1.5)) (&& (== net472) (< net20) (< netstandard2.0)) (&& (== net472) (< net35)) (&& (== net472) (< net45)) (== netcoreapp2.1) (== netcoreapp2.2) (== netstandard1.3) (== netstandard2.0)
      Microsoft.NETCore.Platforms (>= 1.1.1) - restriction: || (&& (== net472) (>= dnxcore50)) (&& (== net472) (< net45)) (== netcoreapp2.1) (== netcoreapp2.2) (== netstandard1.3) (== netstandard2.0)
      Microsoft.NETCore.Targets (>= 1.1.3) - restriction: || (&& (== net472) (>= dnxcore50)) (&& (== net472) (< net45)) (== netcoreapp2.1) (== netcoreapp2.2) (== netstandard1.3) (== netstandard2.0)
      System.Runtime (>= 4.3.1) - restriction: || (&& (== net472) (>= dnxcore50)) (&& (== net472) (< net45)) (== netcoreapp2.1) (== netcoreapp2.2) (== netstandard1.3) (== netstandard2.0)
    System.Runtime.Handles (4.3) - restriction: || (&& (== net472) (>= dnxcore50)) (&& (== net472) (< net20) (< netstandard1.3)) (&& (== net472) (< net20) (< netstandard1.4)) (&& (== net472) (< net20) (< netstandard1.5)) (&& (== net472) (< net20) (< netstandard1.6)) (&& (== net472) (< net20) (< netstandard2.0)) (&& (== net472) (< net35)) (&& (== net472) (< net45)) (&& (== net472) (< netstandard1.3) (>= uap10.0)) (&& (== net472) (< netstandard1.5) (>= uap10.0)) (== netcoreapp2.1) (== netcoreapp2.2) (== netstandard1.3) (== netstandard2.0)
      Microsoft.NETCore.Platforms (>= 1.1) - restriction: || (&& (== net472) (< net46)) (== netcoreapp2.1) (== netcoreapp2.2) (== netstandard1.3) (== netstandard2.0)
      Microsoft.NETCore.Targets (>= 1.1) - restriction: || (&& (== net472) (< net46)) (== netcoreapp2.1) (== netcoreapp2.2) (== netstandard1.3) (== netstandard2.0)
      System.Runtime (>= 4.3) - restriction: || (&& (== net472) (< net46)) (== netcoreapp2.1) (== netcoreapp2.2) (== netstandard1.3) (== netstandard2.0)
    System.Runtime.InteropServices (4.3) - restriction: || (&& (== net472) (>= dnxcore50)) (&& (== net472) (< net20) (< netstandard1.2)) (&& (== net472) (< net20) (< netstandard1.3)) (&& (== net472) (< net20) (< netstandard1.4)) (&& (== net472) (< net20) (< netstandard1.5)) (&& (== net472) (< net20) (< netstandard1.6)) (&& (== net472) (< net20) (< netstandard2.0)) (&& (== net472) (< net35)) (&& (== net472) (< net45)) (&& (== net472) (< netstandard1.3) (>= uap10.0)) (&& (== net472) (< netstandard1.5) (>= uap10.0)) (== netcoreapp2.1) (== netcoreapp2.2) (== netstandard1.3) (== netstandard2.0)
      Microsoft.NETCore.Platforms (>= 1.1) - restriction: || (&& (== net472) (>= dnxcore50)) (&& (== net472) (< net45)) (&& (== net472) (>= netcoreapp1.1)) (== netcoreapp2.1) (== netcoreapp2.2) (== netstandard1.3) (== netstandard2.0)
      Microsoft.NETCore.Targets (>= 1.1) - restriction: || (&& (== net472) (>= dnxcore50)) (&& (== net472) (< net45)) (&& (== net472) (>= netcoreapp1.1)) (== netcoreapp2.1) (== netcoreapp2.2) (== netstandard1.3) (== netstandard2.0)
      System.Reflection (>= 4.3) - restriction: || (&& (== net472) (>= dnxcore50)) (&& (== net472) (< net45)) (&& (== net472) (>= netcoreapp1.1)) (== netcoreapp2.1) (== netcoreapp2.2) (== netstandard1.3) (== netstandard2.0)
      System.Reflection.Primitives (>= 4.3) - restriction: || (&& (== net472) (>= dnxcore50)) (&& (== net472) (< net45)) (&& (== net472) (>= netcoreapp1.1)) (== netcoreapp2.1) (== netcoreapp2.2) (== netstandard1.3) (== netstandard2.0)
      System.Runtime (>= 4.3)
      System.Runtime.Handles (>= 4.3) - restriction: || (&& (== net472) (>= dnxcore50)) (&& (== net472) (< net45)) (&& (== net472) (>= netcoreapp1.1)) (== netcoreapp2.1) (== netcoreapp2.2) (== netstandard1.3) (== netstandard2.0)
    System.Runtime.InteropServices.RuntimeInformation (4.3) - restriction: || (&& (== net472) (== netstandard2.0) (< netstandard1.4)) (&& (== net472) (== netstandard2.0) (< netstandard1.5)) (&& (== net472) (== netstandard2.0) (< netstandard1.6)) (&& (== net472) (< net20) (< netstandard1.0)) (&& (== net472) (< net20) (< netstandard1.2)) (&& (== net472) (< net20) (< netstandard1.3)) (&& (== net472) (< net20) (< netstandard1.4)) (&& (== net472) (< net20) (< netstandard1.5)) (&& (== net472) (< net20) (< netstandard1.6)) (&& (== net472) (< net20) (< netstandard2.0)) (&& (== net472) (< netstandard1.0) (>= win8)) (&& (== net472) (< netstandard1.3) (>= uap10.0)) (&& (== net472) (< netstandard1.3) (>= wpa81)) (&& (== net472) (< netstandard1.5) (>= uap10.0)) (&& (== netcoreapp2.1) (< netstandard1.0)) (&& (== netcoreapp2.1) (< netstandard1.2)) (&& (== netcoreapp2.1) (< netstandard1.3)) (&& (== netcoreapp2.1) (< netstandard1.4)) (&& (== netcoreapp2.1) (< netstandard1.5)) (&& (== netcoreapp2.1) (< netstandard1.6)) (&& (== netcoreapp2.1) (< netstandard2.0)) (&& (== netcoreapp2.2) (< netstandard1.0)) (&& (== netcoreapp2.2) (< netstandard1.2)) (&& (== netcoreapp2.2) (< netstandard1.3)) (&& (== netcoreapp2.2) (< netstandard1.4)) (&& (== netcoreapp2.2) (< netstandard1.5)) (&& (== netcoreapp2.2) (< netstandard1.6)) (&& (== netcoreapp2.2) (< netstandard2.0)) (== netstandard1.3) (&& (== netstandard2.0) (< netstandard1.0)) (&& (== netstandard2.0) (< netstandard1.2)) (&& (== netstandard2.0) (< netstandard1.3))
      runtime.native.System (>= 4.3) - restriction: || (&& (== net472) (< net45)) (== netcoreapp2.1) (== netcoreapp2.2) (== netstandard1.3) (== netstandard2.0)
      System.Reflection (>= 4.3) - restriction: || (&& (== net472) (>= dnxcore50)) (&& (== net472) (< net45)) (== netcoreapp2.1) (== netcoreapp2.2) (== netstandard1.3) (== netstandard2.0)
      System.Reflection.Extensions (>= 4.3) - restriction: || (&& (== net472) (>= dnxcore50)) (&& (== net472) (< net45)) (== netcoreapp2.1) (== netcoreapp2.2) (== netstandard1.3) (== netstandard2.0)
      System.Resources.ResourceManager (>= 4.3) - restriction: || (&& (== net472) (>= dnxcore50)) (&& (== net472) (< net45)) (== netcoreapp2.1) (== netcoreapp2.2) (== netstandard1.3) (== netstandard2.0)
      System.Runtime (>= 4.3) - restriction: || (&& (== net472) (>= dnxcore50)) (&& (== net472) (< net45)) (== netcoreapp2.1) (== netcoreapp2.2) (== netstandard1.3) (== netstandard2.0)
      System.Runtime.InteropServices (>= 4.3) - restriction: || (&& (== net472) (< net45)) (== netcoreapp2.1) (== netcoreapp2.2) (== netstandard1.3) (== netstandard2.0)
      System.Threading (>= 4.3) - restriction: || (&& (== net472) (>= dnxcore50)) (&& (== net472) (< net45)) (== netcoreapp2.1) (== netcoreapp2.2) (== netstandard1.3) (== netstandard2.0)
    System.Runtime.Loader (4.3) - restriction: || (&& (== net472) (< net35)) (&& (== net472) (< net45)) (== netcoreapp2.1) (== netcoreapp2.2) (== netstandard1.3) (== netstandard2.0)
      System.IO (>= 4.3) - restriction: || (&& (== net472) (== netstandard1.3)) (&& (== net472) (< net462)) (== netcoreapp2.1) (== netcoreapp2.2) (&& (== netstandard1.3) (>= netstandard1.5)) (== netstandard2.0)
      System.Reflection (>= 4.3) - restriction: || (&& (== net472) (== netstandard1.3)) (&& (== net472) (< net462)) (== netcoreapp2.1) (== netcoreapp2.2) (&& (== netstandard1.3) (>= netstandard1.5)) (== netstandard2.0)
      System.Runtime (>= 4.3) - restriction: || (&& (== net472) (== netstandard1.3)) (&& (== net472) (< net462)) (== netcoreapp2.1) (== netcoreapp2.2) (&& (== netstandard1.3) (>= netstandard1.5)) (== netstandard2.0)
    System.Runtime.Numerics (4.3) - restriction: || (&& (== net472) (< net20) (< netstandard1.2)) (&& (== net472) (< net20) (< netstandard1.3)) (&& (== net472) (< net20) (< netstandard1.4)) (&& (== net472) (< net20) (< netstandard1.5)) (&& (== net472) (< net20) (< netstandard1.6)) (&& (== net472) (< net20) (< netstandard2.0)) (&& (== net472) (< net45)) (&& (== net472) (< netstandard1.3) (>= uap10.0)) (&& (== net472) (< netstandard1.5) (>= uap10.0)) (== netcoreapp2.1) (== netcoreapp2.2) (== netstandard1.3) (== netstandard2.0)
      System.Globalization (>= 4.3) - restriction: || (&& (== net472) (>= dnxcore50)) (&& (== net472) (< net45)) (== netcoreapp2.1) (== netcoreapp2.2) (== netstandard1.3) (== netstandard2.0)
      System.Resources.ResourceManager (>= 4.3) - restriction: || (&& (== net472) (>= dnxcore50)) (&& (== net472) (< net45)) (== netcoreapp2.1) (== netcoreapp2.2) (== netstandard1.3) (== netstandard2.0)
      System.Runtime (>= 4.3) - restriction: || (&& (== net472) (>= dnxcore50)) (&& (== net472) (< net45)) (== netcoreapp2.1) (== netcoreapp2.2) (== netstandard1.3) (== netstandard2.0)
      System.Runtime.Extensions (>= 4.3) - restriction: || (&& (== net472) (>= dnxcore50)) (&& (== net472) (< net45)) (== netcoreapp2.1) (== netcoreapp2.2) (== netstandard1.3) (== netstandard2.0)
    System.Runtime.Serialization.Formatters (4.3) - restriction: || (&& (== net472) (< net20) (< netstandard2.0)) (&& (== netcoreapp2.1) (< netstandard2.0)) (&& (== netcoreapp2.2) (< netstandard2.0)) (== netstandard1.3)
      System.Runtime (>= 4.3) - restriction: || (&& (== net472) (< net46)) (== netcoreapp2.1) (== netcoreapp2.2) (== netstandard1.3) (== netstandard2.0)
      System.Runtime.Serialization.Primitives (>= 4.3)
    System.Runtime.Serialization.Primitives (4.3) - restriction: || (&& (== net472) (< net20) (< netstandard1.3)) (&& (== net472) (< net20) (< netstandard2.0)) (&& (== netcoreapp2.1) (< netstandard1.3)) (&& (== netcoreapp2.1) (< netstandard2.0)) (&& (== netcoreapp2.2) (< netstandard1.3)) (&& (== netcoreapp2.2) (< netstandard2.0)) (== netstandard1.3) (&& (== netstandard2.0) (< netstandard1.3))
      System.Resources.ResourceManager (>= 4.3) - restriction: || (&& (== net472) (>= dnxcore50)) (&& (== net472) (< net45)) (== netcoreapp2.1) (== netcoreapp2.2) (== netstandard1.3) (== netstandard2.0)
      System.Runtime (>= 4.3) - restriction: || (&& (== net472) (>= dnxcore50)) (&& (== net472) (< net45)) (== netcoreapp2.1) (== netcoreapp2.2) (== netstandard1.3) (== netstandard2.0)
    System.Runtime.Serialization.Xml (4.3) - restriction: || (&& (== net472) (>= dnxcore50)) (&& (== net472) (< net35) (< netstandard1.1)) (&& (== net472) (< net35) (< netstandard1.3)) (&& (== net472) (< net35) (< netstandard2.0)) (&& (== netcoreapp2.1) (>= dnxcore50)) (&& (== netcoreapp2.1) (< netstandard1.1)) (&& (== netcoreapp2.1) (< netstandard1.3)) (&& (== netcoreapp2.1) (< netstandard2.0)) (&& (== netcoreapp2.2) (>= dnxcore50)) (&& (== netcoreapp2.2) (< netstandard1.1)) (&& (== netcoreapp2.2) (< netstandard1.3)) (&& (== netcoreapp2.2) (< netstandard2.0)) (== netstandard1.3) (&& (== netstandard2.0) (>= dnxcore50)) (&& (== netstandard2.0) (< netstandard1.1)) (&& (== netstandard2.0) (< netstandard1.3))
      System.IO (>= 4.3) - restriction: || (&& (== net472) (>= dnxcore50)) (&& (== net472) (< net45)) (== netcoreapp2.1) (== netcoreapp2.2) (== netstandard1.3) (== netstandard2.0)
      System.Private.DataContractSerialization (>= 4.3) - restriction: || (&& (== net472) (>= dnxcore50)) (&& (== net472) (< net45)) (== netcoreapp2.1) (== netcoreapp2.2) (== netstandard1.3) (== netstandard2.0)
      System.Runtime (>= 4.3) - restriction: || (&& (== net472) (>= dnxcore50)) (&& (== net472) (< net45)) (== netcoreapp2.1) (== netcoreapp2.2) (== netstandard1.3) (== netstandard2.0)
      System.Runtime.Serialization.Primitives (>= 4.3)
      System.Text.Encoding (>= 4.3) - restriction: || (&& (== net472) (>= dnxcore50)) (&& (== net472) (< net45)) (== netcoreapp2.1) (== netcoreapp2.2) (== netstandard1.3) (== netstandard2.0)
      System.Xml.ReaderWriter (>= 4.3) - restriction: || (&& (== net472) (>= dnxcore50)) (&& (== net472) (< net45)) (== netcoreapp2.1) (== netcoreapp2.2) (== netstandard1.3) (== netstandard2.0)
    System.Security.AccessControl (4.5) - restriction: || (== net472) (== netcoreapp2.1) (== netcoreapp2.2) (&& (== netstandard1.3) (>= netcoreapp2.0)) (&& (== netstandard1.3) (>= netstandard2.0)) (&& (== netstandard1.3) (>= xamarinios)) (== netstandard2.0)
      Microsoft.NETCore.Platforms (>= 2.0) - restriction: || (&& (== net472) (>= netcoreapp2.0)) (== netcoreapp2.1) (== netcoreapp2.2) (&& (== netstandard1.3) (>= netcoreapp2.0)) (&& (== netstandard2.0) (>= netcoreapp2.0))
      System.Security.Principal.Windows (>= 4.5) - restriction: || (== net472) (== netcoreapp2.1) (== netcoreapp2.2) (&& (== netstandard1.3) (>= net461)) (&& (== netstandard1.3) (>= netcoreapp2.0)) (&& (== netstandard1.3) (>= netstandard2.0)) (== netstandard2.0)
    System.Security.Claims (4.3) - restriction: || (&& (== net472) (>= dnxcore50)) (&& (== net472) (< net35) (< netstandard2.0)) (&& (== net472) (>= uap10.1)) (&& (== netcoreapp2.1) (>= dnxcore50)) (&& (== netcoreapp2.1) (< netstandard2.0)) (&& (== netcoreapp2.2) (>= dnxcore50)) (&& (== netcoreapp2.2) (< netstandard2.0)) (== netstandard1.3) (&& (== netstandard2.0) (>= dnxcore50))
      System.Collections (>= 4.3) - restriction: || (&& (== net472) (< net46)) (== netcoreapp2.1) (== netcoreapp2.2) (== netstandard1.3) (== netstandard2.0)
      System.Globalization (>= 4.3) - restriction: || (&& (== net472) (< net46)) (== netcoreapp2.1) (== netcoreapp2.2) (== netstandard1.3) (== netstandard2.0)
      System.IO (>= 4.3) - restriction: || (&& (== net472) (< net46)) (== netcoreapp2.1) (== netcoreapp2.2) (== netstandard1.3) (== netstandard2.0)
      System.Resources.ResourceManager (>= 4.3) - restriction: || (&& (== net472) (< net46)) (== netcoreapp2.1) (== netcoreapp2.2) (== netstandard1.3) (== netstandard2.0)
      System.Runtime (>= 4.3) - restriction: || (&& (== net472) (< net46)) (== netcoreapp2.1) (== netcoreapp2.2) (== netstandard1.3) (== netstandard2.0)
      System.Runtime.Extensions (>= 4.3) - restriction: || (&& (== net472) (< net46)) (== netcoreapp2.1) (== netcoreapp2.2) (== netstandard1.3) (== netstandard2.0)
      System.Security.Principal (>= 4.3) - restriction: || (&& (== net472) (< net46)) (== netcoreapp2.1) (== netcoreapp2.2) (== netstandard1.3) (== netstandard2.0)
    System.Security.Cryptography.Algorithms (4.3.1) - restriction: || (&& (== net472) (< net20) (< netstandard1.3)) (&& (== net472) (< net20) (< netstandard1.4)) (&& (== net472) (< net20) (< netstandard1.5)) (&& (== net472) (< net20) (< netstandard1.6)) (&& (== net472) (< net20) (< netstandard2.0)) (&& (== net472) (< net35)) (&& (== net472) (< net45)) (&& (== net472) (< netstandard1.3) (>= uap10.0)) (&& (== net472) (< netstandard1.5) (>= uap10.0)) (== netcoreapp2.1) (== netcoreapp2.2) (== netstandard1.3) (== netstandard2.0)
      Microsoft.NETCore.Platforms (>= 1.1) - restriction: || (&& (== net472) (== netstandard1.3)) (&& (== net472) (>= dnxcore50)) (&& (== net472) (< net46)) (== netcoreapp2.1) (== netcoreapp2.2) (&& (== netstandard1.3) (>= dnxcore50)) (&& (== netstandard1.3) (>= netstandard1.6)) (== netstandard2.0)
      runtime.native.System.Security.Cryptography.Apple (>= 4.3.1) - restriction: || (&& (== net472) (== netstandard1.3)) (&& (== net472) (< net46)) (== netcoreapp2.1) (== netcoreapp2.2) (&& (== netstandard1.3) (>= netstandard1.6)) (== netstandard2.0)
      runtime.native.System.Security.Cryptography.OpenSsl (>= 4.3.2) - restriction: || (&& (== net472) (== netstandard1.3)) (&& (== net472) (< net46)) (== netcoreapp2.1) (== netcoreapp2.2) (&& (== netstandard1.3) (>= netstandard1.6)) (== netstandard2.0)
      System.Collections (>= 4.3) - restriction: || (&& (== net472) (== netstandard1.3)) (&& (== net472) (< net46)) (== netcoreapp2.1) (== netcoreapp2.2) (&& (== netstandard1.3) (>= netstandard1.6)) (== netstandard2.0)
      System.IO (>= 4.3)
      System.Resources.ResourceManager (>= 4.3) - restriction: || (&& (== net472) (== netstandard1.3)) (&& (== net472) (>= dnxcore50)) (&& (== net472) (< net46)) (== netcoreapp2.1) (== netcoreapp2.2) (&& (== netstandard1.3) (>= dnxcore50)) (&& (== netstandard1.3) (>= netstandard1.6)) (== netstandard2.0)
      System.Runtime (>= 4.3)
      System.Runtime.Extensions (>= 4.3) - restriction: || (&& (== net472) (== netstandard1.3)) (&& (== net472) (>= dnxcore50)) (&& (== net472) (< net46)) (== netcoreapp2.1) (== netcoreapp2.2) (&& (== netstandard1.3) (>= dnxcore50)) (&& (== netstandard1.3) (>= netstandard1.6)) (== netstandard2.0)
      System.Runtime.Handles (>= 4.3) - restriction: || (&& (== net472) (== netstandard1.3)) (&& (== net472) (>= dnxcore50)) (&& (== net472) (< net46)) (== netcoreapp2.1) (== netcoreapp2.2) (&& (== netstandard1.3) (>= dnxcore50)) (&& (== netstandard1.3) (>= netstandard1.6)) (== netstandard2.0)
      System.Runtime.InteropServices (>= 4.3) - restriction: || (&& (== net472) (== netstandard1.3)) (&& (== net472) (>= dnxcore50)) (&& (== net472) (< net46)) (== netcoreapp2.1) (== netcoreapp2.2) (&& (== netstandard1.3) (>= dnxcore50)) (&& (== netstandard1.3) (>= netstandard1.6)) (== netstandard2.0)
      System.Runtime.Numerics (>= 4.3) - restriction: || (&& (== net472) (== netstandard1.3)) (&& (== net472) (< net46)) (== netcoreapp2.1) (== netcoreapp2.2) (&& (== netstandard1.3) (>= netstandard1.6)) (== netstandard2.0)
      System.Security.Cryptography.Encoding (>= 4.3) - restriction: || (== net472) (== netcoreapp2.1) (== netcoreapp2.2) (&& (== netstandard1.3) (>= dnxcore50)) (&& (== netstandard1.3) (>= net463)) (&& (== netstandard1.3) (>= netstandard1.6)) (== netstandard2.0)
      System.Security.Cryptography.Primitives (>= 4.3)
      System.Text.Encoding (>= 4.3) - restriction: || (&& (== net472) (== netstandard1.3)) (&& (== net472) (>= dnxcore50)) (&& (== net472) (< net46)) (== netcoreapp2.1) (== netcoreapp2.2) (&& (== netstandard1.3) (>= dnxcore50)) (&& (== netstandard1.3) (>= netstandard1.6)) (== netstandard2.0)
    System.Security.Cryptography.Csp (4.3) - restriction: || (&& (== net472) (< net35)) (== netcoreapp2.1) (== netcoreapp2.2) (== netstandard1.3) (== netstandard2.0)
      Microsoft.NETCore.Platforms (>= 1.1) - restriction: || (&& (== net472) (< net46)) (== netcoreapp2.1) (== netcoreapp2.2) (== netstandard1.3) (== netstandard2.0)
      System.IO (>= 4.3) - restriction: || (&& (== net472) (< net46)) (== netcoreapp2.1) (== netcoreapp2.2) (== netstandard1.3) (== netstandard2.0)
      System.Reflection (>= 4.3) - restriction: || (&& (== net472) (< net46)) (== netcoreapp2.1) (== netcoreapp2.2) (== netstandard1.3) (== netstandard2.0)
      System.Resources.ResourceManager (>= 4.3) - restriction: || (&& (== net472) (< net46)) (== netcoreapp2.1) (== netcoreapp2.2) (== netstandard1.3) (== netstandard2.0)
      System.Runtime (>= 4.3) - restriction: || (&& (== net472) (< net46)) (== netcoreapp2.1) (== netcoreapp2.2) (== netstandard1.3) (== netstandard2.0)
      System.Runtime.Extensions (>= 4.3) - restriction: || (&& (== net472) (< net46)) (== netcoreapp2.1) (== netcoreapp2.2) (== netstandard1.3) (== netstandard2.0)
      System.Runtime.Handles (>= 4.3) - restriction: || (&& (== net472) (< net46)) (== netcoreapp2.1) (== netcoreapp2.2) (== netstandard1.3) (== netstandard2.0)
      System.Runtime.InteropServices (>= 4.3) - restriction: || (&& (== net472) (< net46)) (== netcoreapp2.1) (== netcoreapp2.2) (== netstandard1.3) (== netstandard2.0)
      System.Security.Cryptography.Algorithms (>= 4.3)
      System.Security.Cryptography.Encoding (>= 4.3) - restriction: || (&& (== net472) (< net46)) (== netcoreapp2.1) (== netcoreapp2.2) (== netstandard1.3) (== netstandard2.0)
      System.Security.Cryptography.Primitives (>= 4.3)
      System.Text.Encoding (>= 4.3) - restriction: || (&& (== net472) (< net46)) (== netcoreapp2.1) (== netcoreapp2.2) (== netstandard1.3) (== netstandard2.0)
      System.Threading (>= 4.3) - restriction: || (&& (== net472) (< net46)) (== netcoreapp2.1) (== netcoreapp2.2) (== netstandard1.3) (== netstandard2.0)
    System.Security.Cryptography.Encoding (4.3) - restriction: || (&& (== net472) (>= dnxcore50)) (&& (== net472) (< net20) (< netstandard1.3)) (&& (== net472) (< net20) (< netstandard1.4)) (&& (== net472) (< net20) (< netstandard1.5)) (&& (== net472) (< net20) (< netstandard1.6)) (&& (== net472) (< net20) (< netstandard2.0)) (&& (== net472) (< net35)) (&& (== net472) (< net45)) (&& (== net472) (< netstandard1.3) (>= uap10.0)) (&& (== net472) (< netstandard1.5) (>= uap10.0)) (== netcoreapp2.1) (== netcoreapp2.2) (== netstandard1.3) (== netstandard2.0)
      Microsoft.NETCore.Platforms (>= 1.1) - restriction: || (&& (== net472) (< net46)) (== netcoreapp2.1) (== netcoreapp2.2) (== netstandard1.3) (== netstandard2.0)
      runtime.native.System.Security.Cryptography.OpenSsl (>= 4.3) - restriction: || (&& (== net472) (< net46)) (== netcoreapp2.1) (== netcoreapp2.2) (== netstandard1.3) (== netstandard2.0)
      System.Collections (>= 4.3) - restriction: || (&& (== net472) (< net46)) (== netcoreapp2.1) (== netcoreapp2.2) (== netstandard1.3) (== netstandard2.0)
      System.Collections.Concurrent (>= 4.3) - restriction: || (&& (== net472) (< net46)) (== netcoreapp2.1) (== netcoreapp2.2) (== netstandard1.3) (== netstandard2.0)
      System.Linq (>= 4.3) - restriction: || (&& (== net472) (< net46)) (== netcoreapp2.1) (== netcoreapp2.2) (== netstandard1.3) (== netstandard2.0)
      System.Resources.ResourceManager (>= 4.3) - restriction: || (&& (== net472) (< net46)) (== netcoreapp2.1) (== netcoreapp2.2) (== netstandard1.3) (== netstandard2.0)
      System.Runtime (>= 4.3) - restriction: || (&& (== net472) (< net46)) (== netcoreapp2.1) (== netcoreapp2.2) (== netstandard1.3) (== netstandard2.0)
      System.Runtime.Extensions (>= 4.3) - restriction: || (&& (== net472) (< net46)) (== netcoreapp2.1) (== netcoreapp2.2) (== netstandard1.3) (== netstandard2.0)
      System.Runtime.Handles (>= 4.3) - restriction: || (&& (== net472) (< net46)) (== netcoreapp2.1) (== netcoreapp2.2) (== netstandard1.3) (== netstandard2.0)
      System.Runtime.InteropServices (>= 4.3) - restriction: || (&& (== net472) (< net46)) (== netcoreapp2.1) (== netcoreapp2.2) (== netstandard1.3) (== netstandard2.0)
      System.Security.Cryptography.Primitives (>= 4.3) - restriction: || (&& (== net472) (< net46)) (== netcoreapp2.1) (== netcoreapp2.2) (== netstandard1.3) (== netstandard2.0)
      System.Text.Encoding (>= 4.3) - restriction: || (&& (== net472) (< net46)) (== netcoreapp2.1) (== netcoreapp2.2) (== netstandard1.3) (== netstandard2.0)
    System.Security.Cryptography.Primitives (4.3) - restriction: || (&& (== net472) (>= dnxcore50)) (&& (== net472) (< net20) (< netstandard1.3)) (&& (== net472) (< net20) (< netstandard1.4)) (&& (== net472) (< net20) (< netstandard1.5)) (&& (== net472) (< net20) (< netstandard1.6)) (&& (== net472) (< net20) (< netstandard2.0)) (&& (== net472) (< net35)) (&& (== net472) (< net45)) (&& (== net472) (< netstandard1.3) (>= uap10.0)) (&& (== net472) (< netstandard1.5) (>= uap10.0)) (== netcoreapp2.1) (== netcoreapp2.2) (== netstandard1.3) (== netstandard2.0)
      System.Diagnostics.Debug (>= 4.3) - restriction: || (&& (== net472) (< net46)) (== netcoreapp2.1) (== netcoreapp2.2) (== netstandard1.3) (== netstandard2.0)
      System.Globalization (>= 4.3) - restriction: || (&& (== net472) (< net46)) (== netcoreapp2.1) (== netcoreapp2.2) (== netstandard1.3) (== netstandard2.0)
      System.IO (>= 4.3) - restriction: || (&& (== net472) (< net46)) (== netcoreapp2.1) (== netcoreapp2.2) (== netstandard1.3) (== netstandard2.0)
      System.Resources.ResourceManager (>= 4.3) - restriction: || (&& (== net472) (< net46)) (== netcoreapp2.1) (== netcoreapp2.2) (== netstandard1.3) (== netstandard2.0)
      System.Runtime (>= 4.3) - restriction: || (&& (== net472) (< net46)) (== netcoreapp2.1) (== netcoreapp2.2) (== netstandard1.3) (== netstandard2.0)
      System.Threading (>= 4.3) - restriction: || (&& (== net472) (< net46)) (== netcoreapp2.1) (== netcoreapp2.2) (== netstandard1.3) (== netstandard2.0)
      System.Threading.Tasks (>= 4.3) - restriction: || (&& (== net472) (< net46)) (== netcoreapp2.1) (== netcoreapp2.2) (== netstandard1.3) (== netstandard2.0)
    System.Security.Cryptography.ProtectedData (4.5) - restriction: || (&& (== net472) (== netstandard1.3)) (&& (== net472) (< net45)) (== netcoreapp2.1) (== netcoreapp2.2) (&& (== netstandard1.3) (>= netstandard2.0)) (== netstandard2.0)
      System.Memory (>= 4.5) - restriction: || (&& (== net472) (== netcoreapp2.1)) (&& (== net472) (== netcoreapp2.2)) (&& (== net472) (== netstandard1.3)) (&& (== net472) (< net46)) (&& (== netcoreapp2.1) (== netstandard1.3)) (&& (== netcoreapp2.2) (== netstandard1.3)) (&& (== netcoreapp2.2) (< netcoreapp2.1)) (&& (== netstandard1.3) (>= netstandard2.0)) (== netstandard2.0)
    System.Security.Cryptography.X509Certificates (4.3.2) - restriction: || (&& (== net472) (== netstandard2.0) (< netstandard1.4)) (&& (== net472) (== netstandard2.0) (< netstandard1.5)) (&& (== net472) (== netstandard2.0) (< netstandard1.6)) (&& (== net472) (< net20) (< netstandard1.3)) (&& (== net472) (< net20) (< netstandard1.4)) (&& (== net472) (< net20) (< netstandard1.5)) (&& (== net472) (< net20) (< netstandard1.6)) (&& (== net472) (< net20) (< netstandard2.0)) (&& (== net472) (< netstandard1.3) (>= uap10.0)) (&& (== net472) (< netstandard1.5) (>= uap10.0)) (&& (== netcoreapp2.1) (< netstandard1.3)) (&& (== netcoreapp2.1) (< netstandard1.4)) (&& (== netcoreapp2.1) (< netstandard1.5)) (&& (== netcoreapp2.1) (< netstandard1.6)) (&& (== netcoreapp2.1) (< netstandard2.0)) (&& (== netcoreapp2.2) (< netstandard1.3)) (&& (== netcoreapp2.2) (< netstandard1.4)) (&& (== netcoreapp2.2) (< netstandard1.5)) (&& (== netcoreapp2.2) (< netstandard1.6)) (&& (== netcoreapp2.2) (< netstandard2.0)) (== netstandard1.3) (&& (== netstandard2.0) (< netstandard1.3))
      System.Runtime (>= 4.3) - restriction: || (&& (== net472) (>= dnxcore50)) (&& (== net472) (< net46)) (== netcoreapp2.1) (== netcoreapp2.2) (== netstandard1.3) (== netstandard2.0)
      System.Runtime.Handles (>= 4.3) - restriction: || (&& (== net472) (>= dnxcore50)) (&& (== net472) (< net46)) (== netcoreapp2.1) (== netcoreapp2.2) (== netstandard1.3) (== netstandard2.0)
      System.Security.Cryptography.Algorithms (>= 4.3)
      System.Security.Cryptography.Encoding (>= 4.3)
    System.Security.Permissions (4.5) - restriction: || (== net472) (== netcoreapp2.1) (== netcoreapp2.2) (&& (== netstandard1.3) (>= netstandard2.0)) (== netstandard2.0)
      System.Security.AccessControl (>= 4.5) - restriction: || (== net472) (== netcoreapp2.1) (== netcoreapp2.2) (&& (== netstandard1.3) (>= net461)) (&& (== netstandard1.3) (>= netstandard2.0)) (== netstandard2.0)
    System.Security.Principal (4.3) - restriction: || (&& (== net472) (>= dnxcore50)) (&& (== net472) (< net35) (< netstandard1.3)) (&& (== net472) (< net35) (< netstandard2.0)) (&& (== netcoreapp2.1) (>= dnxcore50)) (&& (== netcoreapp2.1) (< netstandard1.3)) (&& (== netcoreapp2.1) (< netstandard2.0)) (&& (== netcoreapp2.2) (>= dnxcore50)) (&& (== netcoreapp2.2) (< netstandard1.3)) (&& (== netcoreapp2.2) (< netstandard2.0)) (== netstandard1.3) (&& (== netstandard2.0) (>= dnxcore50)) (&& (== netstandard2.0) (< netstandard1.3))
      System.Runtime (>= 4.3) - restriction: || (&& (== net472) (>= dnxcore50)) (&& (== net472) (< net45)) (== netcoreapp2.1) (== netcoreapp2.2) (== netstandard1.3) (== netstandard2.0)
    System.Security.Principal.Windows (4.5.1) - restriction: || (&& (== net472) (>= dnxcore50)) (&& (== net472) (< net35)) (&& (== net472) (< net45)) (&& (== net472) (>= netcoreapp2.0)) (&& (== net472) (>= uap10.1)) (== netcoreapp2.1) (== netcoreapp2.2) (== netstandard1.3) (== netstandard2.0)
      Microsoft.NETCore.Platforms (>= 2.0) - restriction: || (&& (== net472) (>= netcoreapp2.0)) (== netcoreapp2.1) (== netcoreapp2.2) (&& (== netstandard1.3) (>= netcoreapp2.0)) (&& (== netstandard2.0) (>= netcoreapp2.0))
    System.ServiceModel.Primitives (4.5.3) - restriction: || (&& (== net472) (< net35)) (== netcoreapp2.1) (== netcoreapp2.2) (== netstandard1.3) (== netstandard2.0)
      NETStandard.Library (>= 1.6.1) - restriction: || (&& (== net472) (>= dnxcore50)) (&& (== net472) (< net45) (< netstandard1.3)) (&& (== net472) (< net45) (< netstandard2.0)) (&& (== net472) (< net461) (< netstandard2.0)) (&& (== net472) (< netstandard1.1)) (&& (== netcoreapp2.1) (>= dnxcore50)) (&& (== netcoreapp2.1) (< netstandard1.1)) (&& (== netcoreapp2.1) (< netstandard1.3)) (&& (== netcoreapp2.1) (< netstandard2.0)) (&& (== netcoreapp2.2) (>= dnxcore50)) (&& (== netcoreapp2.2) (< netstandard1.1)) (&& (== netcoreapp2.2) (< netstandard1.3)) (&& (== netcoreapp2.2) (< netstandard2.0)) (== netstandard1.3) (&& (== netstandard2.0) (>= dnxcore50)) (&& (== netstandard2.0) (< netstandard1.1)) (&& (== netstandard2.0) (< netstandard1.3))
      System.ComponentModel.EventBasedAsync (>= 4.3) - restriction: || (&& (== net472) (>= dnxcore50)) (&& (== net472) (< net45) (< netstandard1.3)) (&& (== net472) (< net45) (< netstandard2.0)) (&& (== net472) (< netstandard1.1)) (&& (== netcoreapp2.1) (>= dnxcore50)) (&& (== netcoreapp2.1) (< netstandard1.1)) (&& (== netcoreapp2.1) (< netstandard1.3)) (&& (== netcoreapp2.1) (< netstandard2.0)) (&& (== netcoreapp2.2) (>= dnxcore50)) (&& (== netcoreapp2.2) (< netstandard1.1)) (&& (== netcoreapp2.2) (< netstandard1.3)) (&& (== netcoreapp2.2) (< netstandard2.0)) (== netstandard1.3) (&& (== netstandard2.0) (>= dnxcore50)) (&& (== netstandard2.0) (< netstandard1.1)) (&& (== netstandard2.0) (< netstandard1.3))
      System.Private.ServiceModel (>= 4.5.3) - restriction: || (&& (== net472) (>= dnxcore50)) (&& (== net472) (< net45)) (&& (== net472) (>= uap10.1)) (== netcoreapp2.1) (== netcoreapp2.2) (== netstandard1.3) (== netstandard2.0)
      System.Runtime.Serialization.Primitives (>= 4.3) - restriction: || (&& (== net472) (>= dnxcore50)) (&& (== net472) (< net45) (< netstandard1.3)) (&& (== net472) (< net45) (< netstandard2.0)) (&& (== net472) (< netstandard1.1)) (&& (== netcoreapp2.1) (>= dnxcore50)) (&& (== netcoreapp2.1) (< netstandard1.1)) (&& (== netcoreapp2.1) (< netstandard1.3)) (&& (== netcoreapp2.1) (< netstandard2.0)) (&& (== netcoreapp2.2) (>= dnxcore50)) (&& (== netcoreapp2.2) (< netstandard1.1)) (&& (== netcoreapp2.2) (< netstandard1.3)) (&& (== netcoreapp2.2) (< netstandard2.0)) (== netstandard1.3) (&& (== netstandard2.0) (>= dnxcore50)) (&& (== netstandard2.0) (< netstandard1.1)) (&& (== netstandard2.0) (< netstandard1.3))
      System.Runtime.Serialization.Xml (>= 4.3) - restriction: || (&& (== net472) (>= dnxcore50)) (&& (== net472) (< net45) (< netstandard1.3)) (&& (== net472) (< net45) (< netstandard2.0)) (&& (== net472) (< netstandard1.1)) (&& (== netcoreapp2.1) (>= dnxcore50)) (&& (== netcoreapp2.1) (< netstandard1.1)) (&& (== netcoreapp2.1) (< netstandard1.3)) (&& (== netcoreapp2.1) (< netstandard2.0)) (&& (== netcoreapp2.2) (>= dnxcore50)) (&& (== netcoreapp2.2) (< netstandard1.1)) (&& (== netcoreapp2.2) (< netstandard1.3)) (&& (== netcoreapp2.2) (< netstandard2.0)) (== netstandard1.3) (&& (== netstandard2.0) (>= dnxcore50)) (&& (== netstandard2.0) (< netstandard1.1)) (&& (== netstandard2.0) (< netstandard1.3))
      System.Security.Principal (>= 4.3) - restriction: || (&& (== net472) (>= dnxcore50)) (&& (== net472) (< net45) (< netstandard1.3)) (&& (== net472) (< net45) (< netstandard2.0)) (&& (== netcoreapp2.1) (>= dnxcore50)) (&& (== netcoreapp2.1) (< netstandard1.3)) (&& (== netcoreapp2.1) (< netstandard2.0)) (&& (== netcoreapp2.2) (>= dnxcore50)) (&& (== netcoreapp2.2) (< netstandard1.3)) (&& (== netcoreapp2.2) (< netstandard2.0)) (== netstandard1.3) (&& (== netstandard2.0) (>= dnxcore50)) (&& (== netstandard2.0) (< netstandard1.3))
    System.Text.Encoding (4.3) - restriction: || (&& (== net472) (>= dnxcore50)) (&& (== net472) (< net20) (< netstandard2.0)) (&& (== net472) (< net35)) (&& (== net472) (< net45)) (== netcoreapp2.1) (== netcoreapp2.2) (== netstandard1.3) (== netstandard2.0)
      Microsoft.NETCore.Platforms (>= 1.1) - restriction: || (&& (== net472) (>= dnxcore50)) (&& (== net472) (< net45)) (== netcoreapp2.1) (== netcoreapp2.2) (== netstandard1.3) (== netstandard2.0)
      Microsoft.NETCore.Targets (>= 1.1) - restriction: || (&& (== net472) (>= dnxcore50)) (&& (== net472) (< net45)) (== netcoreapp2.1) (== netcoreapp2.2) (== netstandard1.3) (== netstandard2.0)
      System.Runtime (>= 4.3) - restriction: || (&& (== net472) (>= dnxcore50)) (&& (== net472) (< net45)) (== netcoreapp2.1) (== netcoreapp2.2) (== netstandard1.3) (== netstandard2.0)
    System.Text.Encoding.CodePages (4.5.1) - restriction: || (== net472) (== netcoreapp2.1) (== netcoreapp2.2) (&& (== netstandard1.3) (>= netcoreapp2.0)) (&& (== netstandard1.3) (>= netstandard2.0)) (== netstandard2.0)
      Microsoft.NETCore.Platforms (>= 2.1.2) - restriction: || (&& (== net472) (>= netcoreapp2.0)) (== netcoreapp2.1) (== netcoreapp2.2) (&& (== netstandard1.3) (>= netcoreapp2.0)) (&& (== netstandard2.0) (>= netcoreapp2.0))
      System.Runtime.CompilerServices.Unsafe (>= 4.5.2) - restriction: || (== net472) (== netcoreapp2.1) (== netcoreapp2.2) (&& (== netstandard1.3) (>= net461)) (&& (== netstandard1.3) (>= netcoreapp2.0)) (&& (== netstandard1.3) (>= netstandard2.0)) (== netstandard2.0)
    System.Text.Encoding.Extensions (4.3)
      Microsoft.NETCore.Platforms (>= 1.1) - restriction: || (&& (== net472) (>= dnxcore50)) (&& (== net472) (< net45)) (== netcoreapp2.1) (== netcoreapp2.2) (== netstandard1.3) (== netstandard2.0)
      Microsoft.NETCore.Targets (>= 1.1) - restriction: || (&& (== net472) (>= dnxcore50)) (&& (== net472) (< net45)) (== netcoreapp2.1) (== netcoreapp2.2) (== netstandard1.3) (== netstandard2.0)
      System.Runtime (>= 4.3) - restriction: || (&& (== net472) (>= dnxcore50)) (&& (== net472) (< net45)) (== netcoreapp2.1) (== netcoreapp2.2) (== netstandard1.3) (== netstandard2.0)
      System.Text.Encoding (>= 4.3) - restriction: || (&& (== net472) (>= dnxcore50)) (&& (== net472) (< net45)) (== netcoreapp2.1) (== netcoreapp2.2) (== netstandard1.3) (== netstandard2.0)
    System.Text.RegularExpressions (4.3) - restriction: || (&& (== net472) (== netstandard2.0) (< netstandard1.4)) (&& (== net472) (== netstandard2.0) (< netstandard1.5)) (&& (== net472) (== netstandard2.0) (< netstandard1.6)) (&& (== net472) (< net20) (< netstandard1.2)) (&& (== net472) (< net20) (< netstandard1.3)) (&& (== net472) (< net20) (< netstandard1.4)) (&& (== net472) (< net20) (< netstandard1.5)) (&& (== net472) (< net20) (< netstandard1.6)) (&& (== net472) (< net20) (< netstandard2.0)) (&& (== net472) (< net20) (< portable-net45+win8+wpa81)) (&& (== net472) (< netstandard1.3) (>= uap10.0)) (&& (== net472) (< netstandard1.5) (>= uap10.0)) (&& (== netcoreapp2.1) (< netstandard1.2)) (&& (== netcoreapp2.1) (< netstandard1.3)) (&& (== netcoreapp2.1) (< netstandard1.4)) (&& (== netcoreapp2.1) (< netstandard1.5)) (&& (== netcoreapp2.1) (< netstandard1.6)) (&& (== netcoreapp2.1) (< netstandard2.0)) (&& (== netcoreapp2.1) (< portable-net45+win8+wpa81)) (&& (== netcoreapp2.2) (< netstandard1.2)) (&& (== netcoreapp2.2) (< netstandard1.3)) (&& (== netcoreapp2.2) (< netstandard1.4)) (&& (== netcoreapp2.2) (< netstandard1.5)) (&& (== netcoreapp2.2) (< netstandard1.6)) (&& (== netcoreapp2.2) (< netstandard2.0)) (&& (== netcoreapp2.2) (< portable-net45+win8+wpa81)) (== netstandard1.3) (&& (== netstandard2.0) (< netstandard1.2)) (&& (== netstandard2.0) (< netstandard1.3)) (&& (== netstandard2.0) (< portable-net45+win8+wpa81))
      System.Runtime (>= 4.3) - restriction: || (&& (== net472) (>= dnxcore50)) (&& (== net472) (< net45)) (&& (== net472) (>= netcoreapp1.1)) (== netcoreapp2.1) (== netcoreapp2.2) (== netstandard1.3) (== netstandard2.0)
    System.Threading (4.3) - restriction: || (&& (== net472) (>= dnxcore50)) (&& (== net472) (< net20) (< netstandard1.3)) (&& (== net472) (< net20) (< netstandard1.5)) (&& (== net472) (< net20) (< netstandard2.0)) (&& (== net472) (< net35)) (&& (== net472) (< net45)) (== netcoreapp2.1) (== netcoreapp2.2) (== netstandard1.3) (== netstandard2.0)
      System.Runtime (>= 4.3) - restriction: || (&& (== net472) (>= dnxcore50)) (&& (== net472) (< net45)) (== netcoreapp2.1) (== netcoreapp2.2) (== netstandard1.3) (== netstandard2.0)
      System.Threading.Tasks (>= 4.3) - restriction: || (&& (== net472) (>= dnxcore50)) (&& (== net472) (< net45)) (== netcoreapp2.1) (== netcoreapp2.2) (== netstandard1.3) (== netstandard2.0)
    System.Threading.Overlapped (4.3) - restriction: || (&& (== net472) (< net35)) (== netcoreapp2.1) (== netcoreapp2.2) (== netstandard1.3) (== netstandard2.0)
      Microsoft.NETCore.Platforms (>= 1.1) - restriction: || (&& (== net472) (>= dnxcore50)) (&& (== net472) (< net46)) (== netcoreapp2.1) (== netcoreapp2.2) (== netstandard1.3) (== netstandard2.0)
      System.Resources.ResourceManager (>= 4.3) - restriction: || (&& (== net472) (>= dnxcore50)) (&& (== net472) (< net46)) (== netcoreapp2.1) (== netcoreapp2.2) (== netstandard1.3) (== netstandard2.0)
      System.Runtime (>= 4.3) - restriction: || (&& (== net472) (>= dnxcore50)) (&& (== net472) (< net46)) (== netcoreapp2.1) (== netcoreapp2.2) (== netstandard1.3) (== netstandard2.0)
      System.Runtime.Handles (>= 4.3) - restriction: || (&& (== net472) (>= dnxcore50)) (&& (== net472) (< net46)) (== netcoreapp2.1) (== netcoreapp2.2) (== netstandard1.3) (== netstandard2.0)
    System.Threading.Tasks (4.3) - restriction: || (&& (== net472) (>= dnxcore50)) (&& (== net472) (< net20) (< netstandard1.2)) (&& (== net472) (< net20) (< netstandard1.3)) (&& (== net472) (< net20) (< netstandard1.4)) (&& (== net472) (< net20) (< netstandard1.5)) (&& (== net472) (< net20) (< netstandard1.6)) (&& (== net472) (< net20) (< netstandard2.0)) (&& (== net472) (< net20) (< portable-net45+win8+wpa81)) (&& (== net472) (< net35)) (&& (== net472) (< net45)) (&& (== net472) (< netstandard1.3) (>= uap10.0)) (&& (== net472) (< netstandard1.5) (>= uap10.0)) (== netcoreapp2.1) (== netcoreapp2.2) (== netstandard1.3) (== netstandard2.0)
      Microsoft.NETCore.Platforms (>= 1.1) - restriction: || (&& (== net472) (>= dnxcore50)) (&& (== net472) (< net45)) (== netcoreapp2.1) (== netcoreapp2.2) (== netstandard1.3) (== netstandard2.0)
      Microsoft.NETCore.Targets (>= 1.1) - restriction: || (&& (== net472) (>= dnxcore50)) (&& (== net472) (< net45)) (== netcoreapp2.1) (== netcoreapp2.2) (== netstandard1.3) (== netstandard2.0)
      System.Runtime (>= 4.3) - restriction: || (&& (== net472) (>= dnxcore50)) (&& (== net472) (< net45)) (== netcoreapp2.1) (== netcoreapp2.2) (== netstandard1.3) (== netstandard2.0)
    System.Threading.Tasks.Extensions (4.5.2) - restriction: || (&& (== net472) (>= dnxcore50)) (&& (== net472) (< net20) (< netstandard2.0)) (&& (== netcoreapp2.1) (>= dnxcore50)) (&& (== netcoreapp2.1) (< netstandard2.0)) (&& (== netcoreapp2.2) (>= dnxcore50)) (&& (== netcoreapp2.2) (< netstandard2.0)) (== netstandard1.3)
      System.Collections (>= 4.3) - restriction: || (&& (== net472) (< net45) (< netstandard2.0)) (&& (== netcoreapp2.1) (< netstandard2.0)) (&& (== netcoreapp2.2) (< netstandard2.0)) (== netstandard1.3)
      System.Runtime (>= 4.3) - restriction: || (&& (== net472) (< net45) (< netstandard2.0)) (&& (== netcoreapp2.1) (< netstandard2.0)) (&& (== netcoreapp2.2) (< netstandard2.0)) (== netstandard1.3)
      System.Runtime.CompilerServices.Unsafe (>= 4.5.2) - restriction: || (== net472) (&& (== netcoreapp2.1) (>= net45)) (&& (== netcoreapp2.1) (< netstandard1.0)) (&& (== netcoreapp2.1) (< netstandard2.0)) (&& (== netcoreapp2.1) (>= wp8)) (&& (== netcoreapp2.2) (>= net45)) (&& (== netcoreapp2.2) (< netcoreapp2.1)) (&& (== netcoreapp2.2) (< netstandard1.0)) (&& (== netcoreapp2.2) (< netstandard2.0)) (&& (== netcoreapp2.2) (>= wp8)) (== netstandard1.3) (== netstandard2.0)
      System.Threading.Tasks (>= 4.3) - restriction: || (&& (== net472) (< net45) (< netstandard2.0)) (&& (== netcoreapp2.1) (< netstandard2.0)) (&& (== netcoreapp2.2) (< netstandard2.0)) (== netstandard1.3)
    System.Threading.Thread (4.3) - restriction: || (&& (== net472) (< net35)) (&& (== net472) (< net45)) (== netcoreapp2.1) (== netcoreapp2.2) (== netstandard1.3) (== netstandard2.0)
      System.Runtime (>= 4.3) - restriction: || (&& (== net472) (< net46)) (== netcoreapp2.1) (== netcoreapp2.2) (== netstandard1.3) (== netstandard2.0)
    System.Threading.ThreadPool (4.3) - restriction: || (&& (== net472) (>= dnxcore50)) (&& (== net472) (< net35)) (&& (== net472) (< net45)) (&& (== net472) (>= uap10.1)) (== netcoreapp2.1) (== netcoreapp2.2) (== netstandard1.3) (== netstandard2.0)
      System.Runtime (>= 4.3) - restriction: || (&& (== net472) (< net46)) (== netcoreapp2.1) (== netcoreapp2.2) (== netstandard1.3) (== netstandard2.0)
      System.Runtime.Handles (>= 4.3) - restriction: || (&& (== net472) (< net46)) (== netcoreapp2.1) (== netcoreapp2.2) (== netstandard1.3) (== netstandard2.0)
    System.Threading.Timer (4.3) - restriction: || (&& (== net472) (== netstandard2.0) (< netstandard1.4)) (&& (== net472) (== netstandard2.0) (< netstandard1.5)) (&& (== net472) (== netstandard2.0) (< netstandard1.6)) (&& (== net472) (< net20) (< netstandard1.3)) (&& (== net472) (< net20) (< netstandard1.4)) (&& (== net472) (< net20) (< netstandard1.5)) (&& (== net472) (< net20) (< netstandard1.6)) (&& (== net472) (< net20) (< netstandard2.0)) (&& (== net472) (< netstandard1.3) (>= uap10.0)) (&& (== net472) (< netstandard1.5) (>= uap10.0)) (&& (== netcoreapp2.1) (< netstandard1.3)) (&& (== netcoreapp2.1) (< netstandard1.4)) (&& (== netcoreapp2.1) (< netstandard1.5)) (&& (== netcoreapp2.1) (< netstandard1.6)) (&& (== netcoreapp2.1) (< netstandard2.0)) (&& (== netcoreapp2.2) (< netstandard1.3)) (&& (== netcoreapp2.2) (< netstandard1.4)) (&& (== netcoreapp2.2) (< netstandard1.5)) (&& (== netcoreapp2.2) (< netstandard1.6)) (&& (== netcoreapp2.2) (< netstandard2.0)) (== netstandard1.3) (&& (== netstandard2.0) (< netstandard1.3))
      Microsoft.NETCore.Platforms (>= 1.1) - restriction: || (&& (== net472) (>= dnxcore50)) (&& (== net472) (< net451)) (== netcoreapp2.1) (== netcoreapp2.2) (== netstandard1.3) (== netstandard2.0)
      Microsoft.NETCore.Targets (>= 1.1) - restriction: || (&& (== net472) (>= dnxcore50)) (&& (== net472) (< net451)) (== netcoreapp2.1) (== netcoreapp2.2) (== netstandard1.3) (== netstandard2.0)
      System.Runtime (>= 4.3) - restriction: || (&& (== net472) (>= dnxcore50)) (&& (== net472) (< net451)) (== netcoreapp2.1) (== netcoreapp2.2) (== netstandard1.3) (== netstandard2.0)
    System.ValueTuple (4.5) - restriction: || (== net472) (&& (== netcoreapp2.1) (>= net45)) (&& (== netcoreapp2.2) (>= net45)) (&& (== netstandard1.3) (>= net45)) (&& (== netstandard2.0) (>= net45))
    System.Xml.ReaderWriter (4.3.1) - restriction: || (&& (== net472) (< net20) (< netstandard2.0)) (&& (== netcoreapp2.1) (< netstandard2.0)) (&& (== netcoreapp2.2) (< netstandard2.0)) (== netstandard1.3)
      System.Collections (>= 4.3) - restriction: || (&& (== net472) (>= dnxcore50)) (&& (== net472) (< net45)) (== netcoreapp2.1) (== netcoreapp2.2) (== netstandard1.3) (== netstandard2.0)
      System.Diagnostics.Debug (>= 4.3) - restriction: || (&& (== net472) (>= dnxcore50)) (&& (== net472) (< net45)) (== netcoreapp2.1) (== netcoreapp2.2) (== netstandard1.3) (== netstandard2.0)
      System.Globalization (>= 4.3) - restriction: || (&& (== net472) (>= dnxcore50)) (&& (== net472) (< net45)) (== netcoreapp2.1) (== netcoreapp2.2) (== netstandard1.3) (== netstandard2.0)
      System.IO (>= 4.3) - restriction: || (&& (== net472) (>= dnxcore50)) (&& (== net472) (< net45)) (== netcoreapp2.1) (== netcoreapp2.2) (== netstandard1.3) (== netstandard2.0)
      System.IO.FileSystem (>= 4.3) - restriction: || (&& (== net472) (>= dnxcore50)) (&& (== net472) (< net45)) (== netcoreapp2.1) (== netcoreapp2.2) (== netstandard1.3) (== netstandard2.0)
      System.IO.FileSystem.Primitives (>= 4.3) - restriction: || (&& (== net472) (>= dnxcore50)) (&& (== net472) (< net45)) (== netcoreapp2.1) (== netcoreapp2.2) (== netstandard1.3) (== netstandard2.0)
      System.Resources.ResourceManager (>= 4.3) - restriction: || (&& (== net472) (>= dnxcore50)) (&& (== net472) (< net45)) (== netcoreapp2.1) (== netcoreapp2.2) (== netstandard1.3) (== netstandard2.0)
      System.Runtime (>= 4.3) - restriction: || (&& (== net472) (>= dnxcore50)) (&& (== net472) (< net45)) (== netcoreapp2.1) (== netcoreapp2.2) (== netstandard1.3) (== netstandard2.0)
      System.Runtime.Extensions (>= 4.3) - restriction: || (&& (== net472) (>= dnxcore50)) (&& (== net472) (< net45)) (== netcoreapp2.1) (== netcoreapp2.2) (== netstandard1.3) (== netstandard2.0)
      System.Runtime.InteropServices (>= 4.3) - restriction: || (&& (== net472) (>= dnxcore50)) (&& (== net472) (< net45)) (== netcoreapp2.1) (== netcoreapp2.2) (== netstandard1.3) (== netstandard2.0)
      System.Text.Encoding (>= 4.3) - restriction: || (&& (== net472) (>= dnxcore50)) (&& (== net472) (< net45)) (== netcoreapp2.1) (== netcoreapp2.2) (== netstandard1.3) (== netstandard2.0)
      System.Text.Encoding.Extensions (>= 4.3) - restriction: || (&& (== net472) (>= dnxcore50)) (&& (== net472) (< net45)) (== netcoreapp2.1) (== netcoreapp2.2) (== netstandard1.3) (== netstandard2.0)
      System.Text.RegularExpressions (>= 4.3) - restriction: || (&& (== net472) (>= dnxcore50)) (&& (== net472) (< net45)) (== netcoreapp2.1) (== netcoreapp2.2) (== netstandard1.3) (== netstandard2.0)
      System.Threading.Tasks (>= 4.3) - restriction: || (&& (== net472) (>= dnxcore50)) (&& (== net472) (< net45)) (== netcoreapp2.1) (== netcoreapp2.2) (== netstandard1.3) (== netstandard2.0)
      System.Threading.Tasks.Extensions (>= 4.3) - restriction: || (&& (== net472) (>= dnxcore50)) (&& (== net472) (< net45)) (== netcoreapp2.1) (== netcoreapp2.2) (== netstandard1.3) (== netstandard2.0)
    System.Xml.XDocument (4.3) - restriction: || (&& (== net472) (== netstandard2.0) (< netstandard1.4)) (&& (== net472) (== netstandard2.0) (< netstandard1.5)) (&& (== net472) (== netstandard2.0) (< netstandard1.6)) (&& (== net472) (< net20) (< netstandard1.2)) (&& (== net472) (< net20) (< netstandard1.3)) (&& (== net472) (< net20) (< netstandard1.4)) (&& (== net472) (< net20) (< netstandard1.5)) (&& (== net472) (< net20) (< netstandard1.6)) (&& (== net472) (< net20) (< netstandard2.0)) (&& (== net472) (< net20) (< portable-net45+win8+wpa81)) (&& (== net472) (< netstandard1.3) (>= uap10.0)) (&& (== net472) (< netstandard1.5) (>= uap10.0)) (&& (== netcoreapp2.1) (< netstandard1.2)) (&& (== netcoreapp2.1) (< netstandard1.3)) (&& (== netcoreapp2.1) (< netstandard1.4)) (&& (== netcoreapp2.1) (< netstandard1.5)) (&& (== netcoreapp2.1) (< netstandard1.6)) (&& (== netcoreapp2.1) (< netstandard2.0)) (&& (== netcoreapp2.1) (< portable-net45+win8+wpa81)) (&& (== netcoreapp2.2) (< netstandard1.2)) (&& (== netcoreapp2.2) (< netstandard1.3)) (&& (== netcoreapp2.2) (< netstandard1.4)) (&& (== netcoreapp2.2) (< netstandard1.5)) (&& (== netcoreapp2.2) (< netstandard1.6)) (&& (== netcoreapp2.2) (< netstandard2.0)) (&& (== netcoreapp2.2) (< portable-net45+win8+wpa81)) (== netstandard1.3) (&& (== netstandard2.0) (< netstandard1.2)) (&& (== netstandard2.0) (< netstandard1.3)) (&& (== netstandard2.0) (< portable-net45+win8+wpa81))
      System.Collections (>= 4.3) - restriction: || (&& (== net472) (>= dnxcore50)) (&& (== net472) (< net45)) (== netcoreapp2.1) (== netcoreapp2.2) (== netstandard1.3) (== netstandard2.0)
      System.Diagnostics.Debug (>= 4.3) - restriction: || (&& (== net472) (>= dnxcore50)) (&& (== net472) (< net45)) (== netcoreapp2.1) (== netcoreapp2.2) (== netstandard1.3) (== netstandard2.0)
      System.Diagnostics.Tools (>= 4.3) - restriction: || (&& (== net472) (>= dnxcore50)) (&& (== net472) (< net45)) (== netcoreapp2.1) (== netcoreapp2.2) (== netstandard1.3) (== netstandard2.0)
      System.Globalization (>= 4.3) - restriction: || (&& (== net472) (>= dnxcore50)) (&& (== net472) (< net45)) (== netcoreapp2.1) (== netcoreapp2.2) (== netstandard1.3) (== netstandard2.0)
      System.IO (>= 4.3) - restriction: || (&& (== net472) (>= dnxcore50)) (&& (== net472) (< net45)) (== netcoreapp2.1) (== netcoreapp2.2) (== netstandard1.3) (== netstandard2.0)
      System.Reflection (>= 4.3) - restriction: || (&& (== net472) (>= dnxcore50)) (&& (== net472) (< net45)) (== netcoreapp2.1) (== netcoreapp2.2) (== netstandard1.3) (== netstandard2.0)
      System.Resources.ResourceManager (>= 4.3) - restriction: || (&& (== net472) (>= dnxcore50)) (&& (== net472) (< net45)) (== netcoreapp2.1) (== netcoreapp2.2) (== netstandard1.3) (== netstandard2.0)
      System.Runtime (>= 4.3) - restriction: || (&& (== net472) (>= dnxcore50)) (&& (== net472) (< net45)) (== netcoreapp2.1) (== netcoreapp2.2) (== netstandard1.3) (== netstandard2.0)
      System.Runtime.Extensions (>= 4.3) - restriction: || (&& (== net472) (>= dnxcore50)) (&& (== net472) (< net45)) (== netcoreapp2.1) (== netcoreapp2.2) (== netstandard1.3) (== netstandard2.0)
      System.Text.Encoding (>= 4.3) - restriction: || (&& (== net472) (>= dnxcore50)) (&& (== net472) (< net45)) (== netcoreapp2.1) (== netcoreapp2.2) (== netstandard1.3) (== netstandard2.0)
      System.Threading (>= 4.3) - restriction: || (&& (== net472) (>= dnxcore50)) (&& (== net472) (< net45)) (== netcoreapp2.1) (== netcoreapp2.2) (== netstandard1.3) (== netstandard2.0)
      System.Xml.ReaderWriter (>= 4.3) - restriction: || (&& (== net472) (>= dnxcore50)) (&& (== net472) (< net45)) (== netcoreapp2.1) (== netcoreapp2.2) (== netstandard1.3) (== netstandard2.0)
    System.Xml.XmlDocument (4.3) - restriction: || (&& (== net472) (< net20) (< netstandard2.0)) (&& (== netcoreapp2.1) (< netstandard2.0)) (&& (== netcoreapp2.2) (< netstandard2.0)) (== netstandard1.3)
      System.Collections (>= 4.3) - restriction: || (&& (== net472) (< net46)) (== netcoreapp2.1) (== netcoreapp2.2) (== netstandard1.3) (== netstandard2.0)
      System.Diagnostics.Debug (>= 4.3) - restriction: || (&& (== net472) (< net46)) (== netcoreapp2.1) (== netcoreapp2.2) (== netstandard1.3) (== netstandard2.0)
      System.Globalization (>= 4.3) - restriction: || (&& (== net472) (< net46)) (== netcoreapp2.1) (== netcoreapp2.2) (== netstandard1.3) (== netstandard2.0)
      System.IO (>= 4.3) - restriction: || (&& (== net472) (< net46)) (== netcoreapp2.1) (== netcoreapp2.2) (== netstandard1.3) (== netstandard2.0)
      System.Resources.ResourceManager (>= 4.3) - restriction: || (&& (== net472) (< net46)) (== netcoreapp2.1) (== netcoreapp2.2) (== netstandard1.3) (== netstandard2.0)
      System.Runtime (>= 4.3) - restriction: || (&& (== net472) (< net46)) (== netcoreapp2.1) (== netcoreapp2.2) (== netstandard1.3) (== netstandard2.0)
      System.Runtime.Extensions (>= 4.3) - restriction: || (&& (== net472) (< net46)) (== netcoreapp2.1) (== netcoreapp2.2) (== netstandard1.3) (== netstandard2.0)
      System.Text.Encoding (>= 4.3) - restriction: || (&& (== net472) (< net46)) (== netcoreapp2.1) (== netcoreapp2.2) (== netstandard1.3) (== netstandard2.0)
      System.Threading (>= 4.3) - restriction: || (&& (== net472) (< net46)) (== netcoreapp2.1) (== netcoreapp2.2) (== netstandard1.3) (== netstandard2.0)
      System.Xml.ReaderWriter (>= 4.3) - restriction: || (&& (== net472) (< net46)) (== netcoreapp2.1) (== netcoreapp2.2) (== netstandard1.3) (== netstandard2.0)
    System.Xml.XmlSerializer (4.3) - restriction: || (&& (== net472) (>= dnxcore50)) (&& (== net472) (< net35) (< netstandard2.0)) (&& (== net472) (>= uap10.1)) (&& (== netcoreapp2.1) (>= dnxcore50)) (&& (== netcoreapp2.1) (< netstandard2.0)) (&& (== netcoreapp2.2) (>= dnxcore50)) (&& (== netcoreapp2.2) (< netstandard2.0)) (== netstandard1.3) (&& (== netstandard2.0) (>= dnxcore50))
      System.Collections (>= 4.3) - restriction: || (&& (== net472) (>= dnxcore50)) (&& (== net472) (< net45)) (== netcoreapp2.1) (== netcoreapp2.2) (== netstandard1.3) (== netstandard2.0)
      System.Globalization (>= 4.3) - restriction: || (&& (== net472) (>= dnxcore50)) (&& (== net472) (< net45)) (== netcoreapp2.1) (== netcoreapp2.2) (== netstandard1.3) (== netstandard2.0)
      System.IO (>= 4.3) - restriction: || (&& (== net472) (>= dnxcore50)) (&& (== net472) (< net45)) (== netcoreapp2.1) (== netcoreapp2.2) (== netstandard1.3) (== netstandard2.0)
      System.Linq (>= 4.3) - restriction: || (&& (== net472) (>= dnxcore50)) (&& (== net472) (< net45)) (== netcoreapp2.1) (== netcoreapp2.2) (== netstandard1.3) (== netstandard2.0)
      System.Reflection (>= 4.3) - restriction: || (&& (== net472) (>= dnxcore50)) (&& (== net472) (< net45)) (== netcoreapp2.1) (== netcoreapp2.2) (== netstandard1.3) (== netstandard2.0)
      System.Reflection.Emit (>= 4.3) - restriction: || (&& (== net472) (>= dnxcore50)) (&& (== net472) (< net45)) (== netcoreapp2.1) (== netcoreapp2.2) (== netstandard1.3) (== netstandard2.0)
      System.Reflection.Emit.ILGeneration (>= 4.3) - restriction: || (&& (== net472) (>= dnxcore50)) (&& (== net472) (< net45)) (== netcoreapp2.1) (== netcoreapp2.2) (== netstandard1.3) (== netstandard2.0)
      System.Reflection.Extensions (>= 4.3) - restriction: || (&& (== net472) (>= dnxcore50)) (&& (== net472) (< net45)) (== netcoreapp2.1) (== netcoreapp2.2) (== netstandard1.3) (== netstandard2.0)
      System.Reflection.Primitives (>= 4.3) - restriction: || (&& (== net472) (>= dnxcore50)) (&& (== net472) (< net45)) (== netcoreapp2.1) (== netcoreapp2.2) (== netstandard1.3) (== netstandard2.0)
      System.Reflection.TypeExtensions (>= 4.3) - restriction: || (&& (== net472) (>= dnxcore50)) (&& (== net472) (< net45)) (== netcoreapp2.1) (== netcoreapp2.2) (== netstandard1.3) (== netstandard2.0)
      System.Resources.ResourceManager (>= 4.3) - restriction: || (&& (== net472) (>= dnxcore50)) (&& (== net472) (< net45)) (== netcoreapp2.1) (== netcoreapp2.2) (== netstandard1.3) (== netstandard2.0)
      System.Runtime (>= 4.3) - restriction: || (&& (== net472) (>= dnxcore50)) (&& (== net472) (< net45)) (== netcoreapp2.1) (== netcoreapp2.2) (== netstandard1.3) (== netstandard2.0)
      System.Runtime.Extensions (>= 4.3) - restriction: || (&& (== net472) (>= dnxcore50)) (&& (== net472) (< net45)) (== netcoreapp2.1) (== netcoreapp2.2) (== netstandard1.3) (== netstandard2.0)
      System.Text.RegularExpressions (>= 4.3) - restriction: || (&& (== net472) (>= dnxcore50)) (&& (== net472) (< net45)) (== netcoreapp2.1) (== netcoreapp2.2) (== netstandard1.3) (== netstandard2.0)
      System.Threading (>= 4.3) - restriction: || (&& (== net472) (>= dnxcore50)) (&& (== net472) (< net45)) (== netcoreapp2.1) (== netcoreapp2.2) (== netstandard1.3) (== netstandard2.0)
      System.Xml.ReaderWriter (>= 4.3) - restriction: || (&& (== net472) (>= dnxcore50)) (&& (== net472) (< net45)) (== netcoreapp2.1) (== netcoreapp2.2) (== netstandard1.3) (== netstandard2.0)
      System.Xml.XmlDocument (>= 4.3) - restriction: || (&& (== net472) (>= dnxcore50)) (&& (== net472) (< net45)) (== netcoreapp2.1) (== netcoreapp2.2) (== netstandard1.3) (== netstandard2.0)
    Trinet.Core.IO.Ntfs (4.1.1)
    XPlot.Plotly (1.5)
      FSharp.Core
      Newtonsoft.Json (>= 11.0.2)
    xunit (2.1)
      xunit.assert (2.1)
      xunit.core (2.1)
    xunit.abstractions (2.0)
    xunit.assert (2.1)
    xunit.core (2.1)
      xunit.extensibility.core (2.1)
      xunit.extensibility.execution (2.1)
    xunit.extensibility.core (2.1)
      xunit.abstractions (2.0)
    xunit.extensibility.execution (2.1)
      xunit.extensibility.core (2.1) - restriction: || (== net472) (&& (== netcoreapp2.1) (>= dnx451)) (&& (== netcoreapp2.1) (>= dnxcore50)) (&& (== netcoreapp2.1) (>= monoandroid)) (&& (== netcoreapp2.1) (>= monotouch)) (&& (== netcoreapp2.1) (>= net45)) (&& (== netcoreapp2.1) (>= win8)) (&& (== netcoreapp2.1) (>= wp8)) (&& (== netcoreapp2.1) (>= wpa81)) (&& (== netcoreapp2.1) (>= xamarinios)) (&& (== netcoreapp2.2) (>= dnx451)) (&& (== netcoreapp2.2) (>= dnxcore50)) (&& (== netcoreapp2.2) (>= monoandroid)) (&& (== netcoreapp2.2) (>= monotouch)) (&& (== netcoreapp2.2) (>= net45)) (&& (== netcoreapp2.2) (>= win8)) (&& (== netcoreapp2.2) (>= wp8)) (&& (== netcoreapp2.2) (>= wpa81)) (&& (== netcoreapp2.2) (>= xamarinios)) (&& (== netstandard1.3) (>= dnx451)) (&& (== netstandard1.3) (>= dnxcore50)) (&& (== netstandard1.3) (>= monoandroid)) (&& (== netstandard1.3) (>= monotouch)) (&& (== netstandard1.3) (>= net45)) (&& (== netstandard1.3) (>= win8)) (&& (== netstandard1.3) (>= wp8)) (&& (== netstandard1.3) (>= wpa81)) (&& (== netstandard1.3) (>= xamarinios)) (&& (== netstandard2.0) (>= dnx451)) (&& (== netstandard2.0) (>= dnxcore50)) (&& (== netstandard2.0) (>= monoandroid)) (&& (== netstandard2.0) (>= monotouch)) (&& (== netstandard2.0) (>= net45)) (&& (== netstandard2.0) (>= win8)) (&& (== netstandard2.0) (>= wp8)) (&& (== netstandard2.0) (>= wpa81)) (&& (== netstandard2.0) (>= xamarinios))
    xunit.runner.console (2.1)
